STORAGE: NONE
NUGET
  remote: https://api.nuget.org/v3/index.json
    FSharp.Core (4.5.2) - restriction: || (>= net461) (>= netstandard2.0)
    Giraffe (3.4)
      FSharp.Core (>= 4.5.2) - restriction: || (>= net461) (>= netstandard2.0)
      Microsoft.AspNetCore.Authentication (>= 2.1.2) - restriction: || (>= net461) (>= netstandard2.0)
      Microsoft.AspNetCore.Authorization (>= 2.1.2) - restriction: || (>= net461) (>= netstandard2.0)
      Microsoft.AspNetCore.Diagnostics (>= 2.1.1) - restriction: || (>= net461) (>= netstandard2.0)
      Microsoft.AspNetCore.Hosting.Abstractions (>= 2.1.1) - restriction: || (>= net461) (>= netstandard2.0)
      Microsoft.AspNetCore.ResponseCaching (>= 2.1.1) - restriction: || (>= net461) (>= netstandard2.0)
      Newtonsoft.Json (>= 11.0.2) - restriction: || (>= net461) (>= netstandard2.0)
      System.Text.RegularExpressions (>= 4.3) - restriction: || (>= net461) (>= netstandard2.0)
      System.ValueTuple (>= 4.4) - restriction: >= net461
      System.Xml.XmlSerializer (>= 4.3) - restriction: || (>= net461) (>= netstandard2.0)
      TaskBuilder.fs (>= 2.1) - restriction: || (>= net461) (>= netstandard2.0)
      Utf8Json (>= 1.3.7) - restriction: || (>= net461) (>= netstandard2.0)
    Microsoft.AspNet.WebApi.Client (5.2.6) - restriction: >= netcoreapp2.1
      Newtonsoft.Json (>= 10.0.1) - restriction: && (< net45) (>= netstandard2.0)
      Newtonsoft.Json.Bson (>= 1.0.1) - restriction: && (< net45) (>= netstandard2.0)
    Microsoft.AspNetCore (2.1.4) - restriction: >= netcoreapp2.1
      Microsoft.AspNetCore.Diagnostics (>= 2.1.1) - restriction: >= netstandard2.0
      Microsoft.AspNetCore.HostFiltering (>= 2.1.1) - restriction: >= netstandard2.0
      Microsoft.AspNetCore.Hosting (>= 2.1.1) - restriction: >= netstandard2.0
      Microsoft.AspNetCore.Routing (>= 2.1.1) - restriction: >= netstandard2.0
      Microsoft.AspNetCore.Server.IISIntegration (>= 2.1.2) - restriction: >= netstandard2.0
      Microsoft.AspNetCore.Server.Kestrel (>= 2.1.3) - restriction: >= netstandard2.0
      Microsoft.AspNetCore.Server.Kestrel.Https (>= 2.1.3) - restriction: >= netstandard2.0
      Microsoft.Extensions.Configuration.CommandLine (>= 2.1.1) - restriction: >= netstandard2.0
      Microsoft.Extensions.Configuration.EnvironmentVariables (>= 2.1.1) - restriction: >= netstandard2.0
      Microsoft.Extensions.Configuration.FileExtensions (>= 2.1.1) - restriction: >= netstandard2.0
      Microsoft.Extensions.Configuration.Json (>= 2.1.1) - restriction: >= netstandard2.0
      Microsoft.Extensions.Configuration.UserSecrets (>= 2.1.1) - restriction: >= netstandard2.0
      Microsoft.Extensions.Logging (>= 2.1.1) - restriction: >= netstandard2.0
      Microsoft.Extensions.Logging.Configuration (>= 2.1.1) - restriction: >= netstandard2.0
      Microsoft.Extensions.Logging.Console (>= 2.1.1) - restriction: >= netstandard2.0
      Microsoft.Extensions.Logging.Debug (>= 2.1.1) - restriction: >= netstandard2.0
    Microsoft.AspNetCore.Antiforgery (2.1.1) - restriction: >= netcoreapp2.1
      Microsoft.AspNetCore.DataProtection (>= 2.1.1) - restriction: >= netstandard2.0
      Microsoft.AspNetCore.Http.Abstractions (>= 2.1.1) - restriction: >= netstandard2.0
      Microsoft.AspNetCore.Http.Extensions (>= 2.1.1) - restriction: >= netstandard2.0
      Microsoft.AspNetCore.WebUtilities (>= 2.1.1) - restriction: >= netstandard2.0
      Microsoft.Extensions.ObjectPool (>= 2.1.1) - restriction: >= netstandard2.0
    Microsoft.AspNetCore.App (2.1.5)
      Microsoft.AspNet.WebApi.Client (>= 5.2.6 < 5.3) - restriction: >= netcoreapp2.1
      Microsoft.AspNetCore (>= 2.1.4 < 2.2) - restriction: >= netcoreapp2.1
      Microsoft.AspNetCore.Antiforgery (>= 2.1.1 < 2.2) - restriction: >= netcoreapp2.1
      Microsoft.AspNetCore.Authentication (>= 2.1.2 < 2.2) - restriction: >= netcoreapp2.1
      Microsoft.AspNetCore.Authentication.Abstractions (>= 2.1.1 < 2.2) - restriction: >= netcoreapp2.1
      Microsoft.AspNetCore.Authentication.Cookies (>= 2.1.2 < 2.2) - restriction: >= netcoreapp2.1
      Microsoft.AspNetCore.Authentication.Core (>= 2.1.1 < 2.2) - restriction: >= netcoreapp2.1
      Microsoft.AspNetCore.Authentication.Facebook (>= 2.1.2 < 2.2) - restriction: >= netcoreapp2.1
      Microsoft.AspNetCore.Authentication.Google (>= 2.1.2 < 2.2) - restriction: >= netcoreapp2.1
      Microsoft.AspNetCore.Authentication.JwtBearer (>= 2.1.2 < 2.2) - restriction: >= netcoreapp2.1
      Microsoft.AspNetCore.Authentication.MicrosoftAccount (>= 2.1.2 < 2.2) - restriction: >= netcoreapp2.1
      Microsoft.AspNetCore.Authentication.OAuth (>= 2.1.2 < 2.2) - restriction: >= netcoreapp2.1
      Microsoft.AspNetCore.Authentication.OpenIdConnect (>= 2.1.2 < 2.2) - restriction: >= netcoreapp2.1
      Microsoft.AspNetCore.Authentication.Twitter (>= 2.1.2 < 2.2) - restriction: >= netcoreapp2.1
      Microsoft.AspNetCore.Authentication.WsFederation (>= 2.1.2 < 2.2) - restriction: >= netcoreapp2.1
      Microsoft.AspNetCore.Authorization (>= 2.1.2 < 2.2) - restriction: >= netcoreapp2.1
      Microsoft.AspNetCore.Authorization.Policy (>= 2.1.2 < 2.2) - restriction: >= netcoreapp2.1
      Microsoft.AspNetCore.Connections.Abstractions (>= 2.1.3 < 2.2) - restriction: >= netcoreapp2.1
      Microsoft.AspNetCore.CookiePolicy (>= 2.1.2 < 2.2) - restriction: >= netcoreapp2.1
      Microsoft.AspNetCore.Cors (>= 2.1.1 < 2.2) - restriction: >= netcoreapp2.1
      Microsoft.AspNetCore.Cryptography.Internal (>= 2.1.1 < 2.2) - restriction: >= netcoreapp2.1
      Microsoft.AspNetCore.Cryptography.KeyDerivation (>= 2.1.1 < 2.2) - restriction: >= netcoreapp2.1
      Microsoft.AspNetCore.DataProtection (>= 2.1.1 < 2.2) - restriction: >= netcoreapp2.1
      Microsoft.AspNetCore.DataProtection.Abstractions (>= 2.1.1 < 2.2) - restriction: >= netcoreapp2.1
      Microsoft.AspNetCore.DataProtection.Extensions (>= 2.1.1 < 2.2) - restriction: >= netcoreapp2.1
      Microsoft.AspNetCore.Diagnostics (>= 2.1.1 < 2.2) - restriction: >= netcoreapp2.1
      Microsoft.AspNetCore.Diagnostics.Abstractions (>= 2.1.1 < 2.2) - restriction: >= netcoreapp2.1
      Microsoft.AspNetCore.Diagnostics.EntityFrameworkCore (>= 2.1.1 < 2.2) - restriction: >= netcoreapp2.1
      Microsoft.AspNetCore.HostFiltering (>= 2.1.1 < 2.2) - restriction: >= netcoreapp2.1
      Microsoft.AspNetCore.Hosting (>= 2.1.1 < 2.2) - restriction: >= netcoreapp2.1
      Microsoft.AspNetCore.Hosting.Abstractions (>= 2.1.1 < 2.2) - restriction: >= netcoreapp2.1
      Microsoft.AspNetCore.Hosting.Server.Abstractions (>= 2.1.1 < 2.2) - restriction: >= netcoreapp2.1
      Microsoft.AspNetCore.Html.Abstractions (>= 2.1.1 < 2.2) - restriction: >= netcoreapp2.1
      Microsoft.AspNetCore.Http (>= 2.1.1 < 2.2) - restriction: >= netcoreapp2.1
      Microsoft.AspNetCore.Http.Abstractions (>= 2.1.1 < 2.2) - restriction: >= netcoreapp2.1
      Microsoft.AspNetCore.Http.Connections (>= 1.0.4 < 1.1) - restriction: >= netcoreapp2.1
      Microsoft.AspNetCore.Http.Connections.Common (>= 1.0.4 < 1.1) - restriction: >= netcoreapp2.1
      Microsoft.AspNetCore.Http.Extensions (>= 2.1.1 < 2.2) - restriction: >= netcoreapp2.1
      Microsoft.AspNetCore.Http.Features (>= 2.1.1 < 2.2) - restriction: >= netcoreapp2.1
      Microsoft.AspNetCore.HttpOverrides (>= 2.1.1 < 2.2) - restriction: >= netcoreapp2.1
      Microsoft.AspNetCore.HttpsPolicy (>= 2.1.1 < 2.2) - restriction: >= netcoreapp2.1
      Microsoft.AspNetCore.Identity (>= 2.1.3 < 2.2) - restriction: >= netcoreapp2.1
      Microsoft.AspNetCore.Identity.EntityFrameworkCore (>= 2.1.3 < 2.2) - restriction: >= netcoreapp2.1
      Microsoft.AspNetCore.Identity.UI (>= 2.1.3 < 2.2) - restriction: >= netcoreapp2.1
      Microsoft.AspNetCore.JsonPatch (>= 2.1.1 < 2.2) - restriction: >= netcoreapp2.1
      Microsoft.AspNetCore.Localization (>= 2.1.1 < 2.2) - restriction: >= netcoreapp2.1
      Microsoft.AspNetCore.Localization.Routing (>= 2.1.1 < 2.2) - restriction: >= netcoreapp2.1
      Microsoft.AspNetCore.MiddlewareAnalysis (>= 2.1.1 < 2.2) - restriction: >= netcoreapp2.1
      Microsoft.AspNetCore.Mvc (>= 2.1.3 < 2.2) - restriction: >= netcoreapp2.1
      Microsoft.AspNetCore.Mvc.Abstractions (>= 2.1.3 < 2.2) - restriction: >= netcoreapp2.1
      Microsoft.AspNetCore.Mvc.Analyzers (>= 2.1.3 < 2.2) - restriction: >= netcoreapp2.1
      Microsoft.AspNetCore.Mvc.ApiExplorer (>= 2.1.3 < 2.2) - restriction: >= netcoreapp2.1
      Microsoft.AspNetCore.Mvc.Core (>= 2.1.3 < 2.2) - restriction: >= netcoreapp2.1
      Microsoft.AspNetCore.Mvc.Cors (>= 2.1.3 < 2.2) - restriction: >= netcoreapp2.1
      Microsoft.AspNetCore.Mvc.DataAnnotations (>= 2.1.3 < 2.2) - restriction: >= netcoreapp2.1
      Microsoft.AspNetCore.Mvc.Formatters.Json (>= 2.1.3 < 2.2) - restriction: >= netcoreapp2.1
      Microsoft.AspNetCore.Mvc.Formatters.Xml (>= 2.1.3 < 2.2) - restriction: >= netcoreapp2.1
      Microsoft.AspNetCore.Mvc.Localization (>= 2.1.3 < 2.2) - restriction: >= netcoreapp2.1
      Microsoft.AspNetCore.Mvc.Razor (>= 2.1.3 < 2.2) - restriction: >= netcoreapp2.1
      Microsoft.AspNetCore.Mvc.Razor.Extensions (>= 2.1.2 < 2.2) - restriction: >= netcoreapp2.1
      Microsoft.AspNetCore.Mvc.Razor.ViewCompilation (>= 2.1.1 < 2.2) - restriction: >= netcoreapp2.1
      Microsoft.AspNetCore.Mvc.RazorPages (>= 2.1.3 < 2.2) - restriction: >= netcoreapp2.1
      Microsoft.AspNetCore.Mvc.TagHelpers (>= 2.1.3 < 2.2) - restriction: >= netcoreapp2.1
      Microsoft.AspNetCore.Mvc.ViewFeatures (>= 2.1.3 < 2.2) - restriction: >= netcoreapp2.1
      Microsoft.AspNetCore.NodeServices (>= 2.1.1 < 2.2) - restriction: >= netcoreapp2.1
      Microsoft.AspNetCore.Owin (>= 2.1.1 < 2.2) - restriction: >= netcoreapp2.1
      Microsoft.AspNetCore.Razor (>= 2.1.2 < 2.2) - restriction: >= netcoreapp2.1
      Microsoft.AspNetCore.Razor.Design (>= 2.1.2 < 2.2) - restriction: >= netcoreapp2.1
      Microsoft.AspNetCore.Razor.Language (>= 2.1.2 < 2.2) - restriction: >= netcoreapp2.1
      Microsoft.AspNetCore.Razor.Runtime (>= 2.1.2 < 2.2) - restriction: >= netcoreapp2.1
      Microsoft.AspNetCore.ResponseCaching (>= 2.1.1 < 2.2) - restriction: >= netcoreapp2.1
      Microsoft.AspNetCore.ResponseCaching.Abstractions (>= 2.1.1 < 2.2) - restriction: >= netcoreapp2.1
      Microsoft.AspNetCore.ResponseCompression (>= 2.1.1 < 2.2) - restriction: >= netcoreapp2.1
      Microsoft.AspNetCore.Rewrite (>= 2.1.1 < 2.2) - restriction: >= netcoreapp2.1
      Microsoft.AspNetCore.Routing (>= 2.1.1 < 2.2) - restriction: >= netcoreapp2.1
      Microsoft.AspNetCore.Routing.Abstractions (>= 2.1.1 < 2.2) - restriction: >= netcoreapp2.1
      Microsoft.AspNetCore.Server.HttpSys (>= 2.1.1 < 2.2) - restriction: >= netcoreapp2.1
      Microsoft.AspNetCore.Server.IISIntegration (>= 2.1.2 < 2.2) - restriction: >= netcoreapp2.1
      Microsoft.AspNetCore.Server.Kestrel (>= 2.1.3 < 2.2) - restriction: >= netcoreapp2.1
      Microsoft.AspNetCore.Server.Kestrel.Core (>= 2.1.3 < 2.2) - restriction: >= netcoreapp2.1
      Microsoft.AspNetCore.Server.Kestrel.Https (>= 2.1.3 < 2.2) - restriction: >= netcoreapp2.1
      Microsoft.AspNetCore.Server.Kestrel.Transport.Abstractions (>= 2.1.3 < 2.2) - restriction: >= netcoreapp2.1
      Microsoft.AspNetCore.Server.Kestrel.Transport.Sockets (>= 2.1.3 < 2.2) - restriction: >= netcoreapp2.1
      Microsoft.AspNetCore.Session (>= 2.1.1 < 2.2) - restriction: >= netcoreapp2.1
      Microsoft.AspNetCore.SignalR (>= 1.0.4 < 1.1) - restriction: >= netcoreapp2.1
      Microsoft.AspNetCore.SignalR.Common (>= 1.0.4 < 1.1) - restriction: >= netcoreapp2.1
      Microsoft.AspNetCore.SignalR.Core (>= 1.0.4 < 1.1) - restriction: >= netcoreapp2.1
      Microsoft.AspNetCore.SignalR.Protocols.Json (>= 1.0.4 < 1.1) - restriction: >= netcoreapp2.1
      Microsoft.AspNetCore.SpaServices (>= 2.1.1 < 2.2) - restriction: >= netcoreapp2.1
      Microsoft.AspNetCore.SpaServices.Extensions (>= 2.1.1 < 2.2) - restriction: >= netcoreapp2.1
      Microsoft.AspNetCore.StaticFiles (>= 2.1.1 < 2.2) - restriction: >= netcoreapp2.1
      Microsoft.AspNetCore.WebSockets (>= 2.1.1 < 2.2) - restriction: >= netcoreapp2.1
      Microsoft.AspNetCore.WebUtilities (>= 2.1.1 < 2.2) - restriction: >= netcoreapp2.1
      Microsoft.CodeAnalysis.Razor (>= 2.1.2 < 2.2) - restriction: >= netcoreapp2.1
      Microsoft.EntityFrameworkCore (>= 2.1.4 < 2.2) - restriction: >= netcoreapp2.1
      Microsoft.EntityFrameworkCore.Abstractions (>= 2.1.4 < 2.2) - restriction: >= netcoreapp2.1
      Microsoft.EntityFrameworkCore.Analyzers (>= 2.1.4 < 2.2) - restriction: >= netcoreapp2.1
      Microsoft.EntityFrameworkCore.Design (>= 2.1.4 < 2.2) - restriction: >= netcoreapp2.1
      Microsoft.EntityFrameworkCore.InMemory (>= 2.1.4 < 2.2) - restriction: >= netcoreapp2.1
      Microsoft.EntityFrameworkCore.Relational (>= 2.1.4 < 2.2) - restriction: >= netcoreapp2.1
      Microsoft.EntityFrameworkCore.SqlServer (>= 2.1.4 < 2.2) - restriction: >= netcoreapp2.1
      Microsoft.EntityFrameworkCore.Tools (>= 2.1.4 < 2.2) - restriction: >= netcoreapp2.1
      Microsoft.Extensions.Caching.Abstractions (>= 2.1.2 < 2.2) - restriction: >= netcoreapp2.1
      Microsoft.Extensions.Caching.Memory (>= 2.1.2 < 2.2) - restriction: >= netcoreapp2.1
      Microsoft.Extensions.Caching.SqlServer (>= 2.1.2 < 2.2) - restriction: >= netcoreapp2.1
      Microsoft.Extensions.Configuration (>= 2.1.1 < 2.2) - restriction: >= netcoreapp2.1
      Microsoft.Extensions.Configuration.Abstractions (>= 2.1.1 < 2.2) - restriction: >= netcoreapp2.1
      Microsoft.Extensions.Configuration.Binder (>= 2.1.1 < 2.2) - restriction: >= netcoreapp2.1
      Microsoft.Extensions.Configuration.CommandLine (>= 2.1.1 < 2.2) - restriction: >= netcoreapp2.1
      Microsoft.Extensions.Configuration.EnvironmentVariables (>= 2.1.1 < 2.2) - restriction: >= netcoreapp2.1
      Microsoft.Extensions.Configuration.FileExtensions (>= 2.1.1 < 2.2) - restriction: >= netcoreapp2.1
      Microsoft.Extensions.Configuration.Ini (>= 2.1.1 < 2.2) - restriction: >= netcoreapp2.1
      Microsoft.Extensions.Configuration.Json (>= 2.1.1 < 2.2) - restriction: >= netcoreapp2.1
      Microsoft.Extensions.Configuration.KeyPerFile (>= 2.1.1 < 2.2) - restriction: >= netcoreapp2.1
      Microsoft.Extensions.Configuration.UserSecrets (>= 2.1.1 < 2.2) - restriction: >= netcoreapp2.1
      Microsoft.Extensions.Configuration.Xml (>= 2.1.1 < 2.2) - restriction: >= netcoreapp2.1
      Microsoft.Extensions.DependencyInjection (>= 2.1.1 < 2.2) - restriction: >= netcoreapp2.1
      Microsoft.Extensions.DependencyInjection.Abstractions (>= 2.1.1 < 2.2) - restriction: >= netcoreapp2.1
      Microsoft.Extensions.DiagnosticAdapter (>= 2.1 < 2.2) - restriction: >= netcoreapp2.1
      Microsoft.Extensions.FileProviders.Abstractions (>= 2.1.1 < 2.2) - restriction: >= netcoreapp2.1
      Microsoft.Extensions.FileProviders.Composite (>= 2.1.1 < 2.2) - restriction: >= netcoreapp2.1
      Microsoft.Extensions.FileProviders.Embedded (>= 2.1.1 < 2.2) - restriction: >= netcoreapp2.1
      Microsoft.Extensions.FileProviders.Physical (>= 2.1.1 < 2.2) - restriction: >= netcoreapp2.1
      Microsoft.Extensions.FileSystemGlobbing (>= 2.1.1 < 2.2) - restriction: >= netcoreapp2.1
      Microsoft.Extensions.Hosting (>= 2.1.1 < 2.2) - restriction: >= netcoreapp2.1
      Microsoft.Extensions.Hosting.Abstractions (>= 2.1.1 < 2.2) - restriction: >= netcoreapp2.1
      Microsoft.Extensions.Http (>= 2.1.1 < 2.2) - restriction: >= netcoreapp2.1
      Microsoft.Extensions.Identity.Core (>= 2.1.3 < 2.2) - restriction: >= netcoreapp2.1
      Microsoft.Extensions.Identity.Stores (>= 2.1.3 < 2.2) - restriction: >= netcoreapp2.1
      Microsoft.Extensions.Localization (>= 2.1.1 < 2.2) - restriction: >= netcoreapp2.1
      Microsoft.Extensions.Localization.Abstractions (>= 2.1.1 < 2.2) - restriction: >= netcoreapp2.1
      Microsoft.Extensions.Logging (>= 2.1.1 < 2.2) - restriction: >= netcoreapp2.1
      Microsoft.Extensions.Logging.Abstractions (>= 2.1.1 < 2.2) - restriction: >= netcoreapp2.1
      Microsoft.Extensions.Logging.Configuration (>= 2.1.1 < 2.2) - restriction: >= netcoreapp2.1
      Microsoft.Extensions.Logging.Console (>= 2.1.1 < 2.2) - restriction: >= netcoreapp2.1
      Microsoft.Extensions.Logging.Debug (>= 2.1.1 < 2.2) - restriction: >= netcoreapp2.1
      Microsoft.Extensions.Logging.EventSource (>= 2.1.1 < 2.2) - restriction: >= netcoreapp2.1
      Microsoft.Extensions.Logging.TraceSource (>= 2.1.1 < 2.2) - restriction: >= netcoreapp2.1
      Microsoft.Extensions.ObjectPool (>= 2.1.1 < 2.2) - restriction: >= netcoreapp2.1
      Microsoft.Extensions.Options (>= 2.1.1 < 2.2) - restriction: >= netcoreapp2.1
      Microsoft.Extensions.Options.ConfigurationExtensions (>= 2.1.1 < 2.2) - restriction: >= netcoreapp2.1
      Microsoft.Extensions.Primitives (>= 2.1.1 < 2.2) - restriction: >= netcoreapp2.1
      Microsoft.Extensions.WebEncoders (>= 2.1.1 < 2.2) - restriction: >= netcoreapp2.1
      Microsoft.Net.Http.Headers (>= 2.1.1 < 2.2) - restriction: >= netcoreapp2.1
      System.IO.Pipelines (>= 4.5.2) - restriction: >= netcoreapp2.1
    Microsoft.AspNetCore.Authentication (2.1.2) - restriction: || (>= net461) (>= netstandard2.0)
      Microsoft.AspNetCore.Authentication.Core (>= 2.1.1) - restriction: >= netstandard2.0
      Microsoft.AspNetCore.DataProtection (>= 2.1.1) - restriction: >= netstandard2.0
      Microsoft.AspNetCore.Http (>= 2.1.1) - restriction: >= netstandard2.0
      Microsoft.AspNetCore.Http.Extensions (>= 2.1.1) - restriction: >= netstandard2.0
      Microsoft.Extensions.Logging.Abstractions (>= 2.1.1) - restriction: >= netstandard2.0
      Microsoft.Extensions.Options (>= 2.1.1) - restriction: >= netstandard2.0
      Microsoft.Extensions.WebEncoders (>= 2.1.1) - restriction: >= netstandard2.0
    Microsoft.AspNetCore.Authentication.Abstractions (2.1.1) - restriction: >= netcoreapp2.1
      Microsoft.AspNetCore.Http.Abstractions (>= 2.1.1) - restriction: >= netstandard2.0
      Microsoft.Extensions.Logging.Abstractions (>= 2.1.1) - restriction: >= netstandard2.0
      Microsoft.Extensions.Options (>= 2.1.1) - restriction: >= netstandard2.0
    Microsoft.AspNetCore.Authentication.Cookies (2.1.2) - restriction: >= netcoreapp2.1
      Microsoft.AspNetCore.Authentication (>= 2.1.2) - restriction: >= netstandard2.0
    Microsoft.AspNetCore.Authentication.Core (2.1.1) - restriction: >= netcoreapp2.1
      Microsoft.AspNetCore.Authentication.Abstractions (>= 2.1.1) - restriction: >= netstandard2.0
      Microsoft.AspNetCore.Http (>= 2.1.1) - restriction: >= netstandard2.0
      Microsoft.AspNetCore.Http.Extensions (>= 2.1.1) - restriction: >= netstandard2.0
    Microsoft.AspNetCore.Authentication.Facebook (2.1.2) - restriction: >= netcoreapp2.1
      Microsoft.AspNetCore.Authentication.OAuth (>= 2.1.2) - restriction: >= netstandard2.0
    Microsoft.AspNetCore.Authentication.Google (2.1.2) - restriction: >= netcoreapp2.1
      Microsoft.AspNetCore.Authentication.OAuth (>= 2.1.2) - restriction: >= netstandard2.0
    Microsoft.AspNetCore.Authentication.JwtBearer (2.1.2) - restriction: >= netcoreapp2.1
      Microsoft.AspNetCore.Authentication (>= 2.1.2) - restriction: >= netstandard2.0
      Microsoft.IdentityModel.Protocols.OpenIdConnect (>= 5.2) - restriction: >= netstandard2.0
    Microsoft.AspNetCore.Authentication.MicrosoftAccount (2.1.2) - restriction: >= netcoreapp2.1
      Microsoft.AspNetCore.Authentication.OAuth (>= 2.1.2) - restriction: >= netstandard2.0
    Microsoft.AspNetCore.Authentication.OAuth (2.1.2) - restriction: >= netcoreapp2.1
      Microsoft.AspNetCore.Authentication (>= 2.1.2) - restriction: >= netstandard2.0
      Newtonsoft.Json (>= 11.0.2) - restriction: >= netstandard2.0
    Microsoft.AspNetCore.Authentication.OpenIdConnect (2.1.2) - restriction: >= netcoreapp2.1
      Microsoft.AspNetCore.Authentication.OAuth (>= 2.1.2) - restriction: >= netstandard2.0
      Microsoft.IdentityModel.Protocols.OpenIdConnect (>= 5.2) - restriction: >= netstandard2.0
    Microsoft.AspNetCore.Authentication.Twitter (2.1.2) - restriction: >= netcoreapp2.1
      Microsoft.AspNetCore.Authentication.OAuth (>= 2.1.2) - restriction: >= netstandard2.0
    Microsoft.AspNetCore.Authentication.WsFederation (2.1.2) - restriction: >= netcoreapp2.1
      Microsoft.AspNetCore.Authentication (>= 2.1.2) - restriction: >= netstandard2.0
      Microsoft.IdentityModel.Protocols.WsFederation (>= 5.2) - restriction: >= netstandard2.0
      System.IdentityModel.Tokens.Jwt (>= 5.2) - restriction: >= netstandard2.0
    Microsoft.AspNetCore.Authorization (2.1.2) - restriction: || (>= net461) (>= netstandard2.0)
      Microsoft.Extensions.Logging.Abstractions (>= 2.1.1) - restriction: >= netstandard2.0
      Microsoft.Extensions.Options (>= 2.1.1) - restriction: >= netstandard2.0
    Microsoft.AspNetCore.Authorization.Policy (2.1.2) - restriction: >= netcoreapp2.1
      Microsoft.AspNetCore.Authentication.Abstractions (>= 2.1.1) - restriction: >= netstandard2.0
      Microsoft.AspNetCore.Authorization (>= 2.1.2) - restriction: >= netstandard2.0
    Microsoft.AspNetCore.Connections.Abstractions (2.1.3) - restriction: >= netcoreapp2.1
      Microsoft.AspNetCore.Http.Features (>= 2.1.1) - restriction: >= netstandard2.0
      System.IO.Pipelines (>= 4.5) - restriction: >= netstandard2.0
    Microsoft.AspNetCore.CookiePolicy (2.1.2) - restriction: >= netcoreapp2.1
      Microsoft.AspNetCore.Http (>= 2.1.1) - restriction: >= netstandard2.0
      Microsoft.Extensions.Logging.Abstractions (>= 2.1.1) - restriction: >= netstandard2.0
      Microsoft.Extensions.Options (>= 2.1.1) - restriction: >= netstandard2.0
    Microsoft.AspNetCore.Cors (2.1.1) - restriction: >= netcoreapp2.1
      Microsoft.AspNetCore.Http.Extensions (>= 2.1.1) - restriction: >= netstandard2.0
      Microsoft.Extensions.Configuration.Abstractions (>= 2.1.1) - restriction: >= netstandard2.0
      Microsoft.Extensions.DependencyInjection.Abstractions (>= 2.1.1) - restriction: >= netstandard2.0
      Microsoft.Extensions.Logging.Abstractions (>= 2.1.1) - restriction: >= netstandard2.0
      Microsoft.Extensions.Options (>= 2.1.1) - restriction: >= netstandard2.0
    Microsoft.AspNetCore.Cryptography.Internal (2.1.1) - restriction: >= netcoreapp2.1
    Microsoft.AspNetCore.Cryptography.KeyDerivation (2.1.1) - restriction: >= netcoreapp2.1
      Microsoft.AspNetCore.Cryptography.Internal (>= 2.1.1) - restriction: >= netstandard2.0
    Microsoft.AspNetCore.DataProtection (2.1.1) - restriction: >= netcoreapp2.1
      Microsoft.AspNetCore.Cryptography.Internal (>= 2.1.1) - restriction: >= netstandard2.0
      Microsoft.AspNetCore.DataProtection.Abstractions (>= 2.1.1) - restriction: >= netstandard2.0
      Microsoft.AspNetCore.Hosting.Abstractions (>= 2.1.1) - restriction: >= netstandard2.0
      Microsoft.Extensions.DependencyInjection.Abstractions (>= 2.1.1) - restriction: >= netstandard2.0
      Microsoft.Extensions.Logging.Abstractions (>= 2.1.1) - restriction: >= netstandard2.0
      Microsoft.Extensions.Options (>= 2.1.1) - restriction: >= netstandard2.0
      Microsoft.Win32.Registry (>= 4.5) - restriction: >= netstandard2.0
      System.Security.Cryptography.Xml (>= 4.5) - restriction: >= netstandard2.0
      System.Security.Principal.Windows (>= 4.5) - restriction: >= netstandard2.0
    Microsoft.AspNetCore.DataProtection.Abstractions (2.1.1) - restriction: >= netcoreapp2.1
    Microsoft.AspNetCore.DataProtection.Extensions (2.1.1) - restriction: >= netcoreapp2.1
      Microsoft.AspNetCore.DataProtection (>= 2.1.1) - restriction: >= netstandard2.0
      Microsoft.Extensions.DependencyInjection (>= 2.1.1) - restriction: >= netstandard2.0
    Microsoft.AspNetCore.Diagnostics (2.1.1) - restriction: || (>= net461) (>= netstandard2.0)
      Microsoft.AspNetCore.Diagnostics.Abstractions (>= 2.1.1) - restriction: >= netstandard2.0
      Microsoft.AspNetCore.Hosting.Abstractions (>= 2.1.1) - restriction: >= netstandard2.0
      Microsoft.AspNetCore.Http.Extensions (>= 2.1.1) - restriction: >= netstandard2.0
      Microsoft.AspNetCore.WebUtilities (>= 2.1.1) - restriction: >= netstandard2.0
      Microsoft.Extensions.FileProviders.Physical (>= 2.1.1) - restriction: >= netstandard2.0
      Microsoft.Extensions.Logging.Abstractions (>= 2.1.1) - restriction: >= netstandard2.0
      Microsoft.Extensions.Options (>= 2.1.1) - restriction: >= netstandard2.0
      System.Diagnostics.DiagnosticSource (>= 4.5) - restriction: >= netstandard2.0
      System.Reflection.Metadata (>= 1.6) - restriction: >= netstandard2.0
    Microsoft.AspNetCore.Diagnostics.Abstractions (2.1.1) - restriction: >= netcoreapp2.1
    Microsoft.AspNetCore.Diagnostics.EntityFrameworkCore (2.1.1) - restriction: >= netcoreapp2.1
      Microsoft.AspNetCore.Http.Abstractions (>= 2.1.1) - restriction: >= netstandard2.0
      Microsoft.EntityFrameworkCore.Relational (>= 2.1.1) - restriction: >= netstandard2.0
    Microsoft.AspNetCore.HostFiltering (2.1.1) - restriction: >= netcoreapp2.1
      Microsoft.AspNetCore.Hosting.Abstractions (>= 2.1.1) - restriction: >= netstandard2.0
      Microsoft.AspNetCore.Http (>= 2.1.1) - restriction: >= netstandard2.0
      Microsoft.AspNetCore.Http.Extensions (>= 2.1.1) - restriction: >= netstandard2.0
      Microsoft.Extensions.Options (>= 2.1.1) - restriction: >= netstandard2.0
    Microsoft.AspNetCore.Hosting (2.1.1) - restriction: >= netstandard2.0
      Microsoft.AspNetCore.Hosting.Abstractions (>= 2.1.1) - restriction: >= netstandard2.0
      Microsoft.AspNetCore.Http (>= 2.1.1) - restriction: >= netstandard2.0
      Microsoft.AspNetCore.Http.Extensions (>= 2.1.1) - restriction: >= netstandard2.0
      Microsoft.Extensions.Configuration (>= 2.1.1) - restriction: >= netstandard2.0
      Microsoft.Extensions.Configuration.EnvironmentVariables (>= 2.1.1) - restriction: >= netstandard2.0
      Microsoft.Extensions.Configuration.FileExtensions (>= 2.1.1) - restriction: >= netstandard2.0
      Microsoft.Extensions.DependencyInjection (>= 2.1.1) - restriction: >= netstandard2.0
      Microsoft.Extensions.FileProviders.Physical (>= 2.1.1) - restriction: >= netstandard2.0
      Microsoft.Extensions.Hosting.Abstractions (>= 2.1.1) - restriction: >= netstandard2.0
      Microsoft.Extensions.Logging (>= 2.1.1) - restriction: >= netstandard2.0
      Microsoft.Extensions.Options (>= 2.1.1) - restriction: >= netstandard2.0
      System.Diagnostics.DiagnosticSource (>= 4.5) - restriction: >= netstandard2.0
      System.Reflection.Metadata (>= 1.6) - restriction: >= netstandard2.0
    Microsoft.AspNetCore.Hosting.Abstractions (2.1.1) - restriction: || (>= net461) (>= netstandard2.0)
      Microsoft.AspNetCore.Hosting.Server.Abstractions (>= 2.1.1) - restriction: >= netstandard2.0
      Microsoft.AspNetCore.Http.Abstractions (>= 2.1.1) - restriction: >= netstandard2.0
      Microsoft.Extensions.Hosting.Abstractions (>= 2.1.1) - restriction: >= netstandard2.0
    Microsoft.AspNetCore.Hosting.Server.Abstractions (2.1.1) - restriction: >= netcoreapp2.1
      Microsoft.AspNetCore.Http.Features (>= 2.1.1) - restriction: >= netstandard2.0
      Microsoft.Extensions.Configuration.Abstractions (>= 2.1.1) - restriction: >= netstandard2.0
    Microsoft.AspNetCore.Html.Abstractions (2.1.1) - restriction: >= netcoreapp2.1
      System.Text.Encodings.Web (>= 4.5) - restriction: >= netstandard2.0
    Microsoft.AspNetCore.Http (2.1.1) - restriction: >= netcoreapp2.1
      Microsoft.AspNetCore.Http.Abstractions (>= 2.1.1) - restriction: >= netstandard2.0
      Microsoft.AspNetCore.WebUtilities (>= 2.1.1) - restriction: >= netstandard2.0
      Microsoft.Extensions.ObjectPool (>= 2.1.1) - restriction: >= netstandard2.0
      Microsoft.Extensions.Options (>= 2.1.1) - restriction: >= netstandard2.0
      Microsoft.Net.Http.Headers (>= 2.1.1) - restriction: >= netstandard2.0
    Microsoft.AspNetCore.Http.Abstractions (2.1.1) - restriction: >= netcoreapp2.1
      Microsoft.AspNetCore.Http.Features (>= 2.1.1) - restriction: >= netstandard2.0
      System.Text.Encodings.Web (>= 4.5) - restriction: >= netstandard2.0
    Microsoft.AspNetCore.Http.Connections (1.0.4) - restriction: >= netcoreapp2.1
      Microsoft.AspNetCore.Authorization.Policy (>= 2.1.1) - restriction: >= netstandard2.0
      Microsoft.AspNetCore.Hosting.Abstractions (>= 2.1.1) - restriction: >= netstandard2.0
      Microsoft.AspNetCore.Http (>= 2.1.1) - restriction: >= netstandard2.0
      Microsoft.AspNetCore.Http.Connections.Common (>= 1.0.4) - restriction: >= netstandard2.0
      Microsoft.AspNetCore.Routing (>= 2.1.1) - restriction: >= netstandard2.0
      Microsoft.AspNetCore.WebSockets (>= 2.1.1) - restriction: >= netstandard2.0
      Newtonsoft.Json (>= 11.0.2) - restriction: >= netstandard2.0
    Microsoft.AspNetCore.Http.Connections.Common (1.0.4) - restriction: >= netcoreapp2.1
      Microsoft.AspNetCore.Connections.Abstractions (>= 2.1.2) - restriction: >= netstandard2.0
      Newtonsoft.Json (>= 11.0.2) - restriction: >= netstandard2.0
      System.Buffers (>= 4.5) - restriction: >= netstandard2.0
    Microsoft.AspNetCore.Http.Extensions (2.1.1) - restriction: >= netcoreapp2.1
      Microsoft.AspNetCore.Http.Abstractions (>= 2.1.1) - restriction: >= netstandard2.0
      Microsoft.Extensions.FileProviders.Abstractions (>= 2.1.1) - restriction: >= netstandard2.0
      Microsoft.Net.Http.Headers (>= 2.1.1) - restriction: >= netstandard2.0
      System.Buffers (>= 4.5) - restriction: >= netstandard2.0
    Microsoft.AspNetCore.Http.Features (2.1.1) - restriction: >= netcoreapp2.1
      Microsoft.Extensions.Primitives (>= 2.1.1) - restriction: >= netstandard2.0
    Microsoft.AspNetCore.HttpOverrides (2.1.1) - restriction: >= netcoreapp2.1
      Microsoft.AspNetCore.Http.Extensions (>= 2.1.1) - restriction: >= netstandard2.0
      Microsoft.Extensions.Logging.Abstractions (>= 2.1.1) - restriction: >= netstandard2.0
      Microsoft.Extensions.Options (>= 2.1.1) - restriction: >= netstandard2.0
    Microsoft.AspNetCore.HttpsPolicy (2.1.1) - restriction: >= netcoreapp2.1
      Microsoft.AspNetCore.Hosting.Abstractions (>= 2.1.1) - restriction: >= netstandard2.0
      Microsoft.AspNetCore.Http (>= 2.1.1) - restriction: >= netstandard2.0
      Microsoft.AspNetCore.Http.Extensions (>= 2.1.1) - restriction: >= netstandard2.0
      Microsoft.Extensions.Configuration.Binder (>= 2.1.1) - restriction: >= netstandard2.0
      Microsoft.Extensions.Options (>= 2.1.1) - restriction: >= netstandard2.0
    Microsoft.AspNetCore.Identity (2.1.3) - restriction: >= netcoreapp2.1
      Microsoft.AspNetCore.Authentication.Cookies (>= 2.1.1) - restriction: >= netstandard2.0
      Microsoft.AspNetCore.Cryptography.KeyDerivation (>= 2.1.1) - restriction: >= netstandard2.0
      Microsoft.AspNetCore.Hosting.Abstractions (>= 2.1.1) - restriction: >= netstandard2.0
      Microsoft.Extensions.Identity.Core (>= 2.1.3) - restriction: >= netstandard2.0
    Microsoft.AspNetCore.Identity.EntityFrameworkCore (2.1.3) - restriction: >= netcoreapp2.1
      Microsoft.AspNetCore.Identity (>= 2.1.3) - restriction: >= netstandard2.0
      Microsoft.EntityFrameworkCore.Relational (>= 2.1.1) - restriction: >= netstandard2.0
      Microsoft.Extensions.Identity.Stores (>= 2.1.3) - restriction: >= netstandard2.0
    Microsoft.AspNetCore.Identity.UI (2.1.3) - restriction: >= netcoreapp2.1
      Microsoft.AspNetCore.Identity (>= 2.1.3) - restriction: >= netstandard2.0
      Microsoft.AspNetCore.Mvc (>= 2.1.1) - restriction: >= netstandard2.0
      Microsoft.AspNetCore.StaticFiles (>= 2.1.1) - restriction: >= netstandard2.0
      Microsoft.Extensions.FileProviders.Embedded (>= 2.1.1) - restriction: >= netstandard2.0
      Microsoft.Extensions.Identity.Stores (>= 2.1.3) - restriction: >= netstandard2.0
    Microsoft.AspNetCore.JsonPatch (2.1.1) - restriction: >= netcoreapp2.1
      Microsoft.CSharp (>= 4.5) - restriction: >= netstandard2.0
      Newtonsoft.Json (>= 11.0.2) - restriction: >= netstandard2.0
    Microsoft.AspNetCore.Localization (2.1.1) - restriction: >= netcoreapp2.1
      Microsoft.AspNetCore.Http.Extensions (>= 2.1.1) - restriction: >= netstandard2.0
      Microsoft.Extensions.Localization.Abstractions (>= 2.1.1) - restriction: >= netstandard2.0
      Microsoft.Extensions.Logging.Abstractions (>= 2.1.1) - restriction: >= netstandard2.0
      Microsoft.Extensions.Options (>= 2.1.1) - restriction: >= netstandard2.0
    Microsoft.AspNetCore.Localization.Routing (2.1.1) - restriction: >= netcoreapp2.1
      Microsoft.AspNetCore.Localization (>= 2.1.1) - restriction: >= netstandard2.0
      Microsoft.AspNetCore.Routing.Abstractions (>= 2.1.1) - restriction: >= netstandard2.0
    Microsoft.AspNetCore.MiddlewareAnalysis (2.1.1) - restriction: >= netcoreapp2.1
      Microsoft.AspNetCore.Hosting.Abstractions (>= 2.1.1) - restriction: >= netstandard2.0
      Microsoft.Extensions.DependencyInjection.Abstractions (>= 2.1.1) - restriction: >= netstandard2.0
      System.Diagnostics.DiagnosticSource (>= 4.5) - restriction: >= netstandard2.0
    Microsoft.AspNetCore.Mvc (2.1.3) - restriction: >= netcoreapp2.1
      Microsoft.AspNetCore.Mvc.ApiExplorer (>= 2.1.3) - restriction: >= netstandard2.0
      Microsoft.AspNetCore.Mvc.Cors (>= 2.1.3) - restriction: >= netstandard2.0
      Microsoft.AspNetCore.Mvc.DataAnnotations (>= 2.1.3) - restriction: >= netstandard2.0
      Microsoft.AspNetCore.Mvc.Formatters.Json (>= 2.1.3) - restriction: >= netstandard2.0
      Microsoft.AspNetCore.Mvc.Localization (>= 2.1.3) - restriction: >= netstandard2.0
      Microsoft.AspNetCore.Mvc.Razor.Extensions (>= 2.1.1) - restriction: >= netstandard2.0
      Microsoft.AspNetCore.Mvc.RazorPages (>= 2.1.3) - restriction: >= netstandard2.0
      Microsoft.AspNetCore.Mvc.TagHelpers (>= 2.1.3) - restriction: >= netstandard2.0
      Microsoft.AspNetCore.Mvc.ViewFeatures (>= 2.1.3) - restriction: >= netstandard2.0
      Microsoft.AspNetCore.Razor.Design (>= 2.1.1) - restriction: >= netstandard2.0
      Microsoft.Extensions.Caching.Memory (>= 2.1.1) - restriction: >= netstandard2.0
      Microsoft.Extensions.DependencyInjection (>= 2.1.1) - restriction: >= netstandard2.0
    Microsoft.AspNetCore.Mvc.Abstractions (2.1.3) - restriction: >= netcoreapp2.1
      Microsoft.AspNetCore.Routing.Abstractions (>= 2.1.1) - restriction: >= netstandard2.0
      Microsoft.Net.Http.Headers (>= 2.1.1) - restriction: >= netstandard2.0
    Microsoft.AspNetCore.Mvc.Analyzers (2.1.3) - restriction: >= netcoreapp2.1
    Microsoft.AspNetCore.Mvc.ApiExplorer (2.1.3) - restriction: >= netcoreapp2.1
      Microsoft.AspNetCore.Mvc.Core (>= 2.1.3) - restriction: >= netstandard2.0
    Microsoft.AspNetCore.Mvc.Core (2.1.3) - restriction: >= netcoreapp2.1
      Microsoft.AspNetCore.Authentication.Core (>= 2.1.1) - restriction: >= netstandard2.0
      Microsoft.AspNetCore.Authorization.Policy (>= 2.1.1) - restriction: >= netstandard2.0
      Microsoft.AspNetCore.Hosting.Abstractions (>= 2.1.1) - restriction: >= netstandard2.0
      Microsoft.AspNetCore.Http (>= 2.1.1) - restriction: >= netstandard2.0
      Microsoft.AspNetCore.Http.Extensions (>= 2.1.1) - restriction: >= netstandard2.0
      Microsoft.AspNetCore.Mvc.Abstractions (>= 2.1.3) - restriction: >= netstandard2.0
      Microsoft.AspNetCore.ResponseCaching.Abstractions (>= 2.1.1) - restriction: >= netstandard2.0
      Microsoft.AspNetCore.Routing (>= 2.1.1) - restriction: >= netstandard2.0
      Microsoft.Extensions.DependencyInjection (>= 2.1.1) - restriction: >= netstandard2.0
      Microsoft.Extensions.DependencyModel (>= 2.1) - restriction: >= netstandard2.0
      Microsoft.Extensions.FileProviders.Abstractions (>= 2.1.1) - restriction: >= netstandard2.0
      Microsoft.Extensions.Logging.Abstractions (>= 2.1.1) - restriction: >= netstandard2.0
      System.Diagnostics.DiagnosticSource (>= 4.5.1) - restriction: >= netstandard2.0
      System.Threading.Tasks.Extensions (>= 4.5.1) - restriction: >= netstandard2.0
    Microsoft.AspNetCore.Mvc.Cors (2.1.3) - restriction: >= netcoreapp2.1
      Microsoft.AspNetCore.Cors (>= 2.1.1) - restriction: >= netstandard2.0
      Microsoft.AspNetCore.Mvc.Core (>= 2.1.3) - restriction: >= netstandard2.0
    Microsoft.AspNetCore.Mvc.DataAnnotations (2.1.3) - restriction: >= netcoreapp2.1
      Microsoft.AspNetCore.Mvc.Core (>= 2.1.3) - restriction: >= netstandard2.0
      Microsoft.Extensions.Localization (>= 2.1.1) - restriction: >= netstandard2.0
      System.ComponentModel.Annotations (>= 4.5) - restriction: >= netstandard2.0
    Microsoft.AspNetCore.Mvc.Formatters.Json (2.1.3) - restriction: >= netcoreapp2.1
      Microsoft.AspNetCore.JsonPatch (>= 2.1.1) - restriction: >= netstandard2.0
      Microsoft.AspNetCore.Mvc.Core (>= 2.1.3) - restriction: >= netstandard2.0
    Microsoft.AspNetCore.Mvc.Formatters.Xml (2.1.3) - restriction: >= netcoreapp2.1
      Microsoft.AspNetCore.Mvc.Core (>= 2.1.3) - restriction: >= netstandard2.0
    Microsoft.AspNetCore.Mvc.Localization (2.1.3) - restriction: >= netcoreapp2.1
      Microsoft.AspNetCore.Localization (>= 2.1.1) - restriction: >= netstandard2.0
      Microsoft.AspNetCore.Mvc.Razor (>= 2.1.3) - restriction: >= netstandard2.0
      Microsoft.Extensions.DependencyInjection (>= 2.1.1) - restriction: >= netstandard2.0
      Microsoft.Extensions.Localization (>= 2.1.1) - restriction: >= netstandard2.0
    Microsoft.AspNetCore.Mvc.Razor (2.1.3) - restriction: >= netcoreapp2.1
      Microsoft.AspNetCore.Mvc.Razor.Extensions (>= 2.1.1) - restriction: || (>= net461) (>= netstandard2.0)
      Microsoft.AspNetCore.Mvc.ViewFeatures (>= 2.1.3) - restriction: || (>= net461) (>= netstandard2.0)
      Microsoft.AspNetCore.Razor.Runtime (>= 2.1.1) - restriction: || (>= net461) (>= netstandard2.0)
      Microsoft.CodeAnalysis.CSharp (>= 2.8) - restriction: || (>= net461) (>= netstandard2.0)
      Microsoft.CodeAnalysis.Razor (>= 2.1.1) - restriction: || (>= net461) (>= netstandard2.0)
      Microsoft.Extensions.Caching.Memory (>= 2.1.1) - restriction: || (>= net461) (>= netstandard2.0)
      Microsoft.Extensions.FileProviders.Composite (>= 2.1.1) - restriction: || (>= net461) (>= netstandard2.0)
    Microsoft.AspNetCore.Mvc.Razor.Extensions (2.1.2) - restriction: >= netcoreapp2.1
      Microsoft.AspNetCore.Razor.Language (>= 2.1.2) - restriction: || (>= net46) (>= netstandard2.0)
      Microsoft.CodeAnalysis.Razor (>= 2.1.2) - restriction: || (>= net46) (>= netstandard2.0)
    Microsoft.AspNetCore.Mvc.Razor.ViewCompilation (2.1.1) - restriction: >= netcoreapp2.1
      Microsoft.AspNetCore.Hosting (>= 2.1.1) - restriction: || (>= net461) (>= netcoreapp2.0)
      Microsoft.AspNetCore.Mvc.RazorPages (>= 2.1.1) - restriction: || (>= net461) (>= netcoreapp2.0)
    Microsoft.AspNetCore.Mvc.RazorPages (2.1.3) - restriction: >= netcoreapp2.1
      Microsoft.AspNetCore.Mvc.Razor (>= 2.1.3) - restriction: >= netstandard2.0
    Microsoft.AspNetCore.Mvc.TagHelpers (2.1.3) - restriction: >= netcoreapp2.1
      Microsoft.AspNetCore.Mvc.Razor (>= 2.1.3) - restriction: >= netstandard2.0
      Microsoft.AspNetCore.Razor.Runtime (>= 2.1.1) - restriction: >= netstandard2.0
      Microsoft.AspNetCore.Routing.Abstractions (>= 2.1.1) - restriction: >= netstandard2.0
      Microsoft.Extensions.Caching.Memory (>= 2.1.1) - restriction: >= netstandard2.0
      Microsoft.Extensions.FileSystemGlobbing (>= 2.1.1) - restriction: >= netstandard2.0
      Microsoft.Extensions.Primitives (>= 2.1.1) - restriction: >= netstandard2.0
    Microsoft.AspNetCore.Mvc.ViewFeatures (2.1.3) - restriction: >= netcoreapp2.1
      Microsoft.AspNetCore.Antiforgery (>= 2.1.1) - restriction: >= netstandard2.0
      Microsoft.AspNetCore.Diagnostics.Abstractions (>= 2.1.1) - restriction: >= netstandard2.0
      Microsoft.AspNetCore.Html.Abstractions (>= 2.1.1) - restriction: >= netstandard2.0
      Microsoft.AspNetCore.Mvc.Core (>= 2.1.3) - restriction: >= netstandard2.0
      Microsoft.AspNetCore.Mvc.DataAnnotations (>= 2.1.3) - restriction: >= netstandard2.0
      Microsoft.AspNetCore.Mvc.Formatters.Json (>= 2.1.3) - restriction: >= netstandard2.0
      Microsoft.Extensions.WebEncoders (>= 2.1.1) - restriction: >= netstandard2.0
      Newtonsoft.Json.Bson (>= 1.0.1) - restriction: >= netstandard2.0
    Microsoft.AspNetCore.NodeServices (2.1.1) - restriction: >= netcoreapp2.1
      Microsoft.AspNetCore.Hosting.Abstractions (>= 2.1.1) - restriction: >= netstandard2.0
      Microsoft.Extensions.Logging.Console (>= 2.1.1) - restriction: >= netstandard2.0
      Newtonsoft.Json (>= 11.0.2) - restriction: >= netstandard2.0
    Microsoft.AspNetCore.Owin (2.1.1) - restriction: >= netcoreapp2.1
      Microsoft.AspNetCore.Http (>= 2.1.1) - restriction: >= netstandard2.0
    Microsoft.AspNetCore.Razor (2.1.2) - restriction: >= netcoreapp2.1
      Microsoft.AspNetCore.Html.Abstractions (>= 2.1.1) - restriction: >= netstandard2.0
    Microsoft.AspNetCore.Razor.Design (2.1.2) - restriction: >= netcoreapp2.1
    Microsoft.AspNetCore.Razor.Language (2.1.2) - restriction: >= netcoreapp2.1
    Microsoft.AspNetCore.Razor.Runtime (2.1.2) - restriction: >= netcoreapp2.1
      Microsoft.AspNetCore.Html.Abstractions (>= 2.1.1) - restriction: >= netstandard2.0
      Microsoft.AspNetCore.Razor (>= 2.1.2) - restriction: >= netstandard2.0
    Microsoft.AspNetCore.ResponseCaching (2.1.1) - restriction: || (>= net461) (>= netstandard2.0)
      Microsoft.AspNetCore.Http (>= 2.1.1) - restriction: >= netstandard2.0
      Microsoft.AspNetCore.Http.Extensions (>= 2.1.1) - restriction: >= netstandard2.0
      Microsoft.AspNetCore.ResponseCaching.Abstractions (>= 2.1.1) - restriction: >= netstandard2.0
      Microsoft.Extensions.Caching.Memory (>= 2.1.1) - restriction: >= netstandard2.0
      Microsoft.Extensions.Logging.Abstractions (>= 2.1.1) - restriction: >= netstandard2.0
    Microsoft.AspNetCore.ResponseCaching.Abstractions (2.1.1) - restriction: >= netcoreapp2.1
      Microsoft.Extensions.Primitives (>= 2.1.1) - restriction: >= netstandard2.0
    Microsoft.AspNetCore.ResponseCompression (2.1.1) - restriction: >= netcoreapp2.1
      Microsoft.AspNetCore.Http.Extensions (>= 2.1.1) - restriction: || (>= net461) (>= netstandard2.0)
      Microsoft.Extensions.Options (>= 2.1.1) - restriction: || (>= net461) (>= netstandard2.0)
    Microsoft.AspNetCore.Rewrite (2.1.1) - restriction: >= netcoreapp2.1
      Microsoft.AspNetCore.Hosting.Abstractions (>= 2.1.1) - restriction: >= netstandard2.0
      Microsoft.AspNetCore.Http.Extensions (>= 2.1.1) - restriction: >= netstandard2.0
      Microsoft.Extensions.Configuration.Abstractions (>= 2.1.1) - restriction: >= netstandard2.0
      Microsoft.Extensions.FileProviders.Abstractions (>= 2.1.1) - restriction: >= netstandard2.0
      Microsoft.Extensions.Logging.Abstractions (>= 2.1.1) - restriction: >= netstandard2.0
      Microsoft.Extensions.Options (>= 2.1.1) - restriction: >= netstandard2.0
    Microsoft.AspNetCore.Routing (2.1.1) - restriction: >= netcoreapp2.1
      Microsoft.AspNetCore.Http.Extensions (>= 2.1.1) - restriction: >= netstandard2.0
      Microsoft.AspNetCore.Routing.Abstractions (>= 2.1.1) - restriction: >= netstandard2.0
      Microsoft.Extensions.Logging.Abstractions (>= 2.1.1) - restriction: >= netstandard2.0
      Microsoft.Extensions.ObjectPool (>= 2.1.1) - restriction: >= netstandard2.0
      Microsoft.Extensions.Options (>= 2.1.1) - restriction: >= netstandard2.0
    Microsoft.AspNetCore.Routing.Abstractions (2.1.1) - restriction: >= netcoreapp2.1
      Microsoft.AspNetCore.Http.Abstractions (>= 2.1.1) - restriction: >= netstandard2.0
    Microsoft.AspNetCore.Server.HttpSys (2.1.1) - restriction: >= netcoreapp2.1
      Microsoft.AspNetCore.Authentication.Core (>= 2.1.1) - restriction: >= netstandard2.0
      Microsoft.AspNetCore.Hosting (>= 2.1.1) - restriction: >= netstandard2.0
      Microsoft.Net.Http.Headers (>= 2.1.1) - restriction: >= netstandard2.0
      Microsoft.Win32.Registry (>= 4.5) - restriction: >= netstandard2.0
      System.Security.Principal.Windows (>= 4.5) - restriction: >= netstandard2.0
    Microsoft.AspNetCore.Server.IISIntegration (2.1.2) - restriction: >= netcoreapp2.1
      Microsoft.AspNetCore.Authentication.Core (>= 2.1.1) - restriction: >= netstandard2.0
      Microsoft.AspNetCore.Hosting.Abstractions (>= 2.1.1) - restriction: >= netstandard2.0
      Microsoft.AspNetCore.Http (>= 2.1.1) - restriction: >= netstandard2.0
      Microsoft.AspNetCore.Http.Extensions (>= 2.1.1) - restriction: >= netstandard2.0
      Microsoft.AspNetCore.HttpOverrides (>= 2.1.1) - restriction: >= netstandard2.0
      Microsoft.Extensions.Logging.Abstractions (>= 2.1.1) - restriction: >= netstandard2.0
      Microsoft.Extensions.Options (>= 2.1.1) - restriction: >= netstandard2.0
      System.Buffers (>= 4.5) - restriction: >= netstandard2.0
      System.IO.Pipelines (>= 4.5.2) - restriction: >= netstandard2.0
      System.Memory (>= 4.5.1) - restriction: >= netstandard2.0
      System.Numerics.Vectors (>= 4.5) - restriction: >= netstandard2.0
      System.Runtime.CompilerServices.Unsafe (>= 4.5.2) - restriction: >= netstandard2.0
      System.Security.Principal.Windows (>= 4.5.1) - restriction: >= netstandard2.0
    Microsoft.AspNetCore.Server.Kestrel (2.1.3) - restriction: >= netcoreapp2.1
      Microsoft.AspNetCore.Hosting (>= 2.1.1) - restriction: >= netstandard2.0
      Microsoft.AspNetCore.Server.Kestrel.Core (>= 2.1.3) - restriction: >= netstandard2.0
      Microsoft.AspNetCore.Server.Kestrel.Https (>= 2.1.3) - restriction: >= netstandard2.0
      Microsoft.AspNetCore.Server.Kestrel.Transport.Sockets (>= 2.1.3) - restriction: >= netstandard2.0
    Microsoft.AspNetCore.Server.Kestrel.Core (2.1.3) - restriction: >= netcoreapp2.1
      Microsoft.AspNetCore.Hosting.Abstractions (>= 2.1.1) - restriction: >= netstandard2.0
      Microsoft.AspNetCore.Server.Kestrel.Transport.Abstractions (>= 2.1.3) - restriction: >= netstandard2.0
      Microsoft.AspNetCore.WebUtilities (>= 2.1.1) - restriction: >= netstandard2.0
      Microsoft.Extensions.Configuration.Binder (>= 2.1.1) - restriction: >= netstandard2.0
      Microsoft.Extensions.Logging.Abstractions (>= 2.1.1) - restriction: >= netstandard2.0
      Microsoft.Extensions.Options (>= 2.1.1) - restriction: >= netstandard2.0
      Microsoft.Net.Http.Headers (>= 2.1.1) - restriction: >= netstandard2.0
      System.Memory (>= 4.5.1) - restriction: >= netstandard2.0
      System.Numerics.Vectors (>= 4.5) - restriction: >= netstandard2.0
      System.Runtime.CompilerServices.Unsafe (>= 4.5.1) - restriction: >= netstandard2.0
      System.Security.Cryptography.Cng (>= 4.5) - restriction: >= netstandard2.0
      System.Threading.Tasks.Extensions (>= 4.5.1) - restriction: >= netstandard2.0
    Microsoft.AspNetCore.Server.Kestrel.Https (2.1.3) - restriction: >= netcoreapp2.1
      Microsoft.AspNetCore.Http.Abstractions (>= 2.1.1) - restriction: >= netstandard2.0
      Microsoft.AspNetCore.Server.Kestrel.Core (>= 2.1.3) - restriction: >= netstandard2.0
    Microsoft.AspNetCore.Server.Kestrel.Transport.Abstractions (2.1.3) - restriction: >= netcoreapp2.1
      Microsoft.AspNetCore.Connections.Abstractions (>= 2.1.3) - restriction: >= netstandard2.0
    Microsoft.AspNetCore.Server.Kestrel.Transport.Sockets (2.1.3) - restriction: >= netcoreapp2.1
      Microsoft.AspNetCore.Hosting.Abstractions (>= 2.1.1) - restriction: >= netstandard2.0
      Microsoft.AspNetCore.Server.Kestrel.Transport.Abstractions (>= 2.1.3) - restriction: >= netstandard2.0
      Microsoft.Extensions.Options (>= 2.1.1) - restriction: >= netstandard2.0
    Microsoft.AspNetCore.Session (2.1.1) - restriction: >= netcoreapp2.1
      Microsoft.AspNetCore.DataProtection (>= 2.1.1) - restriction: >= netstandard2.0
      Microsoft.AspNetCore.Http.Abstractions (>= 2.1.1) - restriction: >= netstandard2.0
      Microsoft.Extensions.Caching.Abstractions (>= 2.1.1) - restriction: >= netstandard2.0
      Microsoft.Extensions.Logging.Abstractions (>= 2.1.1) - restriction: >= netstandard2.0
      Microsoft.Extensions.Options (>= 2.1.1) - restriction: >= netstandard2.0
    Microsoft.AspNetCore.SignalR (1.0.4) - restriction: >= netcoreapp2.1
      Microsoft.AspNetCore.Http.Connections (>= 1.0.4) - restriction: >= netstandard2.0
      Microsoft.AspNetCore.SignalR.Core (>= 1.0.4) - restriction: >= netstandard2.0
    Microsoft.AspNetCore.SignalR.Common (1.0.4) - restriction: >= netcoreapp2.1
      Microsoft.AspNetCore.Connections.Abstractions (>= 2.1.2) - restriction: >= netstandard2.0
      Microsoft.Extensions.Options (>= 2.1.1) - restriction: >= netstandard2.0
      Newtonsoft.Json (>= 11.0.2) - restriction: >= netstandard2.0
      System.Buffers (>= 4.5) - restriction: >= netstandard2.0
    Microsoft.AspNetCore.SignalR.Core (1.0.4) - restriction: >= netcoreapp2.1
      Microsoft.AspNetCore.Authorization (>= 2.1.1) - restriction: >= netstandard2.0
      Microsoft.AspNetCore.SignalR.Common (>= 1.0.4) - restriction: >= netstandard2.0
      Microsoft.AspNetCore.SignalR.Protocols.Json (>= 1.0.4) - restriction: >= netstandard2.0
      Microsoft.Extensions.DependencyInjection.Abstractions (>= 2.1.1) - restriction: >= netstandard2.0
      Microsoft.Extensions.Logging.Abstractions (>= 2.1.1) - restriction: >= netstandard2.0
      System.Reflection.Emit (>= 4.3) - restriction: >= netstandard2.0
      System.Threading.Channels (>= 4.5) - restriction: >= netstandard2.0
    Microsoft.AspNetCore.SignalR.Protocols.Json (1.0.4) - restriction: >= netcoreapp2.1
      Microsoft.AspNetCore.SignalR.Common (>= 1.0.4) - restriction: >= netstandard2.0
      Newtonsoft.Json (>= 11.0.2) - restriction: >= netstandard2.0
    Microsoft.AspNetCore.SpaServices (2.1.1) - restriction: >= netcoreapp2.1
      Microsoft.AspNetCore.Mvc.TagHelpers (>= 2.1.1) - restriction: >= netstandard2.0
      Microsoft.AspNetCore.Mvc.ViewFeatures (>= 2.1.1) - restriction: >= netstandard2.0
      Microsoft.AspNetCore.NodeServices (>= 2.1.1) - restriction: >= netstandard2.0
    Microsoft.AspNetCore.SpaServices.Extensions (2.1.1) - restriction: >= netcoreapp2.1
      Microsoft.AspNetCore.SpaServices (>= 2.1.1) - restriction: >= netstandard2.0
      Microsoft.AspNetCore.StaticFiles (>= 2.1.1) - restriction: >= netstandard2.0
      Microsoft.AspNetCore.WebSockets (>= 2.1.1) - restriction: >= netstandard2.0
      Microsoft.Extensions.FileProviders.Physical (>= 2.1.1) - restriction: >= netstandard2.0
    Microsoft.AspNetCore.StaticFiles (2.1.1) - restriction: >= netcoreapp2.1
      Microsoft.AspNetCore.Hosting.Abstractions (>= 2.1.1) - restriction: >= netstandard2.0
      Microsoft.AspNetCore.Http.Extensions (>= 2.1.1) - restriction: >= netstandard2.0
      Microsoft.Extensions.FileProviders.Abstractions (>= 2.1.1) - restriction: >= netstandard2.0
      Microsoft.Extensions.Logging.Abstractions (>= 2.1.1) - restriction: >= netstandard2.0
      Microsoft.Extensions.WebEncoders (>= 2.1.1) - restriction: >= netstandard2.0
    Microsoft.AspNetCore.TestHost (2.1.1)
      Microsoft.AspNetCore.Hosting (>= 2.1.1) - restriction: >= netstandard2.0
      System.IO.Pipelines (>= 4.5) - restriction: >= netstandard2.0
    Microsoft.AspNetCore.WebSockets (2.1.1) - restriction: >= netcoreapp2.1
      Microsoft.AspNetCore.Http.Extensions (>= 2.1.1) - restriction: >= netstandard2.0
      Microsoft.Extensions.Options (>= 2.1.1) - restriction: >= netstandard2.0
      System.Net.WebSockets.WebSocketProtocol (>= 4.5.1) - restriction: >= netstandard2.0
    Microsoft.AspNetCore.WebUtilities (2.1.1) - restriction: >= netcoreapp2.1
      Microsoft.Net.Http.Headers (>= 2.1.1) - restriction: >= netstandard2.0
      System.Text.Encodings.Web (>= 4.5) - restriction: >= netstandard2.0
    Microsoft.CodeAnalysis.Analyzers (2.6.2) - restriction: >= netcoreapp2.1
    Microsoft.CodeAnalysis.Common (2.9) - restriction: >= netcoreapp2.1
      Microsoft.CodeAnalysis.Analyzers (>= 2.6.1) - restriction: >= netstandard1.3
      System.AppContext (>= 4.3) - restriction: >= netstandard1.3
      System.Collections (>= 4.3) - restriction: >= netstandard1.3
      System.Collections.Concurrent (>= 4.3) - restriction: >= netstandard1.3
      System.Collections.Immutable (>= 1.5) - restriction: >= netstandard1.3
      System.Console (>= 4.3) - restriction: >= netstandard1.3
      System.Diagnostics.Debug (>= 4.3) - restriction: >= netstandard1.3
      System.Diagnostics.FileVersionInfo (>= 4.3) - restriction: >= netstandard1.3
      System.Diagnostics.StackTrace (>= 4.3) - restriction: >= netstandard1.3
      System.Diagnostics.Tools (>= 4.3) - restriction: >= netstandard1.3
      System.Dynamic.Runtime (>= 4.3) - restriction: >= netstandard1.3
      System.Globalization (>= 4.3) - restriction: >= netstandard1.3
      System.IO.Compression (>= 4.3) - restriction: >= netstandard1.3
      System.IO.FileSystem (>= 4.3) - restriction: >= netstandard1.3
      System.IO.FileSystem.Primitives (>= 4.3) - restriction: >= netstandard1.3
      System.Linq (>= 4.3) - restriction: >= netstandard1.3
      System.Linq.Expressions (>= 4.3) - restriction: >= netstandard1.3
      System.Reflection (>= 4.3) - restriction: >= netstandard1.3
      System.Reflection.Metadata (>= 1.6) - restriction: >= netstandard1.3
      System.Resources.ResourceManager (>= 4.3) - restriction: >= netstandard1.3
      System.Runtime (>= 4.3) - restriction: >= netstandard1.3
      System.Runtime.Extensions (>= 4.3) - restriction: >= netstandard1.3
      System.Runtime.InteropServices (>= 4.3) - restriction: >= netstandard1.3
      System.Runtime.Numerics (>= 4.3) - restriction: >= netstandard1.3
      System.Security.Cryptography.Algorithms (>= 4.3) - restriction: >= netstandard1.3
      System.Security.Cryptography.Encoding (>= 4.3) - restriction: >= netstandard1.3
      System.Security.Cryptography.X509Certificates (>= 4.3) - restriction: >= netstandard1.3
      System.Text.Encoding (>= 4.3) - restriction: >= netstandard1.3
      System.Text.Encoding.CodePages (>= 4.3) - restriction: >= netstandard1.3
      System.Text.Encoding.Extensions (>= 4.3) - restriction: >= netstandard1.3
      System.Threading (>= 4.3) - restriction: >= netstandard1.3
      System.Threading.Tasks (>= 4.3) - restriction: >= netstandard1.3
      System.Threading.Tasks.Extensions (>= 4.3) - restriction: >= netstandard1.3
      System.Threading.Tasks.Parallel (>= 4.3) - restriction: >= netstandard1.3
      System.Threading.Thread (>= 4.3) - restriction: >= netstandard1.3
      System.ValueTuple (>= 4.3) - restriction: >= netstandard1.3
      System.Xml.ReaderWriter (>= 4.3) - restriction: >= netstandard1.3
      System.Xml.XDocument (>= 4.3) - restriction: >= netstandard1.3
      System.Xml.XmlDocument (>= 4.3) - restriction: >= netstandard1.3
      System.Xml.XPath.XDocument (>= 4.3) - restriction: >= netstandard1.3
    Microsoft.CodeAnalysis.CSharp (2.9) - restriction: >= netcoreapp2.1
      Microsoft.CodeAnalysis.Common (2.9)
    Microsoft.CodeAnalysis.Razor (2.1.2) - restriction: >= netcoreapp2.1
      Microsoft.AspNetCore.Razor.Language (>= 2.1.2) - restriction: || (>= net46) (>= netstandard2.0)
      Microsoft.CodeAnalysis.Common (>= 2.8) - restriction: || (>= net46) (>= netstandard2.0)
      Microsoft.CodeAnalysis.CSharp (>= 2.8) - restriction: || (>= net46) (>= netstandard2.0)
    Microsoft.CodeCoverage (15.9) - restriction: || (>= net45) (>= netcoreapp1.0)
    Microsoft.CSharp (4.5) - restriction: >= netcoreapp2.1
    Microsoft.DotNet.PlatformAbstractions (2.1) - restriction: >= netcoreapp2.1
      System.AppContext (>= 4.1) - restriction: && (< net45) (>= netstandard1.3)
      System.Collections (>= 4.0.11) - restriction: && (< net45) (>= netstandard1.3)
      System.IO (>= 4.1) - restriction: && (< net45) (>= netstandard1.3)
      System.IO.FileSystem (>= 4.0.1) - restriction: && (< net45) (>= netstandard1.3)
      System.Reflection.TypeExtensions (>= 4.1) - restriction: && (< net45) (>= netstandard1.3)
      System.Runtime.Extensions (>= 4.1) - restriction: && (< net45) (>= netstandard1.3)
      System.Runtime.InteropServices (>= 4.1) - restriction: && (< net45) (>= netstandard1.3)
      System.Runtime.InteropServices.RuntimeInformation (>= 4.0) - restriction: || (>= net45) (>= netstandard1.3)
    Microsoft.EntityFrameworkCore (2.1.4) - restriction: >= netcoreapp2.1
      Microsoft.EntityFrameworkCore.Abstractions (>= 2.1.4) - restriction: >= netstandard2.0
      Microsoft.EntityFrameworkCore.Analyzers (>= 2.1.4) - restriction: >= netstandard2.0
      Microsoft.Extensions.Caching.Memory (>= 2.1.1) - restriction: >= netstandard2.0
      Microsoft.Extensions.DependencyInjection (>= 2.1.1) - restriction: >= netstandard2.0
      Microsoft.Extensions.Logging (>= 2.1.1) - restriction: >= netstandard2.0
      Remotion.Linq (>= 2.2) - restriction: >= netstandard2.0
      System.Collections.Immutable (>= 1.5) - restriction: >= netstandard2.0
      System.ComponentModel.Annotations (>= 4.5) - restriction: >= netstandard2.0
      System.Diagnostics.DiagnosticSource (>= 4.5.1) - restriction: >= netstandard2.0
      System.Interactive.Async (>= 3.1.1) - restriction: >= netstandard2.0
    Microsoft.EntityFrameworkCore.Abstractions (2.1.4) - restriction: >= netcoreapp2.1
    Microsoft.EntityFrameworkCore.Analyzers (2.1.4) - restriction: >= netcoreapp2.1
    Microsoft.EntityFrameworkCore.Design (2.1.4) - restriction: >= netcoreapp2.1
      Microsoft.CSharp (>= 4.5) - restriction: || (>= net461) (>= netstandard2.0)
      Microsoft.EntityFrameworkCore.Relational (>= 2.1.4) - restriction: || (>= net461) (>= netstandard2.0)
    Microsoft.EntityFrameworkCore.InMemory (2.1.4) - restriction: >= netcoreapp2.1
      Microsoft.EntityFrameworkCore (>= 2.1.4) - restriction: >= netstandard2.0
    Microsoft.EntityFrameworkCore.Relational (2.1.4) - restriction: >= netcoreapp2.1
      Microsoft.EntityFrameworkCore (>= 2.1.4) - restriction: >= netstandard2.0
    Microsoft.EntityFrameworkCore.SqlServer (2.1.4) - restriction: >= netcoreapp2.1
      Microsoft.EntityFrameworkCore.Relational (>= 2.1.4) - restriction: >= netstandard2.0
      System.Data.SqlClient (>= 4.5.1) - restriction: >= netstandard2.0
    Microsoft.EntityFrameworkCore.Tools (2.1.4) - restriction: >= netcoreapp2.1
      Microsoft.EntityFrameworkCore.Design (>= 2.1.4) - restriction: >= netstandard2.0
    Microsoft.Extensions.Caching.Abstractions (2.1.2) - restriction: >= netcoreapp2.1
      Microsoft.Extensions.Primitives (>= 2.1.1) - restriction: >= netstandard2.0
    Microsoft.Extensions.Caching.Memory (2.1.2) - restriction: >= netcoreapp2.1
      Microsoft.Extensions.Caching.Abstractions (>= 2.1.2) - restriction: >= netstandard2.0
      Microsoft.Extensions.DependencyInjection.Abstractions (>= 2.1.1) - restriction: >= netstandard2.0
      Microsoft.Extensions.Options (>= 2.1.1) - restriction: >= netstandard2.0
    Microsoft.Extensions.Caching.SqlServer (2.1.2) - restriction: >= netcoreapp2.1
      Microsoft.Extensions.Caching.Abstractions (>= 2.1.2) - restriction: >= netstandard2.0
      Microsoft.Extensions.Options (>= 2.1.1) - restriction: >= netstandard2.0
      System.Data.SqlClient (>= 4.5.1) - restriction: >= netstandard2.0
    Microsoft.Extensions.Configuration (2.1.1) - restriction: >= netcoreapp2.1
      Microsoft.Extensions.Configuration.Abstractions (>= 2.1.1) - restriction: >= netstandard2.0
    Microsoft.Extensions.Configuration.Abstractions (2.1.1) - restriction: >= netcoreapp2.1
      Microsoft.Extensions.Primitives (>= 2.1.1) - restriction: >= netstandard2.0
    Microsoft.Extensions.Configuration.Binder (2.1.1) - restriction: >= netcoreapp2.1
      Microsoft.Extensions.Configuration (>= 2.1.1) - restriction: >= netstandard2.0
    Microsoft.Extensions.Configuration.CommandLine (2.1.1) - restriction: >= netcoreapp2.1
      Microsoft.Extensions.Configuration (>= 2.1.1) - restriction: >= netstandard2.0
    Microsoft.Extensions.Configuration.EnvironmentVariables (2.1.1) - restriction: >= netcoreapp2.1
      Microsoft.Extensions.Configuration (>= 2.1.1) - restriction: >= netstandard2.0
    Microsoft.Extensions.Configuration.FileExtensions (2.1.1) - restriction: >= netcoreapp2.1
      Microsoft.Extensions.Configuration (>= 2.1.1) - restriction: >= netstandard2.0
      Microsoft.Extensions.FileProviders.Physical (>= 2.1.1) - restriction: >= netstandard2.0
    Microsoft.Extensions.Configuration.Ini (2.1.1) - restriction: >= netcoreapp2.1
      Microsoft.Extensions.Configuration (>= 2.1.1) - restriction: >= netstandard2.0
      Microsoft.Extensions.Configuration.FileExtensions (>= 2.1.1) - restriction: >= netstandard2.0
    Microsoft.Extensions.Configuration.Json (2.1.1) - restriction: >= netcoreapp2.1
      Microsoft.Extensions.Configuration (>= 2.1.1) - restriction: >= netstandard2.0
      Microsoft.Extensions.Configuration.FileExtensions (>= 2.1.1) - restriction: >= netstandard2.0
      Newtonsoft.Json (>= 11.0.2) - restriction: >= netstandard2.0
    Microsoft.Extensions.Configuration.KeyPerFile (2.1.1) - restriction: >= netcoreapp2.1
      Microsoft.Extensions.Configuration (>= 2.1.1) - restriction: >= netstandard2.0
      Microsoft.Extensions.FileProviders.Physical (>= 2.1.1) - restriction: >= netstandard2.0
    Microsoft.Extensions.Configuration.UserSecrets (2.1.1) - restriction: >= netcoreapp2.1
      Microsoft.Extensions.Configuration.Json (>= 2.1.1) - restriction: >= netstandard2.0
    Microsoft.Extensions.Configuration.Xml (2.1.1) - restriction: >= netcoreapp2.1
      Microsoft.Extensions.Configuration (>= 2.1.1) - restriction: >= netstandard2.0
      Microsoft.Extensions.Configuration.FileExtensions (>= 2.1.1) - restriction: >= netstandard2.0
      System.Security.Cryptography.Xml (>= 4.5) - restriction: >= netstandard2.0
    Microsoft.Extensions.DependencyInjection (2.1.1) - restriction: >= netcoreapp2.1
      Microsoft.Extensions.DependencyInjection.Abstractions (>= 2.1.1) - restriction: || (>= net461) (>= netstandard2.0)
    Microsoft.Extensions.DependencyInjection.Abstractions (2.1.1) - restriction: >= netcoreapp2.1
    Microsoft.Extensions.DependencyModel (2.1) - restriction: >= netcoreapp1.0
      Microsoft.DotNet.PlatformAbstractions (>= 2.1) - restriction: || (>= net451) (>= netstandard1.3)
      Newtonsoft.Json (>= 9.0.1) - restriction: || (>= net451) (>= netstandard1.3)
      System.Diagnostics.Debug (>= 4.0.11) - restriction: || (&& (< net451) (>= netstandard1.3) (< netstandard1.6)) (&& (< net451) (>= netstandard1.6))
      System.Dynamic.Runtime (>= 4.0.11) - restriction: || (&& (< net451) (>= netstandard1.3) (< netstandard1.6)) (&& (< net451) (>= netstandard1.6))
      System.Linq (>= 4.1) - restriction: || (&& (< net451) (>= netstandard1.3) (< netstandard1.6)) (&& (< net451) (>= netstandard1.6))
    Microsoft.Extensions.DiagnosticAdapter (2.1) - restriction: >= netcoreapp2.1
      System.Diagnostics.DiagnosticSource (>= 4.5) - restriction: || (>= net461) (>= netstandard2.0)
    Microsoft.Extensions.FileProviders.Abstractions (2.1.1) - restriction: >= netcoreapp2.1
      Microsoft.Extensions.Primitives (>= 2.1.1) - restriction: >= netstandard2.0
    Microsoft.Extensions.FileProviders.Composite (2.1.1) - restriction: >= netcoreapp2.1
      Microsoft.Extensions.FileProviders.Abstractions (>= 2.1.1) - restriction: >= netstandard2.0
    Microsoft.Extensions.FileProviders.Embedded (2.1.1) - restriction: >= netcoreapp2.1
      Microsoft.Extensions.FileProviders.Abstractions (>= 2.1.1) - restriction: >= netstandard2.0
    Microsoft.Extensions.FileProviders.Physical (2.1.1) - restriction: >= netcoreapp2.1
      Microsoft.Extensions.FileProviders.Abstractions (>= 2.1.1) - restriction: >= netstandard2.0
      Microsoft.Extensions.FileSystemGlobbing (>= 2.1.1) - restriction: >= netstandard2.0
    Microsoft.Extensions.FileSystemGlobbing (2.1.1) - restriction: >= netcoreapp2.1
    Microsoft.Extensions.Hosting (2.1.1) - restriction: >= netcoreapp2.1
      Microsoft.Extensions.Configuration (>= 2.1.1) - restriction: >= netstandard2.0
      Microsoft.Extensions.DependencyInjection (>= 2.1.1) - restriction: >= netstandard2.0
      Microsoft.Extensions.FileProviders.Physical (>= 2.1.1) - restriction: >= netstandard2.0
      Microsoft.Extensions.Hosting.Abstractions (>= 2.1.1) - restriction: >= netstandard2.0
      Microsoft.Extensions.Logging (>= 2.1.1) - restriction: >= netstandard2.0
    Microsoft.Extensions.Hosting.Abstractions (2.1.1) - restriction: >= netcoreapp2.1
      Microsoft.Extensions.Configuration.Abstractions (>= 2.1.1) - restriction: >= netstandard2.0
      Microsoft.Extensions.DependencyInjection.Abstractions (>= 2.1.1) - restriction: >= netstandard2.0
      Microsoft.Extensions.FileProviders.Abstractions (>= 2.1.1) - restriction: >= netstandard2.0
      Microsoft.Extensions.Logging.Abstractions (>= 2.1.1) - restriction: >= netstandard2.0
    Microsoft.Extensions.Http (2.1.1) - restriction: >= netcoreapp2.1
      Microsoft.Extensions.DependencyInjection.Abstractions (>= 2.1.1) - restriction: >= netstandard2.0
      Microsoft.Extensions.Logging (>= 2.1.1) - restriction: >= netstandard2.0
      Microsoft.Extensions.Options (>= 2.1.1) - restriction: >= netstandard2.0
    Microsoft.Extensions.Identity.Core (2.1.3) - restriction: >= netcoreapp2.1
      Microsoft.AspNetCore.Cryptography.KeyDerivation (>= 2.1.1) - restriction: >= netstandard2.0
      Microsoft.Extensions.Logging (>= 2.1.1) - restriction: >= netstandard2.0
      Microsoft.Extensions.Options (>= 2.1.1) - restriction: >= netstandard2.0
      System.ComponentModel.Annotations (>= 4.5) - restriction: >= netstandard2.0
    Microsoft.Extensions.Identity.Stores (2.1.3) - restriction: >= netcoreapp2.1
      Microsoft.Extensions.Identity.Core (>= 2.1.3) - restriction: >= netstandard2.0
      Microsoft.Extensions.Logging (>= 2.1.1) - restriction: >= netstandard2.0
      System.ComponentModel.Annotations (>= 4.5) - restriction: >= netstandard2.0
    Microsoft.Extensions.Localization (2.1.1) - restriction: >= netcoreapp2.1
      Microsoft.Extensions.DependencyInjection.Abstractions (>= 2.1.1) - restriction: >= netstandard2.0
      Microsoft.Extensions.Localization.Abstractions (>= 2.1.1) - restriction: >= netstandard2.0
      Microsoft.Extensions.Logging.Abstractions (>= 2.1.1) - restriction: >= netstandard2.0
      Microsoft.Extensions.Options (>= 2.1.1) - restriction: >= netstandard2.0
    Microsoft.Extensions.Localization.Abstractions (2.1.1) - restriction: >= netcoreapp2.1
    Microsoft.Extensions.Logging (2.1.1) - restriction: >= netcoreapp2.1
      Microsoft.Extensions.Configuration.Binder (>= 2.1.1) - restriction: >= netstandard2.0
      Microsoft.Extensions.DependencyInjection.Abstractions (>= 2.1.1) - restriction: >= netstandard2.0
      Microsoft.Extensions.Logging.Abstractions (>= 2.1.1) - restriction: >= netstandard2.0
      Microsoft.Extensions.Options (>= 2.1.1) - restriction: >= netstandard2.0
    Microsoft.Extensions.Logging.Abstractions (2.1.1) - restriction: >= netcoreapp2.1
    Microsoft.Extensions.Logging.Configuration (2.1.1) - restriction: >= netcoreapp2.1
      Microsoft.Extensions.Logging (>= 2.1.1) - restriction: >= netstandard2.0
      Microsoft.Extensions.Options.ConfigurationExtensions (>= 2.1.1) - restriction: >= netstandard2.0
    Microsoft.Extensions.Logging.Console (2.1.1) - restriction: >= netcoreapp2.1
      Microsoft.Extensions.Configuration.Abstractions (>= 2.1.1) - restriction: >= netstandard2.0
      Microsoft.Extensions.Logging (>= 2.1.1) - restriction: >= netstandard2.0
      Microsoft.Extensions.Logging.Configuration (>= 2.1.1) - restriction: >= netstandard2.0
    Microsoft.Extensions.Logging.Debug (2.1.1) - restriction: >= netcoreapp2.1
      Microsoft.Extensions.Logging (>= 2.1.1) - restriction: >= netstandard2.0
    Microsoft.Extensions.Logging.EventSource (2.1.1) - restriction: >= netcoreapp2.1
      Microsoft.Extensions.Logging (>= 2.1.1) - restriction: >= netstandard2.0
      Newtonsoft.Json (>= 11.0.2) - restriction: >= netstandard2.0
    Microsoft.Extensions.Logging.TraceSource (2.1.1) - restriction: >= netcoreapp2.1
      Microsoft.Extensions.Logging (>= 2.1.1) - restriction: >= netstandard2.0
    Microsoft.Extensions.ObjectPool (2.1.1) - restriction: >= netcoreapp2.1
    Microsoft.Extensions.Options (2.1.1) - restriction: >= netcoreapp2.1
      Microsoft.Extensions.DependencyInjection.Abstractions (>= 2.1.1) - restriction: >= netstandard2.0
      Microsoft.Extensions.Primitives (>= 2.1.1) - restriction: >= netstandard2.0
    Microsoft.Extensions.Options.ConfigurationExtensions (2.1.1) - restriction: >= netcoreapp2.1
      Microsoft.Extensions.Configuration.Abstractions (>= 2.1.1) - restriction: >= netstandard2.0
      Microsoft.Extensions.Configuration.Binder (>= 2.1.1) - restriction: >= netstandard2.0
      Microsoft.Extensions.DependencyInjection.Abstractions (>= 2.1.1) - restriction: >= netstandard2.0
      Microsoft.Extensions.Options (>= 2.1.1) - restriction: >= netstandard2.0
    Microsoft.Extensions.Primitives (2.1.1) - restriction: >= netcoreapp2.1
      System.Memory (>= 4.5.1) - restriction: >= netstandard2.0
      System.Runtime.CompilerServices.Unsafe (>= 4.5.1) - restriction: >= netstandard2.0
    Microsoft.Extensions.WebEncoders (2.1.1) - restriction: >= netcoreapp2.1
      Microsoft.Extensions.DependencyInjection.Abstractions (>= 2.1.1) - restriction: >= netstandard2.0
      Microsoft.Extensions.Options (>= 2.1.1) - restriction: >= netstandard2.0
      System.Text.Encodings.Web (>= 4.5) - restriction: >= netstandard2.0
    Microsoft.IdentityModel.JsonWebTokens (5.3) - restriction: >= netcoreapp2.1
      Microsoft.IdentityModel.Tokens (>= 5.3) - restriction: || (&& (>= net45) (< net451) (< netstandard1.4)) (&& (< net45) (>= netstandard1.4) (< netstandard2.0)) (&& (< net45) (>= netstandard2.0)) (&& (>= net451) (< netstandard1.4)) (>= net461)
      Newtonsoft.Json (>= 10.0.1) - restriction: || (&& (>= net45) (< net451) (< netstandard1.4)) (&& (< net45) (>= netstandard1.4) (< netstandard2.0)) (&& (< net45) (>= netstandard2.0)) (&& (>= net451) (< netstandard1.4)) (>= net461)
    Microsoft.IdentityModel.Logging (5.3) - restriction: >= netcoreapp2.1
      System.Diagnostics.Tracing (>= 4.3) - restriction: || (&& (< net45) (>= netstandard1.4) (< netstandard2.0)) (&& (< net45) (>= netstandard2.0))
      System.Globalization (>= 4.3) - restriction: || (&& (< net45) (>= netstandard1.4) (< netstandard2.0)) (&& (< net45) (>= netstandard2.0))
      System.IO (>= 4.3) - restriction: || (&& (< net45) (>= netstandard1.4) (< netstandard2.0)) (&& (< net45) (>= netstandard2.0))
      System.IO.FileSystem (>= 4.3) - restriction: || (&& (< net45) (>= netstandard1.4) (< netstandard2.0)) (&& (< net45) (>= netstandard2.0))
    Microsoft.IdentityModel.Protocols (5.3) - restriction: >= netcoreapp2.1
      Microsoft.IdentityModel.Logging (>= 5.3) - restriction: || (&& (>= net45) (< net451) (< netstandard1.4)) (&& (< net45) (>= netstandard1.4) (< netstandard2.0)) (&& (< net45) (>= netstandard2.0)) (&& (>= net451) (< netstandard1.4)) (>= net461)
      Microsoft.IdentityModel.Tokens (>= 5.3) - restriction: || (&& (>= net45) (< net451) (< netstandard1.4)) (&& (< net45) (>= netstandard1.4) (< netstandard2.0)) (&& (< net45) (>= netstandard2.0)) (&& (>= net451) (< netstandard1.4)) (>= net461)
      System.Collections.Specialized (>= 4.3) - restriction: || (&& (< net45) (>= netstandard1.4) (< netstandard2.0)) (&& (< net45) (>= netstandard2.0))
      System.Diagnostics.Contracts (>= 4.3) - restriction: || (&& (< net45) (>= netstandard1.4) (< netstandard2.0)) (&& (< net45) (>= netstandard2.0))
      System.Net.Http (>= 4.3) - restriction: || (&& (< net45) (>= netstandard1.4) (< netstandard2.0)) (&& (< net45) (>= netstandard2.0))
    Microsoft.IdentityModel.Protocols.OpenIdConnect (5.3) - restriction: >= netcoreapp2.1
      Microsoft.IdentityModel.Protocols (>= 5.3) - restriction: || (&& (>= net45) (< net451) (< netstandard1.4)) (&& (< net45) (>= netstandard1.4) (< netstandard2.0)) (&& (< net45) (>= netstandard2.0)) (&& (>= net451) (< netstandard1.4)) (>= net461)
      Newtonsoft.Json (>= 10.0.1) - restriction: || (&& (>= net45) (< net451) (< netstandard1.4)) (&& (< net45) (>= netstandard1.4) (< netstandard2.0)) (&& (< net45) (>= netstandard2.0)) (&& (>= net451) (< netstandard1.4)) (>= net461)
      System.Dynamic.Runtime (>= 4.3) - restriction: || (&& (< net45) (>= netstandard1.4) (< netstandard2.0)) (&& (< net45) (>= netstandard2.0))
      System.IdentityModel.Tokens.Jwt (>= 5.3) - restriction: || (&& (>= net45) (< net451) (< netstandard1.4)) (&& (< net45) (>= netstandard1.4) (< netstandard2.0)) (&& (< net45) (>= netstandard2.0)) (&& (>= net451) (< netstandard1.4)) (>= net461)
    Microsoft.IdentityModel.Protocols.WsFederation (5.3) - restriction: >= netcoreapp2.1
      Microsoft.IdentityModel.Protocols (>= 5.3) - restriction: || (&& (>= net45) (< net451) (< netstandard1.4)) (&& (< net45) (>= netstandard1.4) (< netstandard2.0)) (&& (< net45) (>= netstandard2.0)) (&& (>= net451) (< netstandard1.4)) (>= net461)
      Microsoft.IdentityModel.Tokens.Saml (>= 5.3) - restriction: || (&& (>= net45) (< net451) (< netstandard1.4)) (&& (< net45) (>= netstandard1.4) (< netstandard2.0)) (&& (< net45) (>= netstandard2.0)) (&& (>= net451) (< netstandard1.4)) (>= net461)
      Microsoft.IdentityModel.Xml (>= 5.3) - restriction: || (&& (>= net45) (< net451) (< netstandard1.4)) (&& (< net45) (>= netstandard1.4) (< netstandard2.0)) (&& (< net45) (>= netstandard2.0)) (&& (>= net451) (< netstandard1.4)) (>= net461)
      System.Xml.XmlDocument (>= 4.3) - restriction: || (&& (< net45) (>= netstandard1.4) (< netstandard2.0)) (&& (< net45) (>= netstandard2.0))
    Microsoft.IdentityModel.Tokens (5.3) - restriction: >= netcoreapp2.1
      Microsoft.IdentityModel.Logging (>= 5.3) - restriction: || (&& (>= net45) (< net451) (< netstandard1.4)) (&& (< net45) (>= netstandard1.4) (< netstandard2.0)) (&& (< net45) (>= netstandard2.0)) (&& (>= net451) (< netstandard1.4)) (>= net461)
      Newtonsoft.Json (>= 10.0.1) - restriction: || (&& (>= net45) (< net451) (< netstandard1.4)) (&& (< net45) (>= netstandard1.4) (< netstandard2.0)) (&& (< net45) (>= netstandard2.0)) (&& (>= net451) (< netstandard1.4)) (>= net461)
      System.Collections (>= 4.3) - restriction: || (&& (< net45) (>= netstandard1.4) (< netstandard2.0)) (&& (< net45) (>= netstandard2.0))
      System.Diagnostics.Tools (>= 4.3) - restriction: || (&& (< net45) (>= netstandard1.4) (< netstandard2.0)) (&& (< net45) (>= netstandard2.0))
      System.Reflection (>= 4.3) - restriction: || (&& (< net45) (>= netstandard1.4) (< netstandard2.0)) (&& (< net45) (>= netstandard2.0))
      System.Runtime (>= 4.3) - restriction: || (&& (< net45) (>= netstandard1.4) (< netstandard2.0)) (&& (< net45) (>= netstandard2.0))
      System.Runtime.Extensions (>= 4.3) - restriction: || (&& (< net45) (>= netstandard1.4) (< netstandard2.0)) (&& (< net45) (>= netstandard2.0))
      System.Runtime.InteropServices (>= 4.3) - restriction: || (&& (< net45) (>= netstandard1.4) (< netstandard2.0)) (&& (< net45) (>= netstandard2.0))
      System.Runtime.InteropServices.RuntimeInformation (>= 4.3) - restriction: || (&& (< net45) (>= netstandard1.4) (< netstandard2.0)) (&& (< net45) (>= netstandard2.0))
      System.Runtime.Serialization.Xml (>= 4.3) - restriction: || (&& (< net45) (>= netstandard1.4) (< netstandard2.0)) (&& (< net45) (>= netstandard2.0))
      System.Security.Claims (>= 4.3) - restriction: || (&& (< net45) (>= netstandard1.4) (< netstandard2.0)) (&& (< net45) (>= netstandard2.0))
      System.Security.Cryptography.Algorithms (>= 4.3) - restriction: || (&& (< net45) (>= netstandard1.4) (< netstandard2.0)) (&& (< net45) (>= netstandard2.0))
      System.Security.Cryptography.X509Certificates (>= 4.3) - restriction: || (&& (< net45) (>= netstandard1.4) (< netstandard2.0)) (&& (< net45) (>= netstandard2.0))
      System.Text.RegularExpressions (>= 4.3) - restriction: || (&& (< net45) (>= netstandard1.4) (< netstandard2.0)) (&& (< net45) (>= netstandard2.0))
      System.Threading (>= 4.3) - restriction: || (&& (< net45) (>= netstandard1.4) (< netstandard2.0)) (&& (< net45) (>= netstandard2.0))
    Microsoft.IdentityModel.Tokens.Saml (5.3) - restriction: >= netcoreapp2.1
      Microsoft.IdentityModel.Tokens (>= 5.3) - restriction: || (&& (>= net45) (< net451) (< netstandard1.4)) (&& (< net45) (>= netstandard1.4) (< netstandard2.0)) (&& (< net45) (>= netstandard2.0)) (&& (>= net451) (< netstandard1.4)) (>= net461)
      Microsoft.IdentityModel.Xml (>= 5.3) - restriction: || (&& (>= net45) (< net451) (< netstandard1.4)) (&& (< net45) (>= netstandard1.4) (< netstandard2.0)) (&& (< net45) (>= netstandard2.0)) (&& (>= net451) (< netstandard1.4)) (>= net461)
    Microsoft.IdentityModel.Xml (5.3) - restriction: >= netcoreapp2.1
      Microsoft.IdentityModel.Tokens (>= 5.3) - restriction: || (&& (>= net45) (< net451) (< netstandard1.4)) (&& (< net45) (>= netstandard1.4) (< netstandard2.0)) (&& (< net45) (>= netstandard2.0)) (&& (>= net451) (< netstandard1.4)) (>= net461)
    Microsoft.Net.Http.Headers (2.1.1) - restriction: >= netcoreapp2.1
      Microsoft.Extensions.Primitives (>= 2.1.1) - restriction: >= netstandard2.0
      System.Buffers (>= 4.5) - restriction: >= netstandard2.0
    Microsoft.NET.Test.Sdk (15.9)
      Microsoft.CodeCoverage (>= 15.9) - restriction: || (>= net45) (>= netcoreapp1.0)
      Microsoft.TestPlatform.TestHost (>= 15.9) - restriction: >= netcoreapp1.0
      Newtonsoft.Json (>= 9.0.1) - restriction: >= uap10.0
      System.ComponentModel.Primitives (>= 4.1) - restriction: >= uap10.0
      System.ComponentModel.TypeConverter (>= 4.1) - restriction: >= uap10.0
      System.Runtime.InteropServices.RuntimeInformation (>= 4.0) - restriction: >= uap10.0
    Microsoft.NETCore.Platforms (2.1.1) - restriction: || (&& (>= dnxcore50) (>= net461)) (&& (>= dnxcore50) (>= netstandard2.0)) (&& (< net45) (>= net461) (< netstandard1.2)) (&& (< net45) (>= net461) (< netstandard1.3)) (&& (< net45) (>= net461) (>= netstandard1.5) (< netstandard1.6)) (&& (< net45) (>= net461) (< netstandard1.5)) (&& (< net45) (>= net461) (>= netstandard1.6)) (&& (< net45) (>= netstandard2.0)) (&& (>= net461) (>= netcoreapp1.1)) (&& (>= net461) (< netstandard1.0) (>= netstandard1.6)) (&& (>= net461) (< netstandard1.3) (>= netstandard1.6) (>= wpa81)) (&& (>= net461) (< netstandard1.5) (>= netstandard1.6) (>= uap10.0)) (&& (>= net461) (>= netstandard1.6) (< portable-net45+win8+wpa81)) (&& (>= net461) (>= netstandard1.6) (>= uap10.1)) (&& (>= net461) (>= netstandard1.6) (>= wp8)) (>= netcoreapp1.0) (&& (>= netcoreapp1.1) (>= netstandard2.0)) (&& (< netstandard1.0) (>= netstandard2.0) (< portable-net45+win8)) (&& (< netstandard1.0) (>= netstandard2.0) (>= win8)) (&& (< netstandard1.0) (>= netstandard2.0) (< win8)) (&& (< netstandard1.3) (>= netstandard2.0) (< win8) (>= wpa81)) (&& (< netstandard1.5) (>= netstandard2.0) (>= uap10.0)) (&& (>= netstandard2.0) (< portable-net45+win8+wpa81)) (&& (>= netstandard2.0) (>= uap10.1)) (&& (>= netstandard2.0) (>= wp8))
    Microsoft.NETCore.Targets (2.1) - restriction: || (&& (>= dnxcore50) (>= net461)) (&& (>= dnxcore50) (>= netstandard2.0)) (&& (< monoandroid) (< net45) (< netstandard1.2) (>= netstandard2.0) (< win8)) (&& (< monoandroid) (< net45) (< netstandard1.3) (>= netstandard2.0) (< win8) (< wpa81)) (&& (< monoandroid) (< net45) (< netstandard1.5) (>= netstandard2.0) (< win8) (< wpa81)) (&& (< monoandroid) (< net45) (< netstandard1.6) (>= netstandard2.0) (< win8) (< wpa81)) (&& (< monoandroid) (< net45) (>= netstandard2.0) (< win8) (< wpa81) (< xamarinios)) (&& (< net45) (>= net461) (< netstandard1.2)) (&& (< net45) (>= net461) (< netstandard1.3)) (&& (< net45) (>= net461) (>= netstandard1.5) (< netstandard1.6)) (&& (< net45) (>= net461) (< netstandard1.5)) (&& (< net45) (>= net461) (>= netstandard1.6)) (&& (>= net461) (>= netcoreapp1.1)) (>= netcoreapp1.0) (&& (>= netcoreapp1.1) (>= netstandard2.0))
    Microsoft.TestPlatform.ObjectModel (15.9) - restriction: >= netcoreapp1.0
      NETStandard.Library (>= 1.6) - restriction: && (< net451) (>= netstandard1.5)
      System.ComponentModel.EventBasedAsync (>= 4.0.11) - restriction: && (< net451) (>= netstandard1.5)
      System.ComponentModel.TypeConverter (>= 4.1) - restriction: || (&& (< net451) (>= netstandard1.4) (< netstandard1.5)) (&& (< net451) (>= netstandard1.5))
      System.Diagnostics.Process (>= 4.1) - restriction: && (< net451) (>= netstandard1.5)
      System.Diagnostics.TextWriterTraceListener (>= 4.0) - restriction: && (< net451) (>= netstandard1.5)
      System.Diagnostics.TraceSource (>= 4.0) - restriction: && (< net451) (>= netstandard1.5)
      System.Reflection.Metadata (>= 1.3) - restriction: || (>= net451) (>= netstandard1.5)
      System.Reflection.TypeExtensions (>= 4.1) - restriction: && (< net451) (>= netstandard1.5)
      System.Runtime.InteropServices.RuntimeInformation (>= 4.0) - restriction: || (&& (< net451) (>= netstandard1.4) (< netstandard1.5)) (&& (< net451) (>= netstandard1.5))
      System.Runtime.Loader (>= 4.0) - restriction: && (< net451) (>= netstandard1.5)
      System.Runtime.Serialization.Json (>= 4.0.2) - restriction: && (< net451) (>= netstandard1.5)
      System.Runtime.Serialization.Primitives (>= 4.1.1) - restriction: && (< net451) (>= netstandard1.5)
      System.Threading.Thread (>= 4.0) - restriction: && (< net451) (>= netstandard1.5)
      System.Xml.XPath.XmlDocument (>= 4.0.1) - restriction: && (< net451) (>= netstandard1.5)
    Microsoft.TestPlatform.TestHost (15.9) - restriction: >= netcoreapp1.0
      Microsoft.Extensions.DependencyModel (>= 1.0.3) - restriction: >= netcoreapp1.0
      Microsoft.TestPlatform.ObjectModel (>= 15.9) - restriction: || (>= netcoreapp1.0) (>= uap10.0)
      Newtonsoft.Json (>= 9.0.1) - restriction: || (>= netcoreapp1.0) (>= uap10.0)
    Microsoft.Win32.Primitives (4.3) - restriction: >= netcoreapp1.0
      Microsoft.NETCore.Platforms (>= 1.1) - restriction: && (< monoandroid) (< monotouch) (< net46) (>= netstandard1.3) (< xamarinios) (< xamarinmac) (< xamarintvos) (< xamarinwatchos)
      Microsoft.NETCore.Targets (>= 1.1) - restriction: && (< monoandroid) (< monotouch) (< net46) (>= netstandard1.3) (< xamarinios) (< xamarinmac) (< xamarintvos) (< xamarinwatchos)
      System.Runtime (>= 4.3) - restriction: && (< monoandroid) (< monotouch) (< net46) (>= netstandard1.3) (< xamarinios) (< xamarinmac) (< xamarintvos) (< xamarinwatchos)
    Microsoft.Win32.Registry (4.5) - restriction: >= netcoreapp1.0
      System.Security.AccessControl (>= 4.5) - restriction: || (&& (>= monoandroid) (< netstandard2.0)) (>= monotouch) (&& (< net46) (>= netstandard2.0)) (>= net461) (>= netcoreapp2.0) (>= xamarinios) (>= xamarinmac) (>= xamarintvos) (>= xamarinwatchos)
      System.Security.Principal.Windows (>= 4.5) - restriction: || (&& (>= monoandroid) (< netstandard2.0)) (>= monotouch) (&& (< net46) (>= netstandard2.0)) (>= net461) (>= netcoreapp2.0) (>= xamarinios) (>= xamarinmac) (>= xamarintvos) (>= xamarinwatchos)
    NETStandard.Library (2.0.3) - restriction: || (&& (< net35) (>= netstandard1.1) (< netstandard2.0)) (&& (< net45) (>= net461) (>= netstandard1.6)) (&& (< net45) (>= netstandard2.0)) (&& (< net452) (>= netstandard1.1)) (>= netcoreapp1.0)
      Microsoft.NETCore.Platforms (>= 1.1) - restriction: || (&& (>= net45) (< netstandard1.3)) (&& (< net45) (>= netstandard1.1) (< netstandard1.2) (< win8)) (&& (< net45) (>= netstandard1.2) (< netstandard1.3) (< win8) (< wpa81)) (&& (< net45) (>= netstandard1.3) (< netstandard1.4) (< win8) (< wpa81)) (&& (< net45) (>= netstandard1.4) (< netstandard1.5) (< win8) (< wpa81)) (&& (< net45) (>= netstandard1.5) (< netstandard1.6) (< win8) (< wpa81)) (&& (< net45) (>= netstandard1.6) (< netstandard2.0) (< win8) (< wpa81)) (&& (< net45) (>= netstandard2.0)) (&& (>= net46) (< netstandard1.4)) (>= net461) (>= netcoreapp2.0) (&& (>= netstandard1.0) (< portable-net45+win8+wpa81)) (&& (< netstandard1.0) (>= portable-net45+win8) (< win8)) (&& (< netstandard1.0) (< portable-net45+win8) (>= portable-net45+win8+wpa81)) (&& (< netstandard1.0) (>= portable-net45+win8+wp8+wpa81) (< portable-net45+win8+wpa81)) (&& (< netstandard1.0) (>= win8)) (&& (< netstandard1.3) (< win8) (>= wpa81)) (&& (< netstandard1.5) (>= uap10.0)) (>= uap10.1) (>= wp8)
    Newtonsoft.Json (11.0.2) - restriction: || (>= net461) (>= netcoreapp1.0) (>= netstandard2.0) (>= uap10.0)
    Newtonsoft.Json.Bson (1.0.1) - restriction: >= netcoreapp2.1
      NETStandard.Library (>= 1.6.1) - restriction: && (< net45) (>= netstandard1.3)
      Newtonsoft.Json (>= 10.0.1) - restriction: || (>= net45) (>= netstandard1.3)
    Remotion.Linq (2.2) - restriction: >= netcoreapp2.1
      System.Collections (>= 4.0.11) - restriction: && (< net35) (>= netstandard1.0)
      System.Diagnostics.Debug (>= 4.0.11) - restriction: && (< net35) (>= netstandard1.0)
      System.Linq (>= 4.1) - restriction: && (< net35) (>= netstandard1.0)
      System.Linq.Expressions (>= 4.1) - restriction: && (< net35) (>= netstandard1.0)
      System.Linq.Queryable (>= 4.0.1) - restriction: && (< net35) (>= netstandard1.0)
      System.ObjectModel (>= 4.0.12) - restriction: && (< net35) (>= netstandard1.0)
      System.Reflection (>= 4.1) - restriction: && (< net35) (>= netstandard1.0)
      System.Reflection.Extensions (>= 4.0.1) - restriction: && (< net35) (>= netstandard1.0)
      System.Runtime (>= 4.1) - restriction: && (< net35) (>= netstandard1.0)
      System.Runtime.Extensions (>= 4.1) - restriction: && (< net35) (>= netstandard1.0)
      System.Threading (>= 4.0.11) - restriction: && (< net35) (>= netstandard1.0)
    runtime.debian.8-x64.runtime.native.System.Security.Cryptography.OpenSsl (4.3.3) - restriction: >= netcoreapp2.1
    runtime.debian.9-x64.runtime.native.System.Security.Cryptography.OpenSsl (4.3.3) - restriction: >= netcoreapp2.1
    runtime.fedora.23-x64.runtime.native.System.Security.Cryptography.OpenSsl (4.3.3) - restriction: >= netcoreapp2.1
    runtime.fedora.24-x64.runtime.native.System.Security.Cryptography.OpenSsl (4.3.3) - restriction: >= netcoreapp2.1
    runtime.fedora.27-x64.runtime.native.System.Security.Cryptography.OpenSsl (4.3.3) - restriction: >= netcoreapp2.1
    runtime.fedora.28-x64.runtime.native.System.Security.Cryptography.OpenSsl (4.3.3) - restriction: >= netcoreapp2.1
    runtime.native.System (4.3.1) - restriction: >= netcoreapp1.0
      Microsoft.NETCore.Platforms (>= 1.1.1)
      Microsoft.NETCore.Targets (>= 1.1.3)
    runtime.native.System.Data.SqlClient.sni (4.5) - restriction: >= netcoreapp2.1
      runtime.win-arm64.runtime.native.System.Data.SqlClient.sni (>= 4.4)
      runtime.win-x64.runtime.native.System.Data.SqlClient.sni (>= 4.4)
      runtime.win-x86.runtime.native.System.Data.SqlClient.sni (>= 4.4)
    runtime.native.System.IO.Compression (4.3.2) - restriction: >= netcoreapp2.1
      Microsoft.NETCore.Platforms (>= 1.1.1)
      Microsoft.NETCore.Targets (>= 1.1.3)
    runtime.native.System.Net.Http (4.3.1) - restriction: >= netcoreapp2.1
      Microsoft.NETCore.Platforms (>= 1.1.1)
      Microsoft.NETCore.Targets (>= 1.1.3)
    runtime.native.System.Security.Cryptography.Apple (4.3.1) - restriction: >= netcoreapp2.1
      runtime.osx.10.10-x64.runtime.native.System.Security.Cryptography.Apple (>= 4.3.1)
    runtime.native.System.Security.Cryptography.OpenSsl (4.3.3) - restriction: >= netcoreapp2.1
      runtime.debian.8-x64.runtime.native.System.Security.Cryptography.OpenSsl (>= 4.3.3)
      runtime.debian.9-x64.runtime.native.System.Security.Cryptography.OpenSsl (>= 4.3.3)
      runtime.fedora.23-x64.runtime.native.System.Security.Cryptography.OpenSsl (>= 4.3.3)
      runtime.fedora.24-x64.runtime.native.System.Security.Cryptography.OpenSsl (>= 4.3.3)
      runtime.fedora.27-x64.runtime.native.System.Security.Cryptography.OpenSsl (>= 4.3.3)
      runtime.fedora.28-x64.runtime.native.System.Security.Cryptography.OpenSsl (>= 4.3.3)
      runtime.opensuse.13.2-x64.runtime.native.System.Security.Cryptography.OpenSsl (>= 4.3.3)
      runtime.opensuse.42.1-x64.runtime.native.System.Security.Cryptography.OpenSsl (>= 4.3.3)
      runtime.opensuse.42.3-x64.runtime.native.System.Security.Cryptography.OpenSsl (>= 4.3.3)
      runtime.osx.10.10-x64.runtime.native.System.Security.Cryptography.OpenSsl (>= 4.3.3)
      runtime.rhel.7-x64.runtime.native.System.Security.Cryptography.OpenSsl (>= 4.3.3)
      runtime.ubuntu.14.04-x64.runtime.native.System.Security.Cryptography.OpenSsl (>= 4.3.3)
      runtime.ubuntu.16.04-x64.runtime.native.System.Security.Cryptography.OpenSsl (>= 4.3.3)
      runtime.ubuntu.16.10-x64.runtime.native.System.Security.Cryptography.OpenSsl (>= 4.3.3)
      runtime.ubuntu.18.04-x64.runtime.native.System.Security.Cryptography.OpenSsl (>= 4.3.3)
    runtime.opensuse.13.2-x64.runtime.native.System.Security.Cryptography.OpenSsl (4.3.3) - restriction: >= netcoreapp2.1
    runtime.opensuse.42.1-x64.runtime.native.System.Security.Cryptography.OpenSsl (4.3.3) - restriction: >= netcoreapp2.1
    runtime.opensuse.42.3-x64.runtime.native.System.Security.Cryptography.OpenSsl (4.3.3) - restriction: >= netcoreapp2.1
    runtime.osx.10.10-x64.runtime.native.System.Security.Cryptography.Apple (4.3.1) - restriction: >= netcoreapp2.1
    runtime.osx.10.10-x64.runtime.native.System.Security.Cryptography.OpenSsl (4.3.3) - restriction: >= netcoreapp2.1
    runtime.rhel.7-x64.runtime.native.System.Security.Cryptography.OpenSsl (4.3.3) - restriction: >= netcoreapp2.1
    runtime.ubuntu.14.04-x64.runtime.native.System.Security.Cryptography.OpenSsl (4.3.3) - restriction: >= netcoreapp2.1
    runtime.ubuntu.16.04-x64.runtime.native.System.Security.Cryptography.OpenSsl (4.3.3) - restriction: >= netcoreapp2.1
    runtime.ubuntu.16.10-x64.runtime.native.System.Security.Cryptography.OpenSsl (4.3.3) - restriction: >= netcoreapp2.1
    runtime.ubuntu.18.04-x64.runtime.native.System.Security.Cryptography.OpenSsl (4.3.3) - restriction: >= netcoreapp2.1
    runtime.win-arm64.runtime.native.System.Data.SqlClient.sni (4.4) - restriction: >= netcoreapp2.1
    runtime.win-x64.runtime.native.System.Data.SqlClient.sni (4.4) - restriction: >= netcoreapp2.1
    runtime.win-x86.runtime.native.System.Data.SqlClient.sni (4.4) - restriction: >= netcoreapp2.1
    System.AppContext (4.3) - restriction: >= netcoreapp2.1
      System.Runtime (>= 4.3) - restriction: || (>= dnxcore50) (&& (< monoandroid) (< net46) (>= netstandard1.3) (< netstandard1.6)) (&& (< monotouch) (< net46) (>= netstandard1.6) (< xamarinios) (< xamarinmac) (< xamarintvos) (< xamarinwatchos))
    System.Buffers (4.5) - restriction: >= netcoreapp2.1
    System.Collections (4.3) - restriction: || (&& (>= dnxcore50) (>= net461)) (&& (>= dnxcore50) (>= netstandard2.0)) (&& (< monoandroid) (< net45) (>= netstandard2.0) (< win8) (< wpa81) (< xamarinios)) (&& (< net45) (>= net461)) (>= netcoreapp1.0)
      Microsoft.NETCore.Platforms (>= 1.1) - restriction: || (>= dnxcore50) (&& (< monoandroid) (< monotouch) (< net45) (>= netstandard1.3) (< win8) (< wpa81) (< xamarinios) (< xamarinmac) (< xamarintvos) (< xamarinwatchos)) (&& (< monoandroid) (< net45) (>= netstandard1.0) (< netstandard1.3) (< win8) (< wp8) (< wpa81))
      Microsoft.NETCore.Targets (>= 1.1) - restriction: || (>= dnxcore50) (&& (< monoandroid) (< monotouch) (< net45) (>= netstandard1.3) (< win8) (< wpa81) (< xamarinios) (< xamarinmac) (< xamarintvos) (< xamarinwatchos)) (&& (< monoandroid) (< net45) (>= netstandard1.0) (< netstandard1.3) (< win8) (< wp8) (< wpa81))
      System.Runtime (>= 4.3) - restriction: || (>= dnxcore50) (&& (< monoandroid) (< monotouch) (< net45) (>= netstandard1.3) (< win8) (< wpa81) (< xamarinios) (< xamarinmac) (< xamarintvos) (< xamarinwatchos)) (&& (< monoandroid) (< net45) (>= netstandard1.0) (< netstandard1.3) (< win8) (< wp8) (< wpa81))
    System.Collections.Concurrent (4.3) - restriction: >= netcoreapp1.0
      System.Collections (>= 4.3) - restriction: || (>= dnxcore50) (&& (< monoandroid) (< monotouch) (< net45) (>= netstandard1.3) (< win8) (< wpa81) (< xamarinios) (< xamarinmac) (< xamarintvos) (< xamarinwatchos))
      System.Diagnostics.Debug (>= 4.3) - restriction: || (>= dnxcore50) (&& (< monoandroid) (< monotouch) (< net45) (>= netstandard1.3) (< win8) (< wpa81) (< xamarinios) (< xamarinmac) (< xamarintvos) (< xamarinwatchos))
      System.Diagnostics.Tracing (>= 4.3) - restriction: || (>= dnxcore50) (&& (< monoandroid) (< monotouch) (< net45) (>= netstandard1.3) (< win8) (< wpa81) (< xamarinios) (< xamarinmac) (< xamarintvos) (< xamarinwatchos))
      System.Globalization (>= 4.3) - restriction: || (>= dnxcore50) (&& (< monoandroid) (< monotouch) (< net45) (>= netstandard1.3) (< win8) (< wpa81) (< xamarinios) (< xamarinmac) (< xamarintvos) (< xamarinwatchos))
      System.Reflection (>= 4.3) - restriction: && (< monoandroid) (< monotouch) (< net45) (>= netstandard1.3) (< win8) (< wpa81) (< xamarinios) (< xamarinmac) (< xamarintvos) (< xamarinwatchos)
      System.Resources.ResourceManager (>= 4.3) - restriction: || (>= dnxcore50) (&& (< monoandroid) (< monotouch) (< net45) (>= netstandard1.3) (< win8) (< wpa81) (< xamarinios) (< xamarinmac) (< xamarintvos) (< xamarinwatchos))
      System.Runtime (>= 4.3) - restriction: || (>= dnxcore50) (&& (< monoandroid) (< monotouch) (< net45) (>= netstandard1.3) (< win8) (< wpa81) (< xamarinios) (< xamarinmac) (< xamarintvos) (< xamarinwatchos)) (&& (< monoandroid) (< net45) (>= netstandard1.1) (< netstandard1.3) (< win8) (< wpa81))
      System.Runtime.Extensions (>= 4.3) - restriction: || (>= dnxcore50) (&& (< monoandroid) (< monotouch) (< net45) (>= netstandard1.3) (< win8) (< wpa81) (< xamarinios) (< xamarinmac) (< xamarintvos) (< xamarinwatchos))
      System.Threading (>= 4.3) - restriction: || (>= dnxcore50) (&& (< monoandroid) (< monotouch) (< net45) (>= netstandard1.3) (< win8) (< wpa81) (< xamarinios) (< xamarinmac) (< xamarintvos) (< xamarinwatchos))
      System.Threading.Tasks (>= 4.3) - restriction: || (>= dnxcore50) (&& (< monoandroid) (< monotouch) (< net45) (>= netstandard1.3) (< win8) (< wpa81) (< xamarinios) (< xamarinmac) (< xamarintvos) (< xamarinwatchos)) (&& (< monoandroid) (< net45) (>= netstandard1.1) (< netstandard1.3) (< win8) (< wpa81))
    System.Collections.Immutable (1.5) - restriction: >= netcoreapp2.1
    System.Collections.NonGeneric (4.3) - restriction: >= netcoreapp2.1
      System.Diagnostics.Debug (>= 4.3) - restriction: && (< monoandroid) (< monotouch) (< net46) (>= netstandard1.3) (< xamarinios) (< xamarinmac) (< xamarintvos) (< xamarinwatchos)
      System.Globalization (>= 4.3) - restriction: && (< monoandroid) (< monotouch) (< net46) (>= netstandard1.3) (< xamarinios) (< xamarinmac) (< xamarintvos) (< xamarinwatchos)
      System.Resources.ResourceManager (>= 4.3) - restriction: && (< monoandroid) (< monotouch) (< net46) (>= netstandard1.3) (< xamarinios) (< xamarinmac) (< xamarintvos) (< xamarinwatchos)
      System.Runtime (>= 4.3) - restriction: && (< monoandroid) (< monotouch) (< net46) (>= netstandard1.3) (< xamarinios) (< xamarinmac) (< xamarintvos) (< xamarinwatchos)
      System.Runtime.Extensions (>= 4.3) - restriction: && (< monoandroid) (< monotouch) (< net46) (>= netstandard1.3) (< xamarinios) (< xamarinmac) (< xamarintvos) (< xamarinwatchos)
      System.Threading (>= 4.3) - restriction: && (< monoandroid) (< monotouch) (< net46) (>= netstandard1.3) (< xamarinios) (< xamarinmac) (< xamarintvos) (< xamarinwatchos)
    System.Collections.Specialized (4.3) - restriction: >= netcoreapp2.1
      System.Collections.NonGeneric (>= 4.3) - restriction: && (< monoandroid) (< monotouch) (< net46) (>= netstandard1.3) (< xamarinios) (< xamarinmac) (< xamarintvos) (< xamarinwatchos)
      System.Globalization (>= 4.3) - restriction: && (< monoandroid) (< monotouch) (< net46) (>= netstandard1.3) (< xamarinios) (< xamarinmac) (< xamarintvos) (< xamarinwatchos)
      System.Globalization.Extensions (>= 4.3) - restriction: && (< monoandroid) (< monotouch) (< net46) (>= netstandard1.3) (< xamarinios) (< xamarinmac) (< xamarintvos) (< xamarinwatchos)
      System.Resources.ResourceManager (>= 4.3) - restriction: && (< monoandroid) (< monotouch) (< net46) (>= netstandard1.3) (< xamarinios) (< xamarinmac) (< xamarintvos) (< xamarinwatchos)
      System.Runtime (>= 4.3) - restriction: && (< monoandroid) (< monotouch) (< net46) (>= netstandard1.3) (< xamarinios) (< xamarinmac) (< xamarintvos) (< xamarinwatchos)
      System.Runtime.Extensions (>= 4.3) - restriction: && (< monoandroid) (< monotouch) (< net46) (>= netstandard1.3) (< xamarinios) (< xamarinmac) (< xamarintvos) (< xamarinwatchos)
      System.Threading (>= 4.3) - restriction: && (< monoandroid) (< monotouch) (< net46) (>= netstandard1.3) (< xamarinios) (< xamarinmac) (< xamarintvos) (< xamarinwatchos)
    System.ComponentModel.Annotations (4.5) - restriction: >= netcoreapp2.1
    System.ComponentModel.EventBasedAsync (4.3) - restriction: >= netcoreapp1.0
      System.Resources.ResourceManager (>= 4.3) - restriction: || (>= dnxcore50) (&& (< monoandroid) (< monotouch) (< net45) (>= netstandard1.3) (< win8) (< wpa81) (< xamarinios) (< xamarinmac) (< xamarintvos) (< xamarinwatchos))
      System.Runtime (>= 4.3) - restriction: || (>= dnxcore50) (&& (< monoandroid) (< monotouch) (< net45) (>= netstandard1.3) (< win8) (< wpa81) (< xamarinios) (< xamarinmac) (< xamarintvos) (< xamarinwatchos)) (&& (< monoandroid) (< net45) (>= netstandard1.0) (< netstandard1.3) (< win8) (< wp8) (< wpa81))
      System.Threading (>= 4.3) - restriction: || (>= dnxcore50) (&& (< monoandroid) (< monotouch) (< net45) (>= netstandard1.3) (< win8) (< wpa81) (< xamarinios) (< xamarinmac) (< xamarintvos) (< xamarinwatchos))
      System.Threading.Tasks (>= 4.3) - restriction: || (>= dnxcore50) (&& (< monoandroid) (< monotouch) (< net45) (>= netstandard1.3) (< win8) (< wpa81) (< xamarinios) (< xamarinmac) (< xamarintvos) (< xamarinwatchos))
    System.ComponentModel.Primitives (4.3) - restriction: >= uap10.0
    System.ComponentModel.TypeConverter (4.3) - restriction: || (>= netcoreapp1.0) (>= uap10.0)
      System.ComponentModel.Primitives (>= 4.3) - restriction: || (&& (< monoandroid) (< monotouch) (< net45) (>= netstandard1.5) (< win8) (< xamarinios) (< xamarinmac) (< xamarintvos) (< xamarinwatchos)) (&& (< monoandroid) (< net45) (>= netstandard1.0) (< netstandard1.5) (< win8)) (&& (>= net45) (< netstandard1.5)) (>= net462) (&& (< netstandard1.0) (>= win8)) (>= wp8) (>= wpa81)
    System.Console (4.3.1) - restriction: >= netcoreapp2.1
      Microsoft.NETCore.Platforms (>= 1.1) - restriction: && (< monoandroid) (< monotouch) (< net46) (>= netstandard1.3) (< xamarinios) (< xamarinmac) (< xamarintvos) (< xamarinwatchos)
      Microsoft.NETCore.Targets (>= 1.1.2) - restriction: && (< monoandroid) (< monotouch) (< net46) (>= netstandard1.3) (< xamarinios) (< xamarinmac) (< xamarintvos) (< xamarinwatchos)
      System.IO (>= 4.3) - restriction: && (< monoandroid) (< monotouch) (< net46) (>= netstandard1.3) (< xamarinios) (< xamarinmac) (< xamarintvos) (< xamarinwatchos)
      System.Runtime (>= 4.3) - restriction: && (< monoandroid) (< monotouch) (< net46) (>= netstandard1.3) (< xamarinios) (< xamarinmac) (< xamarintvos) (< xamarinwatchos)
      System.Text.Encoding (>= 4.3) - restriction: && (< monoandroid) (< monotouch) (< net46) (>= netstandard1.3) (< xamarinios) (< xamarinmac) (< xamarintvos) (< xamarinwatchos)
    System.Data.SqlClient (4.5.1) - restriction: >= netcoreapp2.1
      Microsoft.Win32.Registry (>= 4.5) - restriction: || (&& (< net451) (>= netstandard2.0) (< xamarinios)) (>= netcoreapp2.0)
      runtime.native.System.Data.SqlClient.sni (>= 4.4) - restriction: || (&& (< monoandroid) (< monotouch) (< net451) (>= netstandard1.3) (< netstandard2.0) (< win81) (< wpa81) (< xamarinmac) (< xamarintvos) (< xamarinwatchos)) (&& (< net451) (>= netstandard2.0) (< xamarinios)) (>= netcoreapp2.0)
      System.Security.Principal.Windows (>= 4.5) - restriction: || (&& (< net451) (>= netstandard2.0) (< xamarinios)) (>= netcoreapp2.0)
      System.Text.Encoding.CodePages (>= 4.5) - restriction: || (&& (< net451) (>= netstandard2.0) (< xamarinios)) (>= netcoreapp2.0)
    System.Diagnostics.Contracts (4.3) - restriction: >= netcoreapp2.1
      System.Runtime (>= 4.3) - restriction: || (>= dnxcore50) (&& (< monoandroid) (< monotouch) (< net45) (>= netstandard1.0) (< win8) (< wp8) (< wpa81) (< xamarinios) (< xamarinmac) (< xamarintvos) (< xamarinwatchos))
    System.Diagnostics.Debug (4.3) - restriction: || (&& (>= dnxcore50) (>= net461)) (&& (>= dnxcore50) (>= netstandard2.0)) (&& (< monoandroid) (< net45) (>= netstandard2.0) (< win8) (< wpa81) (< xamarinios)) (&& (< net45) (>= net461) (>= netstandard1.6)) (>= netcoreapp1.0)
      Microsoft.NETCore.Platforms (>= 1.1) - restriction: || (>= dnxcore50) (&& (< monoandroid) (< monotouch) (< net45) (>= netstandard1.3) (< win8) (< wpa81) (< xamarinios) (< xamarinmac) (< xamarintvos) (< xamarinwatchos)) (&& (< monoandroid) (< net45) (>= netstandard1.0) (< netstandard1.3) (< win8) (< wp8) (< wpa81))
      Microsoft.NETCore.Targets (>= 1.1) - restriction: || (>= dnxcore50) (&& (< monoandroid) (< monotouch) (< net45) (>= netstandard1.3) (< win8) (< wpa81) (< xamarinios) (< xamarinmac) (< xamarintvos) (< xamarinwatchos)) (&& (< monoandroid) (< net45) (>= netstandard1.0) (< netstandard1.3) (< win8) (< wp8) (< wpa81))
      System.Runtime (>= 4.3) - restriction: || (>= dnxcore50) (&& (< monoandroid) (< monotouch) (< net45) (>= netstandard1.3) (< win8) (< wpa81) (< xamarinios) (< xamarinmac) (< xamarintvos) (< xamarinwatchos)) (&& (< monoandroid) (< net45) (>= netstandard1.0) (< netstandard1.3) (< win8) (< wp8) (< wpa81))
    System.Diagnostics.DiagnosticSource (4.5.1) - restriction: >= netcoreapp2.1
    System.Diagnostics.FileVersionInfo (4.3) - restriction: >= netcoreapp2.1
      Microsoft.NETCore.Platforms (>= 1.1) - restriction: || (>= dnxcore50) (&& (< monoandroid) (< monotouch) (< net46) (>= netstandard1.3) (< xamarinios) (< xamarinmac) (< xamarintvos) (< xamarinwatchos))
      System.Globalization (>= 4.3) - restriction: && (< monoandroid) (< monotouch) (< net46) (>= netstandard1.3) (< xamarinios) (< xamarinmac) (< xamarintvos) (< xamarinwatchos)
      System.IO (>= 4.3) - restriction: || (>= dnxcore50) (&& (< monoandroid) (< monotouch) (< net46) (>= netstandard1.3) (< xamarinios) (< xamarinmac) (< xamarintvos) (< xamarinwatchos))
      System.IO.FileSystem (>= 4.3) - restriction: || (>= dnxcore50) (&& (< monoandroid) (< monotouch) (< net46) (>= netstandard1.3) (< xamarinios) (< xamarinmac) (< xamarintvos) (< xamarinwatchos))
      System.IO.FileSystem.Primitives (>= 4.3) - restriction: || (>= dnxcore50) (&& (< monoandroid) (< monotouch) (< net46) (>= netstandard1.3) (< xamarinios) (< xamarinmac) (< xamarintvos) (< xamarinwatchos))
      System.Reflection.Metadata (>= 1.4.1) - restriction: || (>= dnxcore50) (&& (< monoandroid) (< monotouch) (< net46) (>= netstandard1.3) (< xamarinios) (< xamarinmac) (< xamarintvos) (< xamarinwatchos))
      System.Runtime (>= 4.3) - restriction: || (>= dnxcore50) (&& (< monoandroid) (< monotouch) (< net46) (>= netstandard1.3) (< xamarinios) (< xamarinmac) (< xamarintvos) (< xamarinwatchos))
      System.Runtime.Extensions (>= 4.3) - restriction: || (>= dnxcore50) (&& (< monoandroid) (< monotouch) (< net46) (>= netstandard1.3) (< xamarinios) (< xamarinmac) (< xamarintvos) (< xamarinwatchos))
      System.Runtime.InteropServices (>= 4.3) - restriction: && (< monoandroid) (< monotouch) (< net46) (>= netstandard1.3) (< xamarinios) (< xamarinmac) (< xamarintvos) (< xamarinwatchos)
    System.Diagnostics.Process (4.3) - restriction: >= netcoreapp1.0
      Microsoft.NETCore.Platforms (>= 1.1) - restriction: && (< monoandroid) (< monotouch) (< net46) (>= netstandard1.4) (< xamarinios) (< xamarinmac) (< xamarintvos) (< xamarinwatchos)
      Microsoft.Win32.Primitives (>= 4.3) - restriction: && (< monoandroid) (< monotouch) (< net46) (>= netstandard1.4) (< xamarinios) (< xamarinmac) (< xamarintvos) (< xamarinwatchos)
      Microsoft.Win32.Registry (>= 4.3) - restriction: && (< monoandroid) (< monotouch) (< net46) (>= netstandard1.4) (< xamarinios) (< xamarinmac) (< xamarintvos) (< xamarinwatchos)
      runtime.native.System (>= 4.3) - restriction: && (< monoandroid) (< monotouch) (< net46) (>= netstandard1.4) (< xamarinios) (< xamarinmac) (< xamarintvos) (< xamarinwatchos)
      System.Collections (>= 4.3) - restriction: && (< monoandroid) (< monotouch) (< net46) (>= netstandard1.4) (< xamarinios) (< xamarinmac) (< xamarintvos) (< xamarinwatchos)
      System.Diagnostics.Debug (>= 4.3) - restriction: && (< monoandroid) (< monotouch) (< net46) (>= netstandard1.4) (< xamarinios) (< xamarinmac) (< xamarintvos) (< xamarinwatchos)
      System.Globalization (>= 4.3) - restriction: && (< monoandroid) (< monotouch) (< net46) (>= netstandard1.4) (< xamarinios) (< xamarinmac) (< xamarintvos) (< xamarinwatchos)
      System.IO (>= 4.3) - restriction: || (&& (< monoandroid) (< monotouch) (< net46) (>= netstandard1.4) (< xamarinios) (< xamarinmac) (< xamarintvos) (< xamarinwatchos)) (&& (< monoandroid) (< net46) (>= netstandard1.3) (< netstandard1.4))
      System.IO.FileSystem (>= 4.3) - restriction: && (< monoandroid) (< monotouch) (< net46) (>= netstandard1.4) (< xamarinios) (< xamarinmac) (< xamarintvos) (< xamarinwatchos)
      System.IO.FileSystem.Primitives (>= 4.3) - restriction: && (< monoandroid) (< monotouch) (< net46) (>= netstandard1.4) (< xamarinios) (< xamarinmac) (< xamarintvos) (< xamarinwatchos)
      System.Resources.ResourceManager (>= 4.3) - restriction: && (< monoandroid) (< monotouch) (< net46) (>= netstandard1.4) (< xamarinios) (< xamarinmac) (< xamarintvos) (< xamarinwatchos)
      System.Runtime (>= 4.3) - restriction: || (&& (< monoandroid) (< monotouch) (< net46) (>= netstandard1.4) (< xamarinios) (< xamarinmac) (< xamarintvos) (< xamarinwatchos)) (&& (< monoandroid) (< net46) (>= netstandard1.3) (< netstandard1.4))
      System.Runtime.Extensions (>= 4.3) - restriction: && (< monoandroid) (< monotouch) (< net46) (>= netstandard1.4) (< xamarinios) (< xamarinmac) (< xamarintvos) (< xamarinwatchos)
      System.Runtime.Handles (>= 4.3) - restriction: || (&& (< monoandroid) (< monotouch) (< net46) (>= netstandard1.4) (< xamarinios) (< xamarinmac) (< xamarintvos) (< xamarinwatchos)) (&& (< monoandroid) (< net46) (>= netstandard1.3) (< netstandard1.4))
      System.Runtime.InteropServices (>= 4.3) - restriction: && (< monoandroid) (< monotouch) (< net46) (>= netstandard1.4) (< xamarinios) (< xamarinmac) (< xamarintvos) (< xamarinwatchos)
      System.Text.Encoding (>= 4.3) - restriction: || (&& (< monoandroid) (< monotouch) (< net46) (>= netstandard1.4) (< xamarinios) (< xamarinmac) (< xamarintvos) (< xamarinwatchos)) (&& (< monoandroid) (< net46) (>= netstandard1.3) (< netstandard1.4))
      System.Text.Encoding.Extensions (>= 4.3) - restriction: && (< monoandroid) (< monotouch) (< net46) (>= netstandard1.4) (< xamarinios) (< xamarinmac) (< xamarintvos) (< xamarinwatchos)
      System.Threading (>= 4.3) - restriction: && (< monoandroid) (< monotouch) (< net46) (>= netstandard1.4) (< xamarinios) (< xamarinmac) (< xamarintvos) (< xamarinwatchos)
      System.Threading.Tasks (>= 4.3) - restriction: && (< monoandroid) (< monotouch) (< net46) (>= netstandard1.4) (< xamarinios) (< xamarinmac) (< xamarintvos) (< xamarinwatchos)
      System.Threading.Thread (>= 4.3) - restriction: && (< monoandroid) (< monotouch) (< net46) (>= netstandard1.4) (< xamarinios) (< xamarinmac) (< xamarintvos) (< xamarinwatchos)
      System.Threading.ThreadPool (>= 4.3) - restriction: && (< monoandroid) (< monotouch) (< net46) (>= netstandard1.4) (< xamarinios) (< xamarinmac) (< xamarintvos) (< xamarinwatchos)
    System.Diagnostics.StackTrace (4.3) - restriction: >= netcoreapp2.1
      System.IO.FileSystem (>= 4.3) - restriction: && (< monoandroid) (< monotouch) (< net46) (>= netstandard1.3) (< xamarinios) (< xamarinmac) (< xamarintvos) (< xamarinwatchos)
      System.Reflection (>= 4.3) - restriction: && (< monoandroid) (< monotouch) (< net46) (>= netstandard1.3) (< xamarinios) (< xamarinmac) (< xamarintvos) (< xamarinwatchos)
      System.Reflection.Metadata (>= 1.4.1) - restriction: && (< monoandroid) (< monotouch) (< net46) (>= netstandard1.3) (< xamarinios) (< xamarinmac) (< xamarintvos) (< xamarinwatchos)
      System.Runtime (>= 4.3) - restriction: && (< monoandroid) (< monotouch) (< net46) (>= netstandard1.3) (< xamarinios) (< xamarinmac) (< xamarintvos) (< xamarinwatchos)
    System.Diagnostics.TextWriterTraceListener (4.3) - restriction: >= netcoreapp1.0
      System.Diagnostics.TraceSource (>= 4.3) - restriction: || (&& (< monoandroid) (< monotouch) (>= netstandard1.3) (< xamarinios) (< xamarinmac) (< xamarintvos) (< xamarinwatchos)) (>= net46)
      System.Globalization (>= 4.3) - restriction: && (< monoandroid) (< monotouch) (< net46) (>= netstandard1.3) (< xamarinios) (< xamarinmac) (< xamarintvos) (< xamarinwatchos)
      System.IO (>= 4.3) - restriction: && (< monoandroid) (< monotouch) (< net46) (>= netstandard1.3) (< xamarinios) (< xamarinmac) (< xamarintvos) (< xamarinwatchos)
      System.Resources.ResourceManager (>= 4.3) - restriction: && (< monoandroid) (< monotouch) (< net46) (>= netstandard1.3) (< xamarinios) (< xamarinmac) (< xamarintvos) (< xamarinwatchos)
      System.Runtime (>= 4.3) - restriction: && (< monoandroid) (< monotouch) (< net46) (>= netstandard1.3) (< xamarinios) (< xamarinmac) (< xamarintvos) (< xamarinwatchos)
      System.Threading (>= 4.3) - restriction: && (< monoandroid) (< monotouch) (< net46) (>= netstandard1.3) (< xamarinios) (< xamarinmac) (< xamarintvos) (< xamarinwatchos)
    System.Diagnostics.Tools (4.3) - restriction: >= netcoreapp2.1
      Microsoft.NETCore.Platforms (>= 1.1) - restriction: || (>= dnxcore50) (&& (< monoandroid) (< monotouch) (< net45) (>= netstandard1.0) (< win8) (< wp8) (< wpa81) (< xamarinios) (< xamarinmac) (< xamarintvos) (< xamarinwatchos))
      Microsoft.NETCore.Targets (>= 1.1) - restriction: || (>= dnxcore50) (&& (< monoandroid) (< monotouch) (< net45) (>= netstandard1.0) (< win8) (< wp8) (< wpa81) (< xamarinios) (< xamarinmac) (< xamarintvos) (< xamarinwatchos))
      System.Runtime (>= 4.3) - restriction: || (>= dnxcore50) (&& (< monoandroid) (< monotouch) (< net45) (>= netstandard1.0) (< win8) (< wp8) (< wpa81) (< xamarinios) (< xamarinmac) (< xamarintvos) (< xamarinwatchos))
    System.Diagnostics.TraceSource (4.3) - restriction: >= netcoreapp1.0
      Microsoft.NETCore.Platforms (>= 1.1) - restriction: && (< monoandroid) (< monotouch) (< net46) (>= netstandard1.3) (< xamarinios) (< xamarinmac) (< xamarintvos) (< xamarinwatchos)
      runtime.native.System (>= 4.3) - restriction: && (< monoandroid) (< monotouch) (< net46) (>= netstandard1.3) (< xamarinios) (< xamarinmac) (< xamarintvos) (< xamarinwatchos)
      System.Collections (>= 4.3) - restriction: && (< monoandroid) (< monotouch) (< net46) (>= netstandard1.3) (< xamarinios) (< xamarinmac) (< xamarintvos) (< xamarinwatchos)
      System.Diagnostics.Debug (>= 4.3) - restriction: && (< monoandroid) (< monotouch) (< net46) (>= netstandard1.3) (< xamarinios) (< xamarinmac) (< xamarintvos) (< xamarinwatchos)
      System.Globalization (>= 4.3) - restriction: && (< monoandroid) (< monotouch) (< net46) (>= netstandard1.3) (< xamarinios) (< xamarinmac) (< xamarintvos) (< xamarinwatchos)
      System.Resources.ResourceManager (>= 4.3) - restriction: && (< monoandroid) (< monotouch) (< net46) (>= netstandard1.3) (< xamarinios) (< xamarinmac) (< xamarintvos) (< xamarinwatchos)
      System.Runtime (>= 4.3) - restriction: && (< monoandroid) (< monotouch) (< net46) (>= netstandard1.3) (< xamarinios) (< xamarinmac) (< xamarintvos) (< xamarinwatchos)
      System.Runtime.Extensions (>= 4.3) - restriction: && (< monoandroid) (< monotouch) (< net46) (>= netstandard1.3) (< xamarinios) (< xamarinmac) (< xamarintvos) (< xamarinwatchos)
      System.Threading (>= 4.3) - restriction: && (< monoandroid) (< monotouch) (< net46) (>= netstandard1.3) (< xamarinios) (< xamarinmac) (< xamarintvos) (< xamarinwatchos)
    System.Diagnostics.Tracing (4.3) - restriction: >= netcoreapp2.1
      Microsoft.NETCore.Platforms (>= 1.1) - restriction: || (>= dnxcore50) (&& (< monoandroid) (< monotouch) (< net45) (>= netstandard1.5) (< win8) (< wpa81) (< xamarinios) (< xamarinmac) (< xamarintvos) (< xamarinwatchos)) (&& (< monoandroid) (< net45) (>= netstandard1.1) (< netstandard1.2) (< win8)) (&& (< monoandroid) (< net45) (>= netstandard1.2) (< netstandard1.3) (< win8) (< wpa81)) (&& (< monoandroid) (< net45) (>= netstandard1.3) (< netstandard1.5) (< win8) (< wpa81))
      Microsoft.NETCore.Targets (>= 1.1) - restriction: || (>= dnxcore50) (&& (< monoandroid) (< monotouch) (< net45) (>= netstandard1.5) (< win8) (< wpa81) (< xamarinios) (< xamarinmac) (< xamarintvos) (< xamarinwatchos)) (&& (< monoandroid) (< net45) (>= netstandard1.1) (< netstandard1.2) (< win8)) (&& (< monoandroid) (< net45) (>= netstandard1.2) (< netstandard1.3) (< win8) (< wpa81)) (&& (< monoandroid) (< net45) (>= netstandard1.3) (< netstandard1.5) (< win8) (< wpa81))
      System.Runtime (>= 4.3) - restriction: || (>= dnxcore50) (&& (< monoandroid) (< monotouch) (< net45) (>= netstandard1.5) (< win8) (< wpa81) (< xamarinios) (< xamarinmac) (< xamarintvos) (< xamarinwatchos)) (&& (< monoandroid) (< net45) (>= netstandard1.1) (< netstandard1.2) (< win8)) (&& (< monoandroid) (< net45) (>= netstandard1.2) (< netstandard1.3) (< win8) (< wpa81)) (&& (< monoandroid) (< net45) (>= netstandard1.3) (< netstandard1.5) (< win8) (< wpa81))
    System.Dynamic.Runtime (4.3) - restriction: >= netcoreapp2.1
      System.Collections (>= 4.3) - restriction: || (>= dnxcore50) (&& (< monoandroid) (< monotouch) (< net45) (>= netstandard1.3) (< win8) (< wpa81) (< xamarinios) (< xamarinmac) (< xamarintvos) (< xamarinwatchos))
      System.Diagnostics.Debug (>= 4.3) - restriction: || (>= dnxcore50) (&& (< monoandroid) (< monotouch) (< net45) (>= netstandard1.3) (< win8) (< wpa81) (< xamarinios) (< xamarinmac) (< xamarintvos) (< xamarinwatchos))
      System.Linq (>= 4.3) - restriction: || (>= dnxcore50) (&& (< monoandroid) (< monotouch) (< net45) (>= netstandard1.3) (< win8) (< wpa81) (< xamarinios) (< xamarinmac) (< xamarintvos) (< xamarinwatchos))
      System.Linq.Expressions (>= 4.3) - restriction: || (>= dnxcore50) (&& (< monoandroid) (< monotouch) (< net45) (>= netstandard1.3) (< win8) (< wpa81) (< xamarinios) (< xamarinmac) (< xamarintvos) (< xamarinwatchos)) (&& (< monoandroid) (< net45) (>= netstandard1.0) (< netstandard1.3) (< win8) (< wp8) (< wpa81))
      System.ObjectModel (>= 4.3) - restriction: || (>= dnxcore50) (&& (< monoandroid) (< monotouch) (< net45) (>= netstandard1.3) (< win8) (< wpa81) (< xamarinios) (< xamarinmac) (< xamarintvos) (< xamarinwatchos)) (&& (< monoandroid) (< net45) (>= netstandard1.0) (< netstandard1.3) (< win8) (< wp8) (< wpa81))
      System.Reflection (>= 4.3) - restriction: || (>= dnxcore50) (&& (< monoandroid) (< monotouch) (< net45) (>= netstandard1.3) (< win8) (< wpa81) (< xamarinios) (< xamarinmac) (< xamarintvos) (< xamarinwatchos)) (&& (< monoandroid) (< net45) (>= netstandard1.0) (< netstandard1.3) (< win8) (< wp8) (< wpa81))
      System.Reflection.Emit (>= 4.3) - restriction: && (< monoandroid) (< monotouch) (< net45) (>= netstandard1.3) (< win8) (< wpa81) (< xamarinios) (< xamarinmac) (< xamarintvos) (< xamarinwatchos)
      System.Reflection.Emit.ILGeneration (>= 4.3) - restriction: && (< monoandroid) (< monotouch) (< net45) (>= netstandard1.3) (< win8) (< wpa81) (< xamarinios) (< xamarinmac) (< xamarintvos) (< xamarinwatchos)
      System.Reflection.Primitives (>= 4.3) - restriction: && (< monoandroid) (< monotouch) (< net45) (>= netstandard1.3) (< win8) (< wpa81) (< xamarinios) (< xamarinmac) (< xamarintvos) (< xamarinwatchos)
      System.Reflection.TypeExtensions (>= 4.3) - restriction: || (>= dnxcore50) (&& (< monoandroid) (< monotouch) (< net45) (>= netstandard1.3) (< win8) (< wpa81) (< xamarinios) (< xamarinmac) (< xamarintvos) (< xamarinwatchos))
      System.Resources.ResourceManager (>= 4.3) - restriction: || (>= dnxcore50) (&& (< monoandroid) (< monotouch) (< net45) (>= netstandard1.3) (< win8) (< wpa81) (< xamarinios) (< xamarinmac) (< xamarintvos) (< xamarinwatchos))
      System.Runtime (>= 4.3) - restriction: || (>= dnxcore50) (&& (< monoandroid) (< monotouch) (< net45) (>= netstandard1.3) (< win8) (< wpa81) (< xamarinios) (< xamarinmac) (< xamarintvos) (< xamarinwatchos)) (&& (< monoandroid) (< net45) (>= netstandard1.0) (< netstandard1.3) (< win8) (< wp8) (< wpa81))
      System.Runtime.Extensions (>= 4.3) - restriction: || (>= dnxcore50) (&& (< monoandroid) (< monotouch) (< net45) (>= netstandard1.3) (< win8) (< wpa81) (< xamarinios) (< xamarinmac) (< xamarintvos) (< xamarinwatchos))
      System.Threading (>= 4.3) - restriction: || (>= dnxcore50) (&& (< monoandroid) (< monotouch) (< net45) (>= netstandard1.3) (< win8) (< wpa81) (< xamarinios) (< xamarinmac) (< xamarintvos) (< xamarinwatchos))
    System.Globalization (4.3) - restriction: || (&& (>= dnxcore50) (>= net461)) (&& (>= dnxcore50) (>= netstandard2.0)) (&& (< monoandroid) (< net45) (>= netstandard2.0) (< win8) (< wpa81) (< xamarinios)) (&& (< net45) (>= net461)) (>= netcoreapp1.0)
      Microsoft.NETCore.Platforms (>= 1.1) - restriction: || (>= dnxcore50) (&& (< monoandroid) (< monotouch) (< net45) (>= netstandard1.3) (< win8) (< wpa81) (< xamarinios) (< xamarinmac) (< xamarintvos) (< xamarinwatchos)) (&& (< monoandroid) (< net45) (>= netstandard1.0) (< netstandard1.3) (< win8) (< wp8) (< wpa81))
      Microsoft.NETCore.Targets (>= 1.1) - restriction: || (>= dnxcore50) (&& (< monoandroid) (< monotouch) (< net45) (>= netstandard1.3) (< win8) (< wpa81) (< xamarinios) (< xamarinmac) (< xamarintvos) (< xamarinwatchos)) (&& (< monoandroid) (< net45) (>= netstandard1.0) (< netstandard1.3) (< win8) (< wp8) (< wpa81))
      System.Runtime (>= 4.3) - restriction: || (>= dnxcore50) (&& (< monoandroid) (< monotouch) (< net45) (>= netstandard1.3) (< win8) (< wpa81) (< xamarinios) (< xamarinmac) (< xamarintvos) (< xamarinwatchos)) (&& (< monoandroid) (< net45) (>= netstandard1.0) (< netstandard1.3) (< win8) (< wp8) (< wpa81))
    System.Globalization.Calendars (4.3) - restriction: >= netcoreapp2.1
      Microsoft.NETCore.Platforms (>= 1.1) - restriction: && (< monoandroid) (< monotouch) (< net46) (>= netstandard1.3) (< xamarinios) (< xamarinmac) (< xamarintvos) (< xamarinwatchos)
      Microsoft.NETCore.Targets (>= 1.1) - restriction: && (< monoandroid) (< monotouch) (< net46) (>= netstandard1.3) (< xamarinios) (< xamarinmac) (< xamarintvos) (< xamarinwatchos)
      System.Globalization (>= 4.3) - restriction: && (< monoandroid) (< monotouch) (< net46) (>= netstandard1.3) (< xamarinios) (< xamarinmac) (< xamarintvos) (< xamarinwatchos)
      System.Runtime (>= 4.3) - restriction: && (< monoandroid) (< monotouch) (< net46) (>= netstandard1.3) (< xamarinios) (< xamarinmac) (< xamarintvos) (< xamarinwatchos)
    System.Globalization.Extensions (4.3) - restriction: >= netcoreapp2.1
      Microsoft.NETCore.Platforms (>= 1.1) - restriction: && (< monoandroid) (< monotouch) (< net46) (>= netstandard1.3) (< xamarinios) (< xamarinmac) (< xamarintvos) (< xamarinwatchos)
      System.Globalization (>= 4.3) - restriction: && (< monoandroid) (< monotouch) (< net46) (>= netstandard1.3) (< xamarinios) (< xamarinmac) (< xamarintvos) (< xamarinwatchos)
      System.Resources.ResourceManager (>= 4.3) - restriction: && (< monoandroid) (< monotouch) (< net46) (>= netstandard1.3) (< xamarinios) (< xamarinmac) (< xamarintvos) (< xamarinwatchos)
      System.Runtime (>= 4.3) - restriction: && (< monoandroid) (< monotouch) (< net46) (>= netstandard1.3) (< xamarinios) (< xamarinmac) (< xamarintvos) (< xamarinwatchos)
      System.Runtime.Extensions (>= 4.3) - restriction: && (< monoandroid) (< monotouch) (< net46) (>= netstandard1.3) (< xamarinios) (< xamarinmac) (< xamarintvos) (< xamarinwatchos)
      System.Runtime.InteropServices (>= 4.3) - restriction: && (< monoandroid) (< monotouch) (< net46) (>= netstandard1.3) (< xamarinios) (< xamarinmac) (< xamarintvos) (< xamarinwatchos)
    System.IdentityModel.Tokens.Jwt (5.3) - restriction: >= netcoreapp2.1
      Microsoft.IdentityModel.JsonWebTokens (>= 5.3) - restriction: || (&& (>= net45) (< net451) (< netstandard1.4)) (&& (< net45) (>= netstandard1.4) (< netstandard2.0)) (&& (< net45) (>= netstandard2.0)) (&& (>= net451) (< netstandard1.4)) (>= net461)
      Microsoft.IdentityModel.Tokens (>= 5.3) - restriction: || (&& (>= net45) (< net451) (< netstandard1.4)) (&& (< net45) (>= netstandard1.4) (< netstandard2.0)) (&& (< net45) (>= netstandard2.0)) (&& (>= net451) (< netstandard1.4)) (>= net461)
      Newtonsoft.Json (>= 10.0.1) - restriction: || (&& (>= net45) (< net451) (< netstandard1.4)) (&& (< net45) (>= netstandard1.4) (< netstandard2.0)) (&& (< net45) (>= netstandard2.0)) (&& (>= net451) (< netstandard1.4)) (>= net461)
    System.Interactive.Async (3.2) - restriction: >= netcoreapp2.1
    System.IO (4.3) - restriction: || (&& (>= dnxcore50) (>= net461)) (&& (>= dnxcore50) (>= netstandard2.0)) (&& (< monoandroid) (< net45) (< netstandard1.3) (>= netstandard2.0) (< win8) (< wpa81)) (&& (< monoandroid) (< net45) (>= netstandard2.0) (< win8) (< wpa81) (< xamarinios)) (&& (< net45) (>= net461)) (>= netcoreapp1.0)
      Microsoft.NETCore.Platforms (>= 1.1) - restriction: || (>= dnxcore50) (&& (< monoandroid) (< monotouch) (< net45) (>= netstandard1.5) (< win8) (< wpa81) (< xamarinios) (< xamarinmac) (< xamarintvos) (< xamarinwatchos)) (&& (< monoandroid) (< net45) (>= netstandard1.0) (< netstandard1.3) (< win8) (< wp8) (< wpa81)) (&& (< monoandroid) (< net45) (>= netstandard1.3) (< netstandard1.5) (< win8) (< wpa81))
      Microsoft.NETCore.Targets (>= 1.1) - restriction: || (>= dnxcore50) (&& (< monoandroid) (< monotouch) (< net45) (>= netstandard1.5) (< win8) (< wpa81) (< xamarinios) (< xamarinmac) (< xamarintvos) (< xamarinwatchos)) (&& (< monoandroid) (< net45) (>= netstandard1.0) (< netstandard1.3) (< win8) (< wp8) (< wpa81)) (&& (< monoandroid) (< net45) (>= netstandard1.3) (< netstandard1.5) (< win8) (< wpa81))
      System.Runtime (>= 4.3) - restriction: || (>= dnxcore50) (&& (< monoandroid) (< monotouch) (< net45) (>= netstandard1.5) (< win8) (< wpa81) (< xamarinios) (< xamarinmac) (< xamarintvos) (< xamarinwatchos)) (&& (< monoandroid) (< net45) (>= netstandard1.0) (< netstandard1.3) (< win8) (< wp8) (< wpa81)) (&& (< monoandroid) (< net45) (>= netstandard1.3) (< netstandard1.5) (< win8) (< wpa81))
      System.Text.Encoding (>= 4.3) - restriction: || (>= dnxcore50) (&& (< monoandroid) (< monotouch) (< net45) (>= netstandard1.5) (< win8) (< wpa81) (< xamarinios) (< xamarinmac) (< xamarintvos) (< xamarinwatchos)) (&& (< monoandroid) (< net45) (>= netstandard1.0) (< netstandard1.3) (< win8) (< wp8) (< wpa81)) (&& (< monoandroid) (< net45) (>= netstandard1.3) (< netstandard1.5) (< win8) (< wpa81))
      System.Threading.Tasks (>= 4.3) - restriction: || (>= dnxcore50) (&& (< monoandroid) (< monotouch) (< net45) (>= netstandard1.5) (< win8) (< wpa81) (< xamarinios) (< xamarinmac) (< xamarintvos) (< xamarinwatchos)) (&& (< monoandroid) (< net45) (>= netstandard1.0) (< netstandard1.3) (< win8) (< wp8) (< wpa81)) (&& (< monoandroid) (< net45) (>= netstandard1.3) (< netstandard1.5) (< win8) (< wpa81))
    System.IO.Compression (4.3) - restriction: >= netcoreapp2.1
      Microsoft.NETCore.Platforms (>= 1.1) - restriction: && (< monoandroid) (< monotouch) (< net45) (>= netstandard1.3) (< win8) (< wpa81) (< xamarinios) (< xamarinmac) (< xamarintvos) (< xamarinwatchos)
      runtime.native.System (>= 4.3) - restriction: && (< monoandroid) (< monotouch) (< net45) (>= netstandard1.3) (< win8) (< wpa81) (< xamarinios) (< xamarinmac) (< xamarintvos) (< xamarinwatchos)
      runtime.native.System.IO.Compression (>= 4.3) - restriction: || (>= dnxcore50) (&& (< monoandroid) (< monotouch) (< net45) (>= netstandard1.3) (< win8) (< wpa81) (< xamarinios) (< xamarinmac) (< xamarintvos) (< xamarinwatchos))
      System.Buffers (>= 4.3) - restriction: || (>= dnxcore50) (&& (< monoandroid) (< monotouch) (< net45) (>= netstandard1.3) (< win8) (< wpa81) (< xamarinios) (< xamarinmac) (< xamarintvos) (< xamarinwatchos))
      System.Collections (>= 4.3) - restriction: || (>= dnxcore50) (&& (< monoandroid) (< monotouch) (< net45) (>= netstandard1.3) (< win8) (< wpa81) (< xamarinios) (< xamarinmac) (< xamarintvos) (< xamarinwatchos))
      System.Diagnostics.Debug (>= 4.3) - restriction: || (>= dnxcore50) (&& (< monoandroid) (< monotouch) (< net45) (>= netstandard1.3) (< win8) (< wpa81) (< xamarinios) (< xamarinmac) (< xamarintvos) (< xamarinwatchos))
      System.IO (>= 4.3) - restriction: || (>= dnxcore50) (&& (< monoandroid) (< monotouch) (< net45) (>= netstandard1.3) (< win8) (< wpa81) (< xamarinios) (< xamarinmac) (< xamarintvos) (< xamarinwatchos)) (&& (< monoandroid) (< net45) (>= netstandard1.1) (< netstandard1.3) (< win8) (< wpa81))
      System.Resources.ResourceManager (>= 4.3) - restriction: || (>= dnxcore50) (&& (< monoandroid) (< monotouch) (< net45) (>= netstandard1.3) (< win8) (< wpa81) (< xamarinios) (< xamarinmac) (< xamarintvos) (< xamarinwatchos))
      System.Runtime (>= 4.3) - restriction: || (>= dnxcore50) (&& (< monoandroid) (< monotouch) (< net45) (>= netstandard1.3) (< win8) (< wpa81) (< xamarinios) (< xamarinmac) (< xamarintvos) (< xamarinwatchos)) (&& (< monoandroid) (< net45) (>= netstandard1.1) (< netstandard1.3) (< win8) (< wpa81))
      System.Runtime.Extensions (>= 4.3) - restriction: || (>= dnxcore50) (&& (< monoandroid) (< monotouch) (< net45) (>= netstandard1.3) (< win8) (< wpa81) (< xamarinios) (< xamarinmac) (< xamarintvos) (< xamarinwatchos))
      System.Runtime.Handles (>= 4.3) - restriction: || (>= dnxcore50) (&& (< monoandroid) (< monotouch) (< net45) (>= netstandard1.3) (< win8) (< wpa81) (< xamarinios) (< xamarinmac) (< xamarintvos) (< xamarinwatchos))
      System.Runtime.InteropServices (>= 4.3) - restriction: || (>= dnxcore50) (&& (< monoandroid) (< monotouch) (< net45) (>= netstandard1.3) (< win8) (< wpa81) (< xamarinios) (< xamarinmac) (< xamarintvos) (< xamarinwatchos))
      System.Text.Encoding (>= 4.3) - restriction: || (>= dnxcore50) (&& (< monoandroid) (< monotouch) (< net45) (>= netstandard1.3) (< win8) (< wpa81) (< xamarinios) (< xamarinmac) (< xamarintvos) (< xamarinwatchos)) (&& (< monoandroid) (< net45) (>= netstandard1.1) (< netstandard1.3) (< win8) (< wpa81))
      System.Threading (>= 4.3) - restriction: || (>= dnxcore50) (&& (< monoandroid) (< monotouch) (< net45) (>= netstandard1.3) (< win8) (< wpa81) (< xamarinios) (< xamarinmac) (< xamarintvos) (< xamarinwatchos))
      System.Threading.Tasks (>= 4.3) - restriction: || (>= dnxcore50) (&& (< monoandroid) (< monotouch) (< net45) (>= netstandard1.3) (< win8) (< wpa81) (< xamarinios) (< xamarinmac) (< xamarintvos) (< xamarinwatchos))
    System.IO.FileSystem (4.3) - restriction: || (&& (>= dnxcore50) (>= net461)) (&& (>= dnxcore50) (>= netstandard2.0)) (&& (< monoandroid) (< net45) (< netstandard1.3) (>= netstandard2.0) (< win8) (< wpa81)) (&& (< monoandroid) (< net45) (>= netstandard2.0) (< win8) (< wpa81) (< xamarinios)) (&& (< net45) (>= net461)) (>= netcoreapp1.0)
      Microsoft.NETCore.Platforms (>= 1.1) - restriction: && (< monoandroid) (< monotouch) (< net46) (>= netstandard1.3) (< xamarinios) (< xamarinmac) (< xamarintvos) (< xamarinwatchos)
      Microsoft.NETCore.Targets (>= 1.1) - restriction: && (< monoandroid) (< monotouch) (< net46) (>= netstandard1.3) (< xamarinios) (< xamarinmac) (< xamarintvos) (< xamarinwatchos)
      System.IO (>= 4.3) - restriction: && (< monoandroid) (< monotouch) (< net46) (>= netstandard1.3) (< xamarinios) (< xamarinmac) (< xamarintvos) (< xamarinwatchos)
      System.IO.FileSystem.Primitives (>= 4.3) - restriction: || (&& (< monoandroid) (< monotouch) (>= netstandard1.3) (< xamarinios) (< xamarinmac) (< xamarintvos) (< xamarinwatchos)) (>= net46)
      System.Runtime (>= 4.3) - restriction: && (< monoandroid) (< monotouch) (< net46) (>= netstandard1.3) (< xamarinios) (< xamarinmac) (< xamarintvos) (< xamarinwatchos)
      System.Runtime.Handles (>= 4.3) - restriction: && (< monoandroid) (< monotouch) (< net46) (>= netstandard1.3) (< xamarinios) (< xamarinmac) (< xamarintvos) (< xamarinwatchos)
      System.Text.Encoding (>= 4.3) - restriction: && (< monoandroid) (< monotouch) (< net46) (>= netstandard1.3) (< xamarinios) (< xamarinmac) (< xamarintvos) (< xamarinwatchos)
      System.Threading.Tasks (>= 4.3) - restriction: && (< monoandroid) (< monotouch) (< net46) (>= netstandard1.3) (< xamarinios) (< xamarinmac) (< xamarintvos) (< xamarinwatchos)
    System.IO.FileSystem.Primitives (4.3) - restriction: || (&& (>= dnxcore50) (>= net461)) (&& (>= dnxcore50) (>= netstandard2.0)) (&& (< monoandroid) (< net45) (< netstandard1.3) (>= netstandard2.0) (< win8) (< wpa81)) (&& (< monoandroid) (< net45) (>= netstandard2.0) (< win8) (< wpa81) (< xamarinios)) (&& (< net45) (>= net461)) (>= netcoreapp1.0)
      System.Runtime (>= 4.3) - restriction: && (< monoandroid) (< monotouch) (< net46) (>= netstandard1.3) (< xamarinios) (< xamarinmac) (< xamarintvos) (< xamarinwatchos)
    System.IO.Pipelines (4.5.2) - restriction: >= netstandard2.0
    System.Linq (4.3) - restriction: || (&& (>= dnxcore50) (>= net461)) (&& (>= dnxcore50) (>= netstandard2.0)) (&& (< monoandroid) (< net45) (>= netstandard2.0) (< win8) (< wpa81) (< xamarinios)) (&& (< net45) (>= net461)) (>= netcoreapp1.0)
      System.Collections (>= 4.3) - restriction: || (>= dnxcore50) (&& (< monoandroid) (< monotouch) (< net45) (>= netstandard1.6) (< win8) (< wpa81) (< xamarinios) (< xamarinmac) (< xamarintvos) (< xamarinwatchos)) (&& (< monoandroid) (< net45) (>= netstandard1.0) (< netstandard1.6) (< win8) (< wp8) (< wpa81))
      System.Diagnostics.Debug (>= 4.3) - restriction: || (>= dnxcore50) (&& (< monoandroid) (< monotouch) (< net45) (>= netstandard1.6) (< win8) (< wpa81) (< xamarinios) (< xamarinmac) (< xamarintvos) (< xamarinwatchos))
      System.Resources.ResourceManager (>= 4.3) - restriction: || (>= dnxcore50) (&& (< monoandroid) (< monotouch) (< net45) (>= netstandard1.6) (< win8) (< wpa81) (< xamarinios) (< xamarinmac) (< xamarintvos) (< xamarinwatchos))
      System.Runtime (>= 4.3) - restriction: || (>= dnxcore50) (&& (< monoandroid) (< monotouch) (< net45) (>= netstandard1.6) (< win8) (< wpa81) (< xamarinios) (< xamarinmac) (< xamarintvos) (< xamarinwatchos)) (&& (< monoandroid) (< net45) (>= netstandard1.0) (< netstandard1.6) (< win8) (< wp8) (< wpa81))
      System.Runtime.Extensions (>= 4.3) - restriction: || (>= dnxcore50) (&& (< monoandroid) (< monotouch) (< net45) (>= netstandard1.6) (< win8) (< wpa81) (< xamarinios) (< xamarinmac) (< xamarintvos) (< xamarinwatchos))
    System.Linq.Expressions (4.3) - restriction: >= netcoreapp2.1
      System.Collections (>= 4.3) - restriction: || (>= dnxcore50) (&& (< monoandroid) (< monotouch) (< net45) (>= netstandard1.6) (< win8) (< wpa81) (< xamarinios) (< xamarinmac) (< xamarintvos) (< xamarinwatchos))
      System.Diagnostics.Debug (>= 4.3) - restriction: || (>= dnxcore50) (&& (< monoandroid) (< monotouch) (< net45) (>= netstandard1.6) (< win8) (< wpa81) (< xamarinios) (< xamarinmac) (< xamarintvos) (< xamarinwatchos))
      System.Globalization (>= 4.3) - restriction: || (>= dnxcore50) (&& (< monoandroid) (< monotouch) (< net45) (>= netstandard1.6) (< win8) (< wpa81) (< xamarinios) (< xamarinmac) (< xamarintvos) (< xamarinwatchos))
      System.IO (>= 4.3) - restriction: || (>= dnxcore50) (&& (< monoandroid) (< monotouch) (< net45) (>= netstandard1.6) (< win8) (< wpa81) (< xamarinios) (< xamarinmac) (< xamarintvos) (< xamarinwatchos))
      System.Linq (>= 4.3) - restriction: || (>= dnxcore50) (&& (< monoandroid) (< monotouch) (< net45) (>= netstandard1.6) (< win8) (< wpa81) (< xamarinios) (< xamarinmac) (< xamarintvos) (< xamarinwatchos))
      System.ObjectModel (>= 4.3) - restriction: && (< monoandroid) (< monotouch) (< net45) (>= netstandard1.6) (< win8) (< wpa81) (< xamarinios) (< xamarinmac) (< xamarintvos) (< xamarinwatchos)
      System.Reflection (>= 4.3) - restriction: || (>= dnxcore50) (&& (< monoandroid) (< monotouch) (< net45) (>= netstandard1.6) (< win8) (< wpa81) (< xamarinios) (< xamarinmac) (< xamarintvos) (< xamarinwatchos)) (&& (< monoandroid) (< net45) (>= netstandard1.0) (< netstandard1.3) (< win8) (< wp8) (< wpa81)) (&& (< monoandroid) (< net45) (>= netstandard1.3) (< netstandard1.6) (< win8) (< wpa81))
      System.Reflection.Emit (>= 4.3) - restriction: && (< monoandroid) (< monotouch) (< net45) (>= netstandard1.6) (< win8) (< wpa81) (< xamarinios) (< xamarinmac) (< xamarintvos) (< xamarinwatchos)
      System.Reflection.Emit.ILGeneration (>= 4.3) - restriction: || (>= dnxcore50) (&& (< monoandroid) (< monotouch) (< net45) (>= netstandard1.6) (< win8) (< wpa81) (< xamarinios) (< xamarinmac) (< xamarintvos) (< xamarinwatchos))
      System.Reflection.Emit.Lightweight (>= 4.3) - restriction: || (>= dnxcore50) (&& (< monoandroid) (< monotouch) (< net45) (>= netstandard1.6) (< win8) (< wpa81) (< xamarinios) (< xamarinmac) (< xamarintvos) (< xamarinwatchos))
      System.Reflection.Extensions (>= 4.3) - restriction: || (>= dnxcore50) (&& (< monoandroid) (< monotouch) (< net45) (>= netstandard1.6) (< win8) (< wpa81) (< xamarinios) (< xamarinmac) (< xamarintvos) (< xamarinwatchos))
      System.Reflection.Primitives (>= 4.3) - restriction: || (>= dnxcore50) (&& (< monoandroid) (< monotouch) (< net45) (>= netstandard1.6) (< win8) (< wpa81) (< xamarinios) (< xamarinmac) (< xamarintvos) (< xamarinwatchos))
      System.Reflection.TypeExtensions (>= 4.3) - restriction: || (>= dnxcore50) (&& (< monoandroid) (< monotouch) (< net45) (>= netstandard1.6) (< win8) (< wpa81) (< xamarinios) (< xamarinmac) (< xamarintvos) (< xamarinwatchos))
      System.Resources.ResourceManager (>= 4.3) - restriction: || (>= dnxcore50) (&& (< monoandroid) (< monotouch) (< net45) (>= netstandard1.6) (< win8) (< wpa81) (< xamarinios) (< xamarinmac) (< xamarintvos) (< xamarinwatchos))
      System.Runtime (>= 4.3) - restriction: || (>= dnxcore50) (&& (< monoandroid) (< monotouch) (< net45) (>= netstandard1.6) (< win8) (< wpa81) (< xamarinios) (< xamarinmac) (< xamarintvos) (< xamarinwatchos)) (&& (< monoandroid) (< net45) (>= netstandard1.0) (< netstandard1.3) (< win8) (< wp8) (< wpa81)) (&& (< monoandroid) (< net45) (>= netstandard1.3) (< netstandard1.6) (< win8) (< wpa81))
      System.Runtime.Extensions (>= 4.3) - restriction: || (>= dnxcore50) (&& (< monoandroid) (< monotouch) (< net45) (>= netstandard1.6) (< win8) (< wpa81) (< xamarinios) (< xamarinmac) (< xamarintvos) (< xamarinwatchos))
      System.Threading (>= 4.3) - restriction: || (>= dnxcore50) (&& (< monoandroid) (< monotouch) (< net45) (>= netstandard1.6) (< win8) (< wpa81) (< xamarinios) (< xamarinmac) (< xamarintvos) (< xamarinwatchos))
    System.Linq.Queryable (4.3) - restriction: >= netcoreapp2.1
      System.Collections (>= 4.3) - restriction: || (>= dnxcore50) (&& (< monoandroid) (< monotouch) (< net45) (>= netstandard1.3) (< win8) (< wpa81) (< xamarinios) (< xamarinmac) (< xamarintvos) (< xamarinwatchos))
      System.Diagnostics.Debug (>= 4.3) - restriction: || (>= dnxcore50) (&& (< monoandroid) (< monotouch) (< net45) (>= netstandard1.3) (< win8) (< wpa81) (< xamarinios) (< xamarinmac) (< xamarintvos) (< xamarinwatchos))
      System.Linq (>= 4.3) - restriction: || (>= dnxcore50) (&& (< monoandroid) (< monotouch) (< net45) (>= netstandard1.3) (< win8) (< wpa81) (< xamarinios) (< xamarinmac) (< xamarintvos) (< xamarinwatchos)) (&& (< monoandroid) (< net45) (>= netstandard1.0) (< netstandard1.3) (< win8) (< wp8) (< wpa81))
      System.Linq.Expressions (>= 4.3) - restriction: || (>= dnxcore50) (&& (< monoandroid) (< monotouch) (< net45) (>= netstandard1.3) (< win8) (< wpa81) (< xamarinios) (< xamarinmac) (< xamarintvos) (< xamarinwatchos)) (&& (< monoandroid) (< net45) (>= netstandard1.0) (< netstandard1.3) (< win8) (< wp8) (< wpa81))
      System.Reflection (>= 4.3) - restriction: || (>= dnxcore50) (&& (< monoandroid) (< monotouch) (< net45) (>= netstandard1.3) (< win8) (< wpa81) (< xamarinios) (< xamarinmac) (< xamarintvos) (< xamarinwatchos))
      System.Reflection.Extensions (>= 4.3) - restriction: || (>= dnxcore50) (&& (< monoandroid) (< monotouch) (< net45) (>= netstandard1.3) (< win8) (< wpa81) (< xamarinios) (< xamarinmac) (< xamarintvos) (< xamarinwatchos))
      System.Resources.ResourceManager (>= 4.3) - restriction: || (>= dnxcore50) (&& (< monoandroid) (< monotouch) (< net45) (>= netstandard1.3) (< win8) (< wpa81) (< xamarinios) (< xamarinmac) (< xamarintvos) (< xamarinwatchos))
      System.Runtime (>= 4.3) - restriction: || (>= dnxcore50) (&& (< monoandroid) (< monotouch) (< net45) (>= netstandard1.3) (< win8) (< wpa81) (< xamarinios) (< xamarinmac) (< xamarintvos) (< xamarinwatchos)) (&& (< monoandroid) (< net45) (>= netstandard1.0) (< netstandard1.3) (< win8) (< wp8) (< wpa81))
    System.Memory (4.5.1) - restriction: >= netcoreapp2.1
    System.Net.Http (4.3.4) - restriction: >= netcoreapp2.1
      Microsoft.NETCore.Platforms (>= 1.1.1) - restriction: || (>= dnxcore50) (&& (< monoandroid) (< monotouch) (< net45) (>= netstandard1.6) (< xamarinios) (< xamarinmac) (< xamarintvos) (< xamarinwatchos)) (&& (< monoandroid) (< net45) (>= netstandard1.3) (< netstandard1.6) (< win8) (< wpa81))
      runtime.native.System (>= 4.3) - restriction: && (< monoandroid) (< monotouch) (< net45) (>= netstandard1.6) (< xamarinios) (< xamarinmac) (< xamarintvos) (< xamarinwatchos)
      runtime.native.System.Net.Http (>= 4.3) - restriction: && (< monoandroid) (< monotouch) (< net45) (>= netstandard1.6) (< xamarinios) (< xamarinmac) (< xamarintvos) (< xamarinwatchos)
      runtime.native.System.Security.Cryptography.OpenSsl (>= 4.3.2) - restriction: && (< monoandroid) (< monotouch) (< net45) (>= netstandard1.6) (< xamarinios) (< xamarinmac) (< xamarintvos) (< xamarinwatchos)
      System.Collections (>= 4.3) - restriction: || (>= dnxcore50) (&& (< monoandroid) (< monotouch) (< net45) (>= netstandard1.6) (< xamarinios) (< xamarinmac) (< xamarintvos) (< xamarinwatchos)) (&& (< monoandroid) (< net45) (>= netstandard1.3) (< netstandard1.6) (< win8) (< wpa81))
      System.Diagnostics.Debug (>= 4.3) - restriction: || (>= dnxcore50) (&& (< monoandroid) (< monotouch) (< net45) (>= netstandard1.6) (< xamarinios) (< xamarinmac) (< xamarintvos) (< xamarinwatchos)) (&& (< monoandroid) (< net45) (>= netstandard1.3) (< netstandard1.6) (< win8) (< wpa81))
      System.Diagnostics.DiagnosticSource (>= 4.3) - restriction: || (>= dnxcore50) (&& (< monoandroid) (< monotouch) (< net45) (>= netstandard1.6) (< xamarinios) (< xamarinmac) (< xamarintvos) (< xamarinwatchos)) (&& (< monoandroid) (< net45) (>= netstandard1.3) (< netstandard1.6) (< win8) (< wpa81))
      System.Diagnostics.Tracing (>= 4.3) - restriction: || (>= dnxcore50) (&& (< monoandroid) (< monotouch) (< net45) (>= netstandard1.6) (< xamarinios) (< xamarinmac) (< xamarintvos) (< xamarinwatchos)) (&& (< monoandroid) (< net45) (>= netstandard1.3) (< netstandard1.6) (< win8) (< wpa81))
      System.Globalization (>= 4.3) - restriction: || (>= dnxcore50) (&& (< monoandroid) (< monotouch) (< net45) (>= netstandard1.6) (< xamarinios) (< xamarinmac) (< xamarintvos) (< xamarinwatchos)) (&& (< monoandroid) (< net45) (>= netstandard1.3) (< netstandard1.6) (< win8) (< wpa81))
      System.Globalization.Extensions (>= 4.3) - restriction: && (< monoandroid) (< monotouch) (< net45) (>= netstandard1.6) (< xamarinios) (< xamarinmac) (< xamarintvos) (< xamarinwatchos)
      System.IO (>= 4.3) - restriction: || (>= dnxcore50) (&& (< monoandroid) (< monotouch) (< net45) (>= netstandard1.6) (< xamarinios) (< xamarinmac) (< xamarintvos) (< xamarinwatchos)) (&& (< monoandroid) (< net45) (>= netstandard1.1) (< netstandard1.3) (< win8) (< wpa81)) (&& (< monoandroid) (< net45) (>= netstandard1.3) (< netstandard1.6) (< win8) (< wpa81))
      System.IO.FileSystem (>= 4.3) - restriction: && (< monoandroid) (< monotouch) (< net45) (>= netstandard1.6) (< xamarinios) (< xamarinmac) (< xamarintvos) (< xamarinwatchos)
      System.Net.Primitives (>= 4.3) - restriction: || (>= dnxcore50) (&& (< monoandroid) (< monotouch) (< net45) (>= netstandard1.6) (< xamarinios) (< xamarinmac) (< xamarintvos) (< xamarinwatchos)) (&& (< monoandroid) (< net45) (>= netstandard1.1) (< netstandard1.3) (< win8) (< wpa81)) (&& (< monoandroid) (< net45) (>= netstandard1.3) (< netstandard1.6) (< win8) (< wpa81))
      System.Resources.ResourceManager (>= 4.3) - restriction: || (>= dnxcore50) (&& (< monoandroid) (< monotouch) (< net45) (>= netstandard1.6) (< xamarinios) (< xamarinmac) (< xamarintvos) (< xamarinwatchos)) (&& (< monoandroid) (< net45) (>= netstandard1.3) (< netstandard1.6) (< win8) (< wpa81))
      System.Runtime (>= 4.3) - restriction: || (>= dnxcore50) (&& (< monoandroid) (< monotouch) (< net45) (>= netstandard1.6) (< xamarinios) (< xamarinmac) (< xamarintvos) (< xamarinwatchos)) (&& (< monoandroid) (< net45) (>= netstandard1.1) (< netstandard1.3) (< win8) (< wpa81)) (&& (< monoandroid) (< net45) (>= netstandard1.3) (< netstandard1.6) (< win8) (< wpa81))
      System.Runtime.Extensions (>= 4.3) - restriction: || (>= dnxcore50) (&& (< monoandroid) (< monotouch) (< net45) (>= netstandard1.6) (< xamarinios) (< xamarinmac) (< xamarintvos) (< xamarinwatchos)) (&& (< monoandroid) (< net45) (>= netstandard1.3) (< netstandard1.6) (< win8) (< wpa81))
      System.Runtime.Handles (>= 4.3) - restriction: || (&& (< monoandroid) (< monotouch) (< net45) (>= netstandard1.6) (< xamarinios) (< xamarinmac) (< xamarintvos) (< xamarinwatchos)) (&& (< monoandroid) (< net45) (>= netstandard1.3) (< netstandard1.6) (< win8) (< wpa81))
      System.Runtime.InteropServices (>= 4.3) - restriction: || (>= dnxcore50) (&& (< monoandroid) (< monotouch) (< net45) (>= netstandard1.6) (< xamarinios) (< xamarinmac) (< xamarintvos) (< xamarinwatchos)) (&& (< monoandroid) (< net45) (>= netstandard1.3) (< netstandard1.6) (< win8) (< wpa81))
      System.Security.Cryptography.Algorithms (>= 4.3) - restriction: && (< monoandroid) (< monotouch) (< net45) (>= netstandard1.6) (< xamarinios) (< xamarinmac) (< xamarintvos) (< xamarinwatchos)
      System.Security.Cryptography.Encoding (>= 4.3) - restriction: || (&& (< monoandroid) (< monotouch) (< net45) (>= netstandard1.6) (< xamarinios) (< xamarinmac) (< xamarintvos) (< xamarinwatchos)) (&& (< monoandroid) (< net45) (>= netstandard1.3) (< netstandard1.6) (< win8) (< wpa81))
      System.Security.Cryptography.OpenSsl (>= 4.3) - restriction: && (< monoandroid) (< monotouch) (< net45) (>= netstandard1.6) (< xamarinios) (< xamarinmac) (< xamarintvos) (< xamarinwatchos)
      System.Security.Cryptography.Primitives (>= 4.3) - restriction: && (< monoandroid) (< monotouch) (< net45) (>= netstandard1.6) (< xamarinios) (< xamarinmac) (< xamarintvos) (< xamarinwatchos)
      System.Security.Cryptography.X509Certificates (>= 4.3) - restriction: || (>= dnxcore50) (&& (< monoandroid) (< monotouch) (< net45) (>= netstandard1.6) (< xamarinios) (< xamarinmac) (< xamarintvos) (< xamarinwatchos)) (&& (< monoandroid) (< net45) (>= netstandard1.3) (< netstandard1.6) (< win8) (< wpa81)) (>= net46)
      System.Text.Encoding (>= 4.3) - restriction: || (>= dnxcore50) (&& (< monoandroid) (< monotouch) (< net45) (>= netstandard1.6) (< xamarinios) (< xamarinmac) (< xamarintvos) (< xamarinwatchos)) (&& (< monoandroid) (< net45) (>= netstandard1.1) (< netstandard1.3) (< win8) (< wpa81)) (&& (< monoandroid) (< net45) (>= netstandard1.3) (< netstandard1.6) (< win8) (< wpa81))
      System.Threading (>= 4.3) - restriction: || (>= dnxcore50) (&& (< monoandroid) (< monotouch) (< net45) (>= netstandard1.6) (< xamarinios) (< xamarinmac) (< xamarintvos) (< xamarinwatchos)) (&& (< monoandroid) (< net45) (>= netstandard1.3) (< netstandard1.6) (< win8) (< wpa81))
      System.Threading.Tasks (>= 4.3) - restriction: || (>= dnxcore50) (&& (< monoandroid) (< monotouch) (< net45) (>= netstandard1.6) (< xamarinios) (< xamarinmac) (< xamarintvos) (< xamarinwatchos)) (&& (< monoandroid) (< net45) (>= netstandard1.1) (< netstandard1.3) (< win8) (< wpa81)) (&& (< monoandroid) (< net45) (>= netstandard1.3) (< netstandard1.6) (< win8) (< wpa81))
    System.Net.Primitives (4.3) - restriction: >= netcoreapp2.1
      Microsoft.NETCore.Platforms (>= 1.1) - restriction: || (>= dnxcore50) (&& (< monoandroid) (< monotouch) (< net45) (>= netstandard1.3) (< win8) (< wpa81) (< xamarinios) (< xamarinmac) (< xamarintvos) (< xamarinwatchos)) (&& (< monoandroid) (< net45) (>= netstandard1.1) (< netstandard1.3) (< win8) (< wpa81)) (&& (< monoandroid) (>= netstandard1.0) (< netstandard1.1) (< win8) (< wp8))
      Microsoft.NETCore.Targets (>= 1.1) - restriction: || (>= dnxcore50) (&& (< monoandroid) (< monotouch) (< net45) (>= netstandard1.3) (< win8) (< wpa81) (< xamarinios) (< xamarinmac) (< xamarintvos) (< xamarinwatchos)) (&& (< monoandroid) (< net45) (>= netstandard1.1) (< netstandard1.3) (< win8) (< wpa81)) (&& (< monoandroid) (>= netstandard1.0) (< netstandard1.1) (< win8) (< wp8))
      System.Runtime (>= 4.3) - restriction: || (>= dnxcore50) (&& (< monoandroid) (< monotouch) (< net45) (>= netstandard1.3) (< win8) (< wpa81) (< xamarinios) (< xamarinmac) (< xamarintvos) (< xamarinwatchos)) (&& (< monoandroid) (< net45) (>= netstandard1.1) (< netstandard1.3) (< win8) (< wpa81)) (&& (< monoandroid) (>= netstandard1.0) (< netstandard1.1) (< win8) (< wp8))
      System.Runtime.Handles (>= 4.3) - restriction: || (>= dnxcore50) (&& (< monoandroid) (< monotouch) (< net45) (>= netstandard1.3) (< win8) (< wpa81) (< xamarinios) (< xamarinmac) (< xamarintvos) (< xamarinwatchos))
    System.Net.WebSockets.WebSocketProtocol (4.5.2) - restriction: >= netcoreapp2.1
    System.Numerics.Vectors (4.5) - restriction: >= netcoreapp2.1
    System.ObjectModel (4.3) - restriction: >= netcoreapp2.1
      System.Collections (>= 4.3) - restriction: || (>= dnxcore50) (&& (< monoandroid) (< monotouch) (< net45) (>= netstandard1.3) (< win8) (< wpa81) (< xamarinios) (< xamarinmac) (< xamarintvos) (< xamarinwatchos))
      System.Diagnostics.Debug (>= 4.3) - restriction: || (>= dnxcore50) (&& (< monoandroid) (< monotouch) (< net45) (>= netstandard1.3) (< win8) (< wpa81) (< xamarinios) (< xamarinmac) (< xamarintvos) (< xamarinwatchos))
      System.Resources.ResourceManager (>= 4.3) - restriction: || (>= dnxcore50) (&& (< monoandroid) (< monotouch) (< net45) (>= netstandard1.3) (< win8) (< wpa81) (< xamarinios) (< xamarinmac) (< xamarintvos) (< xamarinwatchos))
      System.Runtime (>= 4.3) - restriction: || (>= dnxcore50) (&& (< monoandroid) (< monotouch) (< net45) (>= netstandard1.3) (< win8) (< wpa81) (< xamarinios) (< xamarinmac) (< xamarintvos) (< xamarinwatchos)) (&& (< monoandroid) (< net45) (>= netstandard1.0) (< netstandard1.3) (< win8) (< wp8) (< wpa81))
      System.Threading (>= 4.3) - restriction: || (>= dnxcore50) (&& (< monoandroid) (< monotouch) (< net45) (>= netstandard1.3) (< win8) (< wpa81) (< xamarinios) (< xamarinmac) (< xamarintvos) (< xamarinwatchos))
    System.Private.DataContractSerialization (4.3) - restriction: >= netcoreapp1.0
      System.Collections (>= 4.3) - restriction: || (>= dnxcore50) (&& (< monoandroid) (< monotouch) (< net46) (>= netstandard1.3) (< xamarinios) (< xamarinmac) (< xamarintvos) (< xamarinwatchos))
      System.Collections.Concurrent (>= 4.3) - restriction: || (>= dnxcore50) (&& (< monoandroid) (< monotouch) (< net46) (>= netstandard1.3) (< xamarinios) (< xamarinmac) (< xamarintvos) (< xamarinwatchos))
      System.Diagnostics.Debug (>= 4.3) - restriction: || (>= dnxcore50) (&& (< monoandroid) (< monotouch) (< net46) (>= netstandard1.3) (< xamarinios) (< xamarinmac) (< xamarintvos) (< xamarinwatchos))
      System.Globalization (>= 4.3) - restriction: || (>= dnxcore50) (&& (< monoandroid) (< monotouch) (< net46) (>= netstandard1.3) (< xamarinios) (< xamarinmac) (< xamarintvos) (< xamarinwatchos))
      System.IO (>= 4.3) - restriction: || (>= dnxcore50) (&& (< monoandroid) (< monotouch) (< net46) (>= netstandard1.3) (< xamarinios) (< xamarinmac) (< xamarintvos) (< xamarinwatchos))
      System.Linq (>= 4.3) - restriction: || (>= dnxcore50) (&& (< monoandroid) (< monotouch) (< net46) (>= netstandard1.3) (< xamarinios) (< xamarinmac) (< xamarintvos) (< xamarinwatchos))
      System.Reflection (>= 4.3) - restriction: || (>= dnxcore50) (&& (< monoandroid) (< monotouch) (< net46) (>= netstandard1.3) (< xamarinios) (< xamarinmac) (< xamarintvos) (< xamarinwatchos))
      System.Reflection.Emit.ILGeneration (>= 4.3) - restriction: && (< monoandroid) (< monotouch) (< net46) (>= netstandard1.3) (< xamarinios) (< xamarinmac) (< xamarintvos) (< xamarinwatchos)
      System.Reflection.Emit.Lightweight (>= 4.3) - restriction: && (< monoandroid) (< monotouch) (< net46) (>= netstandard1.3) (< xamarinios) (< xamarinmac) (< xamarintvos) (< xamarinwatchos)
      System.Reflection.Extensions (>= 4.3) - restriction: || (>= dnxcore50) (&& (< monoandroid) (< monotouch) (< net46) (>= netstandard1.3) (< xamarinios) (< xamarinmac) (< xamarintvos) (< xamarinwatchos))
      System.Reflection.Primitives (>= 4.3) - restriction: || (>= dnxcore50) (&& (< monoandroid) (< monotouch) (< net46) (>= netstandard1.3) (< xamarinios) (< xamarinmac) (< xamarintvos) (< xamarinwatchos))
      System.Reflection.TypeExtensions (>= 4.3) - restriction: || (>= dnxcore50) (&& (< monoandroid) (< monotouch) (>= netstandard1.3) (< xamarinios) (< xamarinmac) (< xamarintvos) (< xamarinwatchos)) (>= net46)
      System.Resources.ResourceManager (>= 4.3) - restriction: || (>= dnxcore50) (&& (< monoandroid) (< monotouch) (< net46) (>= netstandard1.3) (< xamarinios) (< xamarinmac) (< xamarintvos) (< xamarinwatchos))
      System.Runtime (>= 4.3) - restriction: || (>= dnxcore50) (&& (< monoandroid) (< monotouch) (< net46) (>= netstandard1.3) (< xamarinios) (< xamarinmac) (< xamarintvos) (< xamarinwatchos))
      System.Runtime.Extensions (>= 4.3) - restriction: || (>= dnxcore50) (&& (< monoandroid) (< monotouch) (< net46) (>= netstandard1.3) (< xamarinios) (< xamarinmac) (< xamarintvos) (< xamarinwatchos))
      System.Runtime.Serialization.Primitives (>= 4.3) - restriction: || (>= dnxcore50) (&& (< monoandroid) (< monotouch) (>= netstandard1.3) (< xamarinios) (< xamarinmac) (< xamarintvos) (< xamarinwatchos)) (>= net46)
      System.Text.Encoding (>= 4.3) - restriction: || (>= dnxcore50) (&& (< monoandroid) (< monotouch) (< net46) (>= netstandard1.3) (< xamarinios) (< xamarinmac) (< xamarintvos) (< xamarinwatchos))
      System.Text.Encoding.Extensions (>= 4.3) - restriction: || (>= dnxcore50) (&& (< monoandroid) (< monotouch) (< net46) (>= netstandard1.3) (< xamarinios) (< xamarinmac) (< xamarintvos) (< xamarinwatchos))
      System.Text.RegularExpressions (>= 4.3) - restriction: || (>= dnxcore50) (&& (< monoandroid) (< monotouch) (< net46) (>= netstandard1.3) (< xamarinios) (< xamarinmac) (< xamarintvos) (< xamarinwatchos))
      System.Threading (>= 4.3) - restriction: || (>= dnxcore50) (&& (< monoandroid) (< monotouch) (< net46) (>= netstandard1.3) (< xamarinios) (< xamarinmac) (< xamarintvos) (< xamarinwatchos))
      System.Threading.Tasks (>= 4.3) - restriction: || (>= dnxcore50) (&& (< monoandroid) (< monotouch) (< net46) (>= netstandard1.3) (< xamarinios) (< xamarinmac) (< xamarintvos) (< xamarinwatchos))
      System.Xml.ReaderWriter (>= 4.3) - restriction: || (>= dnxcore50) (&& (< monoandroid) (< monotouch) (< net46) (>= netstandard1.3) (< xamarinios) (< xamarinmac) (< xamarintvos) (< xamarinwatchos))
      System.Xml.XDocument (>= 4.3) - restriction: || (>= dnxcore50) (&& (< monoandroid) (< monotouch) (< net46) (>= netstandard1.3) (< xamarinios) (< xamarinmac) (< xamarintvos) (< xamarinwatchos))
      System.Xml.XmlDocument (>= 4.3) - restriction: || (>= dnxcore50) (&& (< monoandroid) (< monotouch) (>= netstandard1.3) (< xamarinios) (< xamarinmac) (< xamarintvos) (< xamarinwatchos)) (>= net46)
      System.Xml.XmlSerializer (>= 4.3) - restriction: || (>= dnxcore50) (&& (< monoandroid) (< monotouch) (< net46) (>= netstandard1.3) (< xamarinios) (< xamarinmac) (< xamarintvos) (< xamarinwatchos))
    System.Reflection (4.3) - restriction: || (&& (>= dnxcore50) (>= net461)) (&& (>= dnxcore50) (>= netstandard2.0)) (&& (< monoandroid) (< net45) (>= netstandard2.0) (< xamarinios)) (&& (< net45) (>= net461)) (&& (< net45) (>= net47)) (>= netcoreapp1.0)
      Microsoft.NETCore.Platforms (>= 1.1) - restriction: || (>= dnxcore50) (&& (< monoandroid) (< monotouch) (< net45) (>= netstandard1.5) (< win8) (< wpa81) (< xamarinios) (< xamarinmac) (< xamarintvos) (< xamarinwatchos)) (&& (< monoandroid) (< net45) (>= netstandard1.0) (< netstandard1.3) (< win8) (< wp8) (< wpa81)) (&& (< monoandroid) (< net45) (>= netstandard1.3) (< netstandard1.5) (< win8) (< wpa81))
      Microsoft.NETCore.Targets (>= 1.1) - restriction: || (>= dnxcore50) (&& (< monoandroid) (< monotouch) (< net45) (>= netstandard1.5) (< win8) (< wpa81) (< xamarinios) (< xamarinmac) (< xamarintvos) (< xamarinwatchos)) (&& (< monoandroid) (< net45) (>= netstandard1.0) (< netstandard1.3) (< win8) (< wp8) (< wpa81)) (&& (< monoandroid) (< net45) (>= netstandard1.3) (< netstandard1.5) (< win8) (< wpa81))
      System.IO (>= 4.3) - restriction: || (>= dnxcore50) (&& (< monoandroid) (< monotouch) (< net45) (>= netstandard1.5) (< win8) (< wpa81) (< xamarinios) (< xamarinmac) (< xamarintvos) (< xamarinwatchos)) (&& (< monoandroid) (< net45) (>= netstandard1.0) (< netstandard1.3) (< win8) (< wp8) (< wpa81)) (&& (< monoandroid) (< net45) (>= netstandard1.3) (< netstandard1.5) (< win8) (< wpa81))
      System.Reflection.Primitives (>= 4.3) - restriction: || (>= dnxcore50) (&& (< monoandroid) (< monotouch) (< net45) (>= netstandard1.5) (< win8) (< wpa81) (< xamarinios) (< xamarinmac) (< xamarintvos) (< xamarinwatchos)) (&& (< monoandroid) (< net45) (>= netstandard1.0) (< netstandard1.3) (< win8) (< wp8) (< wpa81)) (&& (< monoandroid) (< net45) (>= netstandard1.3) (< netstandard1.5) (< win8) (< wpa81))
      System.Runtime (>= 4.3) - restriction: || (>= dnxcore50) (&& (< monoandroid) (< monotouch) (< net45) (>= netstandard1.5) (< win8) (< wpa81) (< xamarinios) (< xamarinmac) (< xamarintvos) (< xamarinwatchos)) (&& (< monoandroid) (< net45) (>= netstandard1.0) (< netstandard1.3) (< win8) (< wp8) (< wpa81)) (&& (< monoandroid) (< net45) (>= netstandard1.3) (< netstandard1.5) (< win8) (< wpa81))
    System.Reflection.Emit (4.3) - restriction: || (&& (>= dnxcore50) (>= net461)) (&& (>= dnxcore50) (>= netstandard2.0)) (&& (< net45) (>= net461)) (&& (< net45) (>= netstandard2.0)) (&& (>= net461) (< netstandard2.0)) (>= net47) (>= netcoreapp2.1)
      System.IO (>= 4.3) - restriction: && (< monoandroid) (< monotouch) (< net45) (>= netstandard1.1) (< xamarinios) (< xamarinmac) (< xamarintvos) (< xamarinwatchos)
      System.Reflection (>= 4.3) - restriction: && (< monoandroid) (< monotouch) (< net45) (>= netstandard1.1) (< xamarinios) (< xamarinmac) (< xamarintvos) (< xamarinwatchos)
      System.Reflection.Emit.ILGeneration (>= 4.3) - restriction: && (< monoandroid) (< monotouch) (< net45) (>= netstandard1.1) (< xamarinios) (< xamarinmac) (< xamarintvos) (< xamarinwatchos)
      System.Reflection.Primitives (>= 4.3) - restriction: && (< monoandroid) (< monotouch) (< net45) (>= netstandard1.1) (< xamarinios) (< xamarinmac) (< xamarintvos) (< xamarinwatchos)
      System.Runtime (>= 4.3) - restriction: && (< monoandroid) (< monotouch) (< net45) (>= netstandard1.1) (< xamarinios) (< xamarinmac) (< xamarintvos) (< xamarinwatchos)
    System.Reflection.Emit.ILGeneration (4.3) - restriction: || (&& (>= dnxcore50) (>= net461)) (&& (>= dnxcore50) (>= netstandard2.0)) (&& (< monoandroid) (< net45) (>= netstandard2.0) (< xamarinios)) (&& (< net45) (>= net461)) (&& (< net45) (>= net47)) (>= netcoreapp1.0)
      System.Reflection (>= 4.3) - restriction: && (< monoandroid) (< monotouch) (< net45) (>= netstandard1.0) (< wp8) (< xamarinios) (< xamarinmac) (< xamarintvos) (< xamarinwatchos)
      System.Reflection.Primitives (>= 4.3) - restriction: && (< monoandroid) (< monotouch) (< net45) (>= netstandard1.0) (< wp8) (< xamarinios) (< xamarinmac) (< xamarintvos) (< xamarinwatchos)
      System.Runtime (>= 4.3) - restriction: && (< monoandroid) (< monotouch) (< net45) (>= netstandard1.0) (< wp8) (< xamarinios) (< xamarinmac) (< xamarintvos) (< xamarinwatchos)
    System.Reflection.Emit.Lightweight (4.3) - restriction: || (&& (< net45) (>= netstandard2.0)) (&& (>= net461) (< netstandard2.0)) (>= net47) (>= netcoreapp1.0)
      System.Reflection (>= 4.3) - restriction: && (< monoandroid) (< monotouch) (< net45) (>= netstandard1.0) (< wp8) (< xamarinios) (< xamarinmac) (< xamarintvos) (< xamarinwatchos)
      System.Reflection.Emit.ILGeneration (>= 4.3) - restriction: && (< monoandroid) (< monotouch) (< net45) (>= netstandard1.0) (< wp8) (< xamarinios) (< xamarinmac) (< xamarintvos) (< xamarinwatchos)
      System.Reflection.Primitives (>= 4.3) - restriction: && (< monoandroid) (< monotouch) (< net45) (>= netstandard1.0) (< wp8) (< xamarinios) (< xamarinmac) (< xamarintvos) (< xamarinwatchos)
      System.Runtime (>= 4.3) - restriction: && (< monoandroid) (< monotouch) (< net45) (>= netstandard1.0) (< wp8) (< xamarinios) (< xamarinmac) (< xamarintvos) (< xamarinwatchos)
    System.Reflection.Extensions (4.3) - restriction: || (&& (>= dnxcore50) (>= net461)) (&& (>= dnxcore50) (>= netstandard2.0)) (&& (< monoandroid) (< net45) (>= netstandard2.0) (< win8) (< wpa81) (< xamarinios)) (&& (< net45) (>= net461)) (>= netcoreapp1.0)
      Microsoft.NETCore.Platforms (>= 1.1) - restriction: || (>= dnxcore50) (&& (< monoandroid) (< monotouch) (< net45) (>= netstandard1.0) (< win8) (< wp8) (< wpa81) (< xamarinios) (< xamarinmac) (< xamarintvos) (< xamarinwatchos))
      Microsoft.NETCore.Targets (>= 1.1) - restriction: || (>= dnxcore50) (&& (< monoandroid) (< monotouch) (< net45) (>= netstandard1.0) (< win8) (< wp8) (< wpa81) (< xamarinios) (< xamarinmac) (< xamarintvos) (< xamarinwatchos))
      System.Reflection (>= 4.3) - restriction: || (>= dnxcore50) (&& (< monoandroid) (< monotouch) (< net45) (>= netstandard1.0) (< win8) (< wp8) (< wpa81) (< xamarinios) (< xamarinmac) (< xamarintvos) (< xamarinwatchos))
      System.Runtime (>= 4.3) - restriction: || (>= dnxcore50) (&& (< monoandroid) (< monotouch) (< net45) (>= netstandard1.0) (< win8) (< wp8) (< wpa81) (< xamarinios) (< xamarinmac) (< xamarintvos) (< xamarinwatchos))
    System.Reflection.Metadata (1.6) - restriction: >= netcoreapp1.0
    System.Reflection.Primitives (4.3) - restriction: || (&& (>= dnxcore50) (>= net461)) (&& (>= dnxcore50) (>= netstandard2.0)) (&& (< monoandroid) (< net45) (>= netstandard2.0) (< xamarinios)) (&& (< net45) (>= net461)) (&& (< net45) (>= net47)) (>= netcoreapp1.0)
      Microsoft.NETCore.Platforms (>= 1.1) - restriction: || (>= dnxcore50) (&& (< monoandroid) (< monotouch) (< net45) (>= netstandard1.0) (< win8) (< wp8) (< wpa81) (< xamarinios) (< xamarinmac) (< xamarintvos) (< xamarinwatchos))
      Microsoft.NETCore.Targets (>= 1.1) - restriction: || (>= dnxcore50) (&& (< monoandroid) (< monotouch) (< net45) (>= netstandard1.0) (< win8) (< wp8) (< wpa81) (< xamarinios) (< xamarinmac) (< xamarintvos) (< xamarinwatchos))
      System.Runtime (>= 4.3) - restriction: || (>= dnxcore50) (&& (< monoandroid) (< monotouch) (< net45) (>= netstandard1.0) (< win8) (< wp8) (< wpa81) (< xamarinios) (< xamarinmac) (< xamarintvos) (< xamarinwatchos))
    System.Reflection.TypeExtensions (4.5.1) - restriction: || (&& (>= dnxcore50) (>= net461)) (&& (>= dnxcore50) (>= netstandard2.0)) (&& (< monoandroid) (< net45) (>= netstandard2.0) (< win8) (< wpa81) (< xamarinios)) (&& (< net45) (>= net461)) (>= netcoreapp1.0)
    System.Resources.ResourceManager (4.3) - restriction: || (&& (>= dnxcore50) (>= net461)) (&& (>= dnxcore50) (>= netstandard2.0)) (&& (< monoandroid) (< net45) (>= netstandard2.0) (< win8) (< wpa81) (< xamarinios)) (&& (< net45) (>= net461)) (>= netcoreapp1.0)
      Microsoft.NETCore.Platforms (>= 1.1) - restriction: || (>= dnxcore50) (&& (< monoandroid) (< monotouch) (< net45) (>= netstandard1.0) (< win8) (< wp8) (< wpa81) (< xamarinios) (< xamarinmac) (< xamarintvos) (< xamarinwatchos))
      Microsoft.NETCore.Targets (>= 1.1) - restriction: || (>= dnxcore50) (&& (< monoandroid) (< monotouch) (< net45) (>= netstandard1.0) (< win8) (< wp8) (< wpa81) (< xamarinios) (< xamarinmac) (< xamarintvos) (< xamarinwatchos))
      System.Globalization (>= 4.3) - restriction: || (>= dnxcore50) (&& (< monoandroid) (< monotouch) (< net45) (>= netstandard1.0) (< win8) (< wp8) (< wpa81) (< xamarinios) (< xamarinmac) (< xamarintvos) (< xamarinwatchos))
      System.Reflection (>= 4.3) - restriction: || (>= dnxcore50) (&& (< monoandroid) (< monotouch) (< net45) (>= netstandard1.0) (< win8) (< wp8) (< wpa81) (< xamarinios) (< xamarinmac) (< xamarintvos) (< xamarinwatchos))
      System.Runtime (>= 4.3) - restriction: || (>= dnxcore50) (&& (< monoandroid) (< monotouch) (< net45) (>= netstandard1.0) (< win8) (< wp8) (< wpa81) (< xamarinios) (< xamarinmac) (< xamarintvos) (< xamarinwatchos))
    System.Runtime (4.3) - restriction: || (&& (>= dnxcore50) (>= net461)) (&& (>= dnxcore50) (>= netstandard2.0)) (&& (< monoandroid) (< net45) (< netstandard1.3) (>= netstandard2.0) (< win8) (< wpa81)) (&& (< monoandroid) (< net45) (< netstandard1.6) (>= netstandard2.0) (< win8) (< wpa81)) (&& (< monoandroid) (< net45) (>= netstandard2.0) (< xamarinios)) (&& (< net45) (>= net461) (< netstandard1.3)) (&& (< net45) (>= net461) (>= netstandard1.6)) (&& (< net45) (>= net461) (< netstandard1.6)) (&& (< net45) (>= net461) (< netstandard2.0)) (&& (< net45) (>= net47)) (&& (>= net461) (>= netcoreapp1.1)) (>= netcoreapp1.0) (&& (>= netcoreapp1.1) (>= netstandard2.0))
      Microsoft.NETCore.Platforms (>= 1.1) - restriction: || (>= dnxcore50) (&& (< monoandroid) (< monotouch) (< net45) (>= netstandard1.5) (< win8) (< wpa81) (< xamarinios) (< xamarinmac) (< xamarintvos) (< xamarinwatchos)) (&& (< monoandroid) (< net45) (>= netstandard1.0) (< netstandard1.2) (< win8) (< wp8)) (&& (< monoandroid) (< net45) (>= netstandard1.2) (< netstandard1.3) (< win8) (< wpa81)) (&& (< monoandroid) (< net45) (>= netstandard1.3) (< netstandard1.5) (< win8) (< wpa81))
      Microsoft.NETCore.Targets (>= 1.1) - restriction: || (>= dnxcore50) (&& (< monoandroid) (< monotouch) (< net45) (>= netstandard1.5) (< win8) (< wpa81) (< xamarinios) (< xamarinmac) (< xamarintvos) (< xamarinwatchos)) (&& (< monoandroid) (< net45) (>= netstandard1.0) (< netstandard1.2) (< win8) (< wp8)) (&& (< monoandroid) (< net45) (>= netstandard1.2) (< netstandard1.3) (< win8) (< wpa81)) (&& (< monoandroid) (< net45) (>= netstandard1.3) (< netstandard1.5) (< win8) (< wpa81))
    System.Runtime.CompilerServices.Unsafe (4.5.2) - restriction: >= netcoreapp2.1
    System.Runtime.Extensions (4.3) - restriction: || (&& (>= dnxcore50) (>= net461)) (&& (>= dnxcore50) (>= netstandard2.0)) (&& (< monoandroid) (< net45) (>= netstandard2.0) (< win8) (< wpa81) (< xamarinios)) (&& (< net45) (>= net461)) (>= netcoreapp1.0)
      Microsoft.NETCore.Platforms (>= 1.1) - restriction: || (>= dnxcore50) (&& (< monoandroid) (< monotouch) (< net45) (>= netstandard1.5) (< win8) (< wpa81) (< xamarinios) (< xamarinmac) (< xamarintvos) (< xamarinwatchos)) (&& (< monoandroid) (< net45) (>= netstandard1.0) (< netstandard1.3) (< win8) (< wp8) (< wpa81)) (&& (< monoandroid) (< net45) (>= netstandard1.3) (< netstandard1.5) (< win8) (< wpa81))
      Microsoft.NETCore.Targets (>= 1.1) - restriction: || (>= dnxcore50) (&& (< monoandroid) (< monotouch) (< net45) (>= netstandard1.5) (< win8) (< wpa81) (< xamarinios) (< xamarinmac) (< xamarintvos) (< xamarinwatchos)) (&& (< monoandroid) (< net45) (>= netstandard1.0) (< netstandard1.3) (< win8) (< wp8) (< wpa81)) (&& (< monoandroid) (< net45) (>= netstandard1.3) (< netstandard1.5) (< win8) (< wpa81))
      System.Runtime (>= 4.3) - restriction: || (>= dnxcore50) (&& (< monoandroid) (< monotouch) (< net45) (>= netstandard1.5) (< win8) (< wpa81) (< xamarinios) (< xamarinmac) (< xamarintvos) (< xamarinwatchos)) (&& (< monoandroid) (< net45) (>= netstandard1.0) (< netstandard1.3) (< win8) (< wp8) (< wpa81)) (&& (< monoandroid) (< net45) (>= netstandard1.3) (< netstandard1.5) (< win8) (< wpa81))
    System.Runtime.Handles (4.3) - restriction: || (&& (>= dnxcore50) (>= net461)) (&& (>= dnxcore50) (>= netstandard2.0)) (&& (< monoandroid) (< net45) (< netstandard1.3) (>= netstandard2.0) (< win8) (< wpa81)) (&& (< monoandroid) (< net45) (>= netstandard2.0) (< win8) (< wpa81) (< xamarinios)) (&& (< net45) (>= net461)) (>= netcoreapp1.0)
      Microsoft.NETCore.Platforms (>= 1.1) - restriction: && (< monoandroid) (< monotouch) (< net46) (>= netstandard1.3) (< xamarinios) (< xamarinmac) (< xamarintvos) (< xamarinwatchos)
      Microsoft.NETCore.Targets (>= 1.1) - restriction: && (< monoandroid) (< monotouch) (< net46) (>= netstandard1.3) (< xamarinios) (< xamarinmac) (< xamarintvos) (< xamarinwatchos)
      System.Runtime (>= 4.3) - restriction: && (< monoandroid) (< monotouch) (< net46) (>= netstandard1.3) (< xamarinios) (< xamarinmac) (< xamarintvos) (< xamarinwatchos)
    System.Runtime.InteropServices (4.3) - restriction: || (&& (>= dnxcore50) (>= net461)) (&& (>= dnxcore50) (>= netstandard2.0)) (&& (< monoandroid) (< net45) (< netstandard1.3) (>= netstandard2.0) (< win8) (< wpa81)) (&& (< monoandroid) (< net45) (>= netstandard2.0) (< win8) (< wpa81) (< xamarinios)) (&& (< net45) (>= net461)) (>= netcoreapp1.0)
      Microsoft.NETCore.Platforms (>= 1.1) - restriction: || (>= dnxcore50) (&& (< monoandroid) (< monotouch) (< net45) (>= netstandard1.5) (< win8) (< wpa81) (< xamarinios) (< xamarinmac) (< xamarintvos) (< xamarinwatchos)) (&& (< monoandroid) (< net45) (>= netstandard1.1) (< netstandard1.2) (< win8)) (&& (< monoandroid) (< net45) (>= netstandard1.2) (< netstandard1.3) (< win8) (< wpa81)) (&& (< monoandroid) (< net45) (>= netstandard1.3) (< netstandard1.5) (< win8) (< wpa81)) (>= netcoreapp1.1)
      Microsoft.NETCore.Targets (>= 1.1) - restriction: || (>= dnxcore50) (&& (< monoandroid) (< monotouch) (< net45) (>= netstandard1.5) (< win8) (< wpa81) (< xamarinios) (< xamarinmac) (< xamarintvos) (< xamarinwatchos)) (&& (< monoandroid) (< net45) (>= netstandard1.1) (< netstandard1.2) (< win8)) (&& (< monoandroid) (< net45) (>= netstandard1.2) (< netstandard1.3) (< win8) (< wpa81)) (&& (< monoandroid) (< net45) (>= netstandard1.3) (< netstandard1.5) (< win8) (< wpa81)) (>= netcoreapp1.1)
      System.Reflection (>= 4.3) - restriction: || (>= dnxcore50) (&& (< monoandroid) (< monotouch) (< net45) (>= netstandard1.5) (< win8) (< wpa81) (< xamarinios) (< xamarinmac) (< xamarintvos) (< xamarinwatchos)) (&& (< monoandroid) (< net45) (>= netstandard1.1) (< netstandard1.2) (< win8)) (&& (< monoandroid) (< net45) (>= netstandard1.2) (< netstandard1.3) (< win8) (< wpa81)) (&& (< monoandroid) (< net45) (>= netstandard1.3) (< netstandard1.5) (< win8) (< wpa81)) (>= netcoreapp1.1)
      System.Reflection.Primitives (>= 4.3) - restriction: || (>= dnxcore50) (&& (< monoandroid) (< monotouch) (< net45) (>= netstandard1.5) (< win8) (< wpa81) (< xamarinios) (< xamarinmac) (< xamarintvos) (< xamarinwatchos)) (&& (< monoandroid) (< net45) (>= netstandard1.1) (< netstandard1.2) (< win8)) (&& (< monoandroid) (< net45) (>= netstandard1.2) (< netstandard1.3) (< win8) (< wpa81)) (&& (< monoandroid) (< net45) (>= netstandard1.3) (< netstandard1.5) (< win8) (< wpa81)) (>= netcoreapp1.1)
      System.Runtime (>= 4.3) - restriction: || (>= dnxcore50) (&& (< monoandroid) (< monotouch) (< net45) (>= netstandard1.5) (< win8) (< wpa81) (< xamarinios) (< xamarinmac) (< xamarintvos) (< xamarinwatchos)) (&& (< monoandroid) (< net45) (>= netstandard1.1) (< netstandard1.2) (< win8)) (&& (< monoandroid) (< net45) (>= netstandard1.2) (< netstandard1.3) (< win8) (< wpa81)) (&& (< monoandroid) (< net45) (>= netstandard1.3) (< netstandard1.5) (< win8) (< wpa81)) (>= net462) (>= netcoreapp1.1)
      System.Runtime.Handles (>= 4.3) - restriction: || (>= dnxcore50) (&& (< monoandroid) (< monotouch) (< net45) (>= netstandard1.5) (< win8) (< wpa81) (< xamarinios) (< xamarinmac) (< xamarintvos) (< xamarinwatchos)) (&& (< monoandroid) (< net45) (>= netstandard1.3) (< netstandard1.5) (< win8) (< wpa81)) (>= netcoreapp1.1)
    System.Runtime.InteropServices.RuntimeInformation (4.3) - restriction: || (>= netcoreapp1.0) (>= uap10.0)
    System.Runtime.Loader (4.3) - restriction: >= netcoreapp1.0
      System.IO (>= 4.3) - restriction: && (< monoandroid) (< monotouch) (< net462) (>= netstandard1.5) (< xamarinios) (< xamarinmac) (< xamarintvos) (< xamarinwatchos)
      System.Reflection (>= 4.3) - restriction: && (< monoandroid) (< monotouch) (< net462) (>= netstandard1.5) (< xamarinios) (< xamarinmac) (< xamarintvos) (< xamarinwatchos)
      System.Runtime (>= 4.3) - restriction: && (< monoandroid) (< monotouch) (< net462) (>= netstandard1.5) (< xamarinios) (< xamarinmac) (< xamarintvos) (< xamarinwatchos)
    System.Runtime.Numerics (4.3) - restriction: >= netcoreapp2.1
      System.Globalization (>= 4.3) - restriction: || (>= dnxcore50) (&& (< monoandroid) (< monotouch) (< net45) (>= netstandard1.3) (< win8) (< wpa81) (< xamarinios) (< xamarinmac) (< xamarintvos) (< xamarinwatchos))
      System.Resources.ResourceManager (>= 4.3) - restriction: || (>= dnxcore50) (&& (< monoandroid) (< monotouch) (< net45) (>= netstandard1.3) (< win8) (< wpa81) (< xamarinios) (< xamarinmac) (< xamarintvos) (< xamarinwatchos))
      System.Runtime (>= 4.3) - restriction: || (>= dnxcore50) (&& (< monoandroid) (< monotouch) (< net45) (>= netstandard1.3) (< win8) (< wpa81) (< xamarinios) (< xamarinmac) (< xamarintvos) (< xamarinwatchos)) (&& (< monoandroid) (< net45) (>= netstandard1.1) (< netstandard1.3) (< win8) (< wpa81))
      System.Runtime.Extensions (>= 4.3) - restriction: || (>= dnxcore50) (&& (< monoandroid) (< monotouch) (< net45) (>= netstandard1.3) (< win8) (< wpa81) (< xamarinios) (< xamarinmac) (< xamarintvos) (< xamarinwatchos))
    System.Runtime.Serialization.Json (4.3) - restriction: >= netcoreapp1.0
      System.IO (>= 4.3) - restriction: || (>= dnxcore50) (&& (< monoandroid) (< monotouch) (< net45) (>= netstandard1.3) (< win8) (< wpa81) (< xamarinios) (< xamarinmac) (< xamarintvos) (< xamarinwatchos)) (&& (< monoandroid) (< net45) (>= netstandard1.0) (< netstandard1.3) (< win8) (< wp8) (< wpa81))
      System.Private.DataContractSerialization (>= 4.3) - restriction: || (>= dnxcore50) (&& (< monoandroid) (< monotouch) (< net45) (>= netstandard1.3) (< win8) (< wpa81) (< xamarinios) (< xamarinmac) (< xamarintvos) (< xamarinwatchos))
      System.Runtime (>= 4.3) - restriction: || (>= dnxcore50) (&& (< monoandroid) (< monotouch) (< net45) (>= netstandard1.3) (< win8) (< wpa81) (< xamarinios) (< xamarinmac) (< xamarintvos) (< xamarinwatchos)) (&& (< monoandroid) (< net45) (>= netstandard1.0) (< netstandard1.3) (< win8) (< wp8) (< wpa81))
    System.Runtime.Serialization.Primitives (4.3) - restriction: >= netcoreapp1.0
      System.Resources.ResourceManager (>= 4.3) - restriction: || (>= dnxcore50) (&& (< monoandroid) (< monotouch) (< net45) (>= netstandard1.3) (< win8) (< wpa81) (< xamarinios) (< xamarinmac) (< xamarintvos) (< xamarinwatchos))
      System.Runtime (>= 4.3) - restriction: || (>= dnxcore50) (&& (< monoandroid) (< monotouch) (< net45) (>= netstandard1.3) (< win8) (< wpa81) (< xamarinios) (< xamarinmac) (< xamarintvos) (< xamarinwatchos)) (&& (< monoandroid) (< net45) (>= netstandard1.0) (< netstandard1.3) (< win8) (< wp8) (< wpa81))
    System.Runtime.Serialization.Xml (4.3) - restriction: >= netcoreapp2.1
      System.IO (>= 4.3) - restriction: || (>= dnxcore50) (&& (< monoandroid) (< monotouch) (< net45) (>= netstandard1.3) (< win8) (< wpa81) (< xamarinios) (< xamarinmac) (< xamarintvos) (< xamarinwatchos)) (&& (< monoandroid) (< net45) (>= netstandard1.0) (< netstandard1.3) (< win8) (< wp8) (< wpa81))
      System.Private.DataContractSerialization (>= 4.3) - restriction: || (>= dnxcore50) (&& (< monoandroid) (< monotouch) (< net45) (>= netstandard1.3) (< win8) (< wpa81) (< xamarinios) (< xamarinmac) (< xamarintvos) (< xamarinwatchos))
      System.Runtime (>= 4.3) - restriction: || (>= dnxcore50) (&& (< monoandroid) (< monotouch) (< net45) (>= netstandard1.3) (< win8) (< wpa81) (< xamarinios) (< xamarinmac) (< xamarintvos) (< xamarinwatchos)) (&& (< monoandroid) (< net45) (>= netstandard1.0) (< netstandard1.3) (< win8) (< wp8) (< wpa81))
      System.Runtime.Serialization.Primitives (>= 4.3) - restriction: || (>= dnxcore50) (&& (< monoandroid) (< monotouch) (< net45) (>= netstandard1.3) (< win8) (< wpa81) (< xamarinios) (< xamarinmac) (< xamarintvos) (< xamarinwatchos)) (>= net46)
      System.Text.Encoding (>= 4.3) - restriction: || (>= dnxcore50) (&& (< monoandroid) (< monotouch) (< net45) (>= netstandard1.3) (< win8) (< wpa81) (< xamarinios) (< xamarinmac) (< xamarintvos) (< xamarinwatchos)) (&& (< monoandroid) (< net45) (>= netstandard1.0) (< netstandard1.3) (< win8) (< wp8) (< wpa81))
      System.Xml.ReaderWriter (>= 4.3) - restriction: || (>= dnxcore50) (&& (< monoandroid) (< monotouch) (< net45) (>= netstandard1.3) (< win8) (< wpa81) (< xamarinios) (< xamarinmac) (< xamarintvos) (< xamarinwatchos)) (&& (< monoandroid) (< net45) (>= netstandard1.0) (< netstandard1.3) (< win8) (< wp8) (< wpa81))
    System.Security.AccessControl (4.5) - restriction: >= netcoreapp2.1
      Microsoft.NETCore.Platforms (>= 2.0) - restriction: >= netcoreapp2.0
      System.Security.Principal.Windows (>= 4.5) - restriction: || (&& (< net46) (>= netstandard2.0)) (>= net461) (>= netcoreapp2.0)
    System.Security.Claims (4.3) - restriction: >= netcoreapp2.1
      System.Collections (>= 4.3) - restriction: && (< monoandroid) (< monotouch) (< net46) (>= netstandard1.3) (< xamarinios) (< xamarinmac) (< xamarintvos) (< xamarinwatchos)
      System.Globalization (>= 4.3) - restriction: && (< monoandroid) (< monotouch) (< net46) (>= netstandard1.3) (< xamarinios) (< xamarinmac) (< xamarintvos) (< xamarinwatchos)
      System.IO (>= 4.3) - restriction: && (< monoandroid) (< monotouch) (< net46) (>= netstandard1.3) (< xamarinios) (< xamarinmac) (< xamarintvos) (< xamarinwatchos)
      System.Resources.ResourceManager (>= 4.3) - restriction: && (< monoandroid) (< monotouch) (< net46) (>= netstandard1.3) (< xamarinios) (< xamarinmac) (< xamarintvos) (< xamarinwatchos)
      System.Runtime (>= 4.3) - restriction: && (< monoandroid) (< monotouch) (< net46) (>= netstandard1.3) (< xamarinios) (< xamarinmac) (< xamarintvos) (< xamarinwatchos)
      System.Runtime.Extensions (>= 4.3) - restriction: && (< monoandroid) (< monotouch) (< net46) (>= netstandard1.3) (< xamarinios) (< xamarinmac) (< xamarintvos) (< xamarinwatchos)
      System.Security.Principal (>= 4.3) - restriction: && (< monoandroid) (< monotouch) (< net46) (>= netstandard1.3) (< xamarinios) (< xamarinmac) (< xamarintvos) (< xamarinwatchos)
    System.Security.Cryptography.Algorithms (4.3.1) - restriction: >= netcoreapp2.1
      Microsoft.NETCore.Platforms (>= 1.1) - restriction: || (>= dnxcore50) (&& (< monotouch) (< net46) (>= netstandard1.6) (< xamarinios) (< xamarinmac) (< xamarintvos) (< xamarinwatchos))
      runtime.native.System.Security.Cryptography.Apple (>= 4.3.1) - restriction: && (< monotouch) (< net46) (>= netstandard1.6) (< xamarinios) (< xamarinmac) (< xamarintvos) (< xamarinwatchos)
      runtime.native.System.Security.Cryptography.OpenSsl (>= 4.3.2) - restriction: && (< monotouch) (< net46) (>= netstandard1.6) (< xamarinios) (< xamarinmac) (< xamarintvos) (< xamarinwatchos)
      System.Collections (>= 4.3) - restriction: && (< monotouch) (< net46) (>= netstandard1.6) (< xamarinios) (< xamarinmac) (< xamarintvos) (< xamarinwatchos)
      System.IO (>= 4.3) - restriction: || (>= dnxcore50) (&& (< monoandroid) (< net46) (>= netstandard1.3) (< netstandard1.4)) (&& (< monoandroid) (< net46) (>= netstandard1.4) (< netstandard1.6)) (&& (< monotouch) (< net46) (>= netstandard1.6) (< xamarinios) (< xamarinmac) (< xamarintvos) (< xamarinwatchos)) (>= net463)
      System.Resources.ResourceManager (>= 4.3) - restriction: || (>= dnxcore50) (&& (< monotouch) (< net46) (>= netstandard1.6) (< xamarinios) (< xamarinmac) (< xamarintvos) (< xamarinwatchos))
      System.Runtime (>= 4.3) - restriction: || (>= dnxcore50) (&& (< monoandroid) (< net46) (>= netstandard1.3) (< netstandard1.4)) (&& (< monoandroid) (< net46) (>= netstandard1.4) (< netstandard1.6)) (&& (< monotouch) (< net46) (>= netstandard1.6) (< xamarinios) (< xamarinmac) (< xamarintvos) (< xamarinwatchos)) (>= net463)
      System.Runtime.Extensions (>= 4.3) - restriction: || (>= dnxcore50) (&& (< monotouch) (< net46) (>= netstandard1.6) (< xamarinios) (< xamarinmac) (< xamarintvos) (< xamarinwatchos))
      System.Runtime.Handles (>= 4.3) - restriction: || (>= dnxcore50) (&& (< monotouch) (< net46) (>= netstandard1.6) (< xamarinios) (< xamarinmac) (< xamarintvos) (< xamarinwatchos))
      System.Runtime.InteropServices (>= 4.3) - restriction: || (>= dnxcore50) (&& (< monotouch) (< net46) (>= netstandard1.6) (< xamarinios) (< xamarinmac) (< xamarintvos) (< xamarinwatchos))
      System.Runtime.Numerics (>= 4.3) - restriction: && (< monotouch) (< net46) (>= netstandard1.6) (< xamarinios) (< xamarinmac) (< xamarintvos) (< xamarinwatchos)
      System.Security.Cryptography.Encoding (>= 4.3) - restriction: || (>= dnxcore50) (&& (< monotouch) (< net46) (>= netstandard1.6) (< xamarinios) (< xamarinmac) (< xamarintvos) (< xamarinwatchos)) (>= net463)
      System.Security.Cryptography.Primitives (>= 4.3) - restriction: || (>= dnxcore50) (&& (< monoandroid) (< net46) (>= netstandard1.3) (< netstandard1.4)) (&& (< monoandroid) (< net46) (>= netstandard1.4) (< netstandard1.6)) (&& (< monotouch) (< net46) (>= netstandard1.6) (< xamarinios) (< xamarinmac) (< xamarintvos) (< xamarinwatchos)) (&& (>= net46) (< netstandard1.4)) (&& (>= net461) (< netstandard1.6)) (>= net463)
      System.Text.Encoding (>= 4.3) - restriction: || (>= dnxcore50) (&& (< monotouch) (< net46) (>= netstandard1.6) (< xamarinios) (< xamarinmac) (< xamarintvos) (< xamarinwatchos))
    System.Security.Cryptography.Cng (4.5) - restriction: >= netcoreapp2.1
    System.Security.Cryptography.Csp (4.3) - restriction: >= netcoreapp2.1
      Microsoft.NETCore.Platforms (>= 1.1) - restriction: && (< monoandroid) (< monotouch) (< net46) (>= netstandard1.3) (< xamarinios) (< xamarinmac) (< xamarintvos) (< xamarinwatchos)
      System.IO (>= 4.3) - restriction: && (< monoandroid) (< monotouch) (< net46) (>= netstandard1.3) (< xamarinios) (< xamarinmac) (< xamarintvos) (< xamarinwatchos)
      System.Reflection (>= 4.3) - restriction: && (< monoandroid) (< monotouch) (< net46) (>= netstandard1.3) (< xamarinios) (< xamarinmac) (< xamarintvos) (< xamarinwatchos)
      System.Resources.ResourceManager (>= 4.3) - restriction: && (< monoandroid) (< monotouch) (< net46) (>= netstandard1.3) (< xamarinios) (< xamarinmac) (< xamarintvos) (< xamarinwatchos)
      System.Runtime (>= 4.3) - restriction: && (< monoandroid) (< monotouch) (< net46) (>= netstandard1.3) (< xamarinios) (< xamarinmac) (< xamarintvos) (< xamarinwatchos)
      System.Runtime.Extensions (>= 4.3) - restriction: && (< monoandroid) (< monotouch) (< net46) (>= netstandard1.3) (< xamarinios) (< xamarinmac) (< xamarintvos) (< xamarinwatchos)
      System.Runtime.Handles (>= 4.3) - restriction: && (< monoandroid) (< monotouch) (< net46) (>= netstandard1.3) (< xamarinios) (< xamarinmac) (< xamarintvos) (< xamarinwatchos)
      System.Runtime.InteropServices (>= 4.3) - restriction: && (< monoandroid) (< monotouch) (< net46) (>= netstandard1.3) (< xamarinios) (< xamarinmac) (< xamarintvos) (< xamarinwatchos)
      System.Security.Cryptography.Algorithms (>= 4.3) - restriction: || (&& (< monoandroid) (< monotouch) (>= netstandard1.3) (< xamarinios) (< xamarinmac) (< xamarintvos) (< xamarinwatchos)) (>= net46)
      System.Security.Cryptography.Encoding (>= 4.3) - restriction: && (< monoandroid) (< monotouch) (< net46) (>= netstandard1.3) (< xamarinios) (< xamarinmac) (< xamarintvos) (< xamarinwatchos)
      System.Security.Cryptography.Primitives (>= 4.3) - restriction: || (&& (< monoandroid) (< monotouch) (>= netstandard1.3) (< xamarinios) (< xamarinmac) (< xamarintvos) (< xamarinwatchos)) (>= net46)
      System.Text.Encoding (>= 4.3) - restriction: && (< monoandroid) (< monotouch) (< net46) (>= netstandard1.3) (< xamarinios) (< xamarinmac) (< xamarintvos) (< xamarinwatchos)
      System.Threading (>= 4.3) - restriction: && (< monoandroid) (< monotouch) (< net46) (>= netstandard1.3) (< xamarinios) (< xamarinmac) (< xamarintvos) (< xamarinwatchos)
    System.Security.Cryptography.Encoding (4.3) - restriction: >= netcoreapp2.1
      Microsoft.NETCore.Platforms (>= 1.1) - restriction: && (< monoandroid) (< monotouch) (< net46) (>= netstandard1.3) (< xamarinios) (< xamarinmac) (< xamarintvos) (< xamarinwatchos)
      runtime.native.System.Security.Cryptography.OpenSsl (>= 4.3) - restriction: && (< monoandroid) (< monotouch) (< net46) (>= netstandard1.3) (< xamarinios) (< xamarinmac) (< xamarintvos) (< xamarinwatchos)
      System.Collections (>= 4.3) - restriction: && (< monoandroid) (< monotouch) (< net46) (>= netstandard1.3) (< xamarinios) (< xamarinmac) (< xamarintvos) (< xamarinwatchos)
      System.Collections.Concurrent (>= 4.3) - restriction: && (< monoandroid) (< monotouch) (< net46) (>= netstandard1.3) (< xamarinios) (< xamarinmac) (< xamarintvos) (< xamarinwatchos)
      System.Linq (>= 4.3) - restriction: && (< monoandroid) (< monotouch) (< net46) (>= netstandard1.3) (< xamarinios) (< xamarinmac) (< xamarintvos) (< xamarinwatchos)
      System.Resources.ResourceManager (>= 4.3) - restriction: && (< monoandroid) (< monotouch) (< net46) (>= netstandard1.3) (< xamarinios) (< xamarinmac) (< xamarintvos) (< xamarinwatchos)
      System.Runtime (>= 4.3) - restriction: && (< monoandroid) (< monotouch) (< net46) (>= netstandard1.3) (< xamarinios) (< xamarinmac) (< xamarintvos) (< xamarinwatchos)
      System.Runtime.Extensions (>= 4.3) - restriction: && (< monoandroid) (< monotouch) (< net46) (>= netstandard1.3) (< xamarinios) (< xamarinmac) (< xamarintvos) (< xamarinwatchos)
      System.Runtime.Handles (>= 4.3) - restriction: && (< monoandroid) (< monotouch) (< net46) (>= netstandard1.3) (< xamarinios) (< xamarinmac) (< xamarintvos) (< xamarinwatchos)
      System.Runtime.InteropServices (>= 4.3) - restriction: && (< monoandroid) (< monotouch) (< net46) (>= netstandard1.3) (< xamarinios) (< xamarinmac) (< xamarintvos) (< xamarinwatchos)
      System.Security.Cryptography.Primitives (>= 4.3) - restriction: && (< monoandroid) (< monotouch) (< net46) (>= netstandard1.3) (< xamarinios) (< xamarinmac) (< xamarintvos) (< xamarinwatchos)
      System.Text.Encoding (>= 4.3) - restriction: && (< monoandroid) (< monotouch) (< net46) (>= netstandard1.3) (< xamarinios) (< xamarinmac) (< xamarintvos) (< xamarinwatchos)
    System.Security.Cryptography.OpenSsl (4.5) - restriction: >= netcoreapp2.1
    System.Security.Cryptography.Pkcs (4.5.1) - restriction: >= netcoreapp2.1
      System.Security.Cryptography.Cng (>= 4.5) - restriction: >= netcoreapp2.1
    System.Security.Cryptography.Primitives (4.3) - restriction: >= netcoreapp2.1
      System.Diagnostics.Debug (>= 4.3) - restriction: && (< monoandroid) (< monotouch) (< net46) (>= netstandard1.3) (< xamarinios) (< xamarinmac) (< xamarintvos) (< xamarinwatchos)
      System.Globalization (>= 4.3) - restriction: && (< monoandroid) (< monotouch) (< net46) (>= netstandard1.3) (< xamarinios) (< xamarinmac) (< xamarintvos) (< xamarinwatchos)
      System.IO (>= 4.3) - restriction: && (< monoandroid) (< monotouch) (< net46) (>= netstandard1.3) (< xamarinios) (< xamarinmac) (< xamarintvos) (< xamarinwatchos)
      System.Resources.ResourceManager (>= 4.3) - restriction: && (< monoandroid) (< monotouch) (< net46) (>= netstandard1.3) (< xamarinios) (< xamarinmac) (< xamarintvos) (< xamarinwatchos)
      System.Runtime (>= 4.3) - restriction: && (< monoandroid) (< monotouch) (< net46) (>= netstandard1.3) (< xamarinios) (< xamarinmac) (< xamarintvos) (< xamarinwatchos)
      System.Threading (>= 4.3) - restriction: && (< monoandroid) (< monotouch) (< net46) (>= netstandard1.3) (< xamarinios) (< xamarinmac) (< xamarintvos) (< xamarinwatchos)
      System.Threading.Tasks (>= 4.3) - restriction: && (< monoandroid) (< monotouch) (< net46) (>= netstandard1.3) (< xamarinios) (< xamarinmac) (< xamarintvos) (< xamarinwatchos)
    System.Security.Cryptography.X509Certificates (4.3.2) - restriction: >= netcoreapp2.1
      Microsoft.NETCore.Platforms (>= 1.1) - restriction: || (>= dnxcore50) (&& (< monotouch) (< net46) (>= netstandard1.6) (< xamarinios) (< xamarinmac) (< xamarintvos) (< xamarinwatchos))
      runtime.native.System (>= 4.3) - restriction: && (< monotouch) (< net46) (>= netstandard1.6) (< xamarinios) (< xamarinmac) (< xamarintvos) (< xamarinwatchos)
      runtime.native.System.Net.Http (>= 4.3) - restriction: && (< monotouch) (< net46) (>= netstandard1.6) (< xamarinios) (< xamarinmac) (< xamarintvos) (< xamarinwatchos)
      runtime.native.System.Security.Cryptography.OpenSsl (>= 4.3.2) - restriction: && (< monotouch) (< net46) (>= netstandard1.6) (< xamarinios) (< xamarinmac) (< xamarintvos) (< xamarinwatchos)
      System.Collections (>= 4.3) - restriction: || (>= dnxcore50) (&& (< monotouch) (< net46) (>= netstandard1.6) (< xamarinios) (< xamarinmac) (< xamarintvos) (< xamarinwatchos))
      System.Diagnostics.Debug (>= 4.3) - restriction: && (< monotouch) (< net46) (>= netstandard1.6) (< xamarinios) (< xamarinmac) (< xamarintvos) (< xamarinwatchos)
      System.Globalization (>= 4.3) - restriction: || (>= dnxcore50) (&& (< monotouch) (< net46) (>= netstandard1.6) (< xamarinios) (< xamarinmac) (< xamarintvos) (< xamarinwatchos))
      System.Globalization.Calendars (>= 4.3) - restriction: || (>= dnxcore50) (&& (< monotouch) (< net46) (>= netstandard1.6) (< xamarinios) (< xamarinmac) (< xamarintvos) (< xamarinwatchos))
      System.IO (>= 4.3) - restriction: || (>= dnxcore50) (&& (< monotouch) (< net46) (>= netstandard1.6) (< xamarinios) (< xamarinmac) (< xamarintvos) (< xamarinwatchos))
      System.IO.FileSystem (>= 4.3) - restriction: || (>= dnxcore50) (&& (< monotouch) (< net46) (>= netstandard1.6) (< xamarinios) (< xamarinmac) (< xamarintvos) (< xamarinwatchos))
      System.IO.FileSystem.Primitives (>= 4.3) - restriction: && (< monotouch) (< net46) (>= netstandard1.6) (< xamarinios) (< xamarinmac) (< xamarintvos) (< xamarinwatchos)
      System.Resources.ResourceManager (>= 4.3) - restriction: || (>= dnxcore50) (&& (< monotouch) (< net46) (>= netstandard1.6) (< xamarinios) (< xamarinmac) (< xamarintvos) (< xamarinwatchos))
      System.Runtime (>= 4.3) - restriction: || (>= dnxcore50) (&& (< monoandroid) (< net46) (>= netstandard1.3) (< netstandard1.4)) (&& (< monoandroid) (< net46) (>= netstandard1.4) (< netstandard1.6)) (&& (< monotouch) (< net46) (>= netstandard1.6) (< xamarinios) (< xamarinmac) (< xamarintvos) (< xamarinwatchos))
      System.Runtime.Extensions (>= 4.3) - restriction: || (>= dnxcore50) (&& (< monotouch) (< net46) (>= netstandard1.6) (< xamarinios) (< xamarinmac) (< xamarintvos) (< xamarinwatchos))
      System.Runtime.Handles (>= 4.3) - restriction: || (>= dnxcore50) (&& (< monoandroid) (< net46) (>= netstandard1.3) (< netstandard1.4)) (&& (< monoandroid) (< net46) (>= netstandard1.4) (< netstandard1.6)) (&& (< monotouch) (< net46) (>= netstandard1.6) (< xamarinios) (< xamarinmac) (< xamarintvos) (< xamarinwatchos))
      System.Runtime.InteropServices (>= 4.3) - restriction: || (>= dnxcore50) (&& (< monotouch) (< net46) (>= netstandard1.6) (< xamarinios) (< xamarinmac) (< xamarintvos) (< xamarinwatchos))
      System.Runtime.Numerics (>= 4.3) - restriction: || (>= dnxcore50) (&& (< monotouch) (< net46) (>= netstandard1.6) (< xamarinios) (< xamarinmac) (< xamarintvos) (< xamarinwatchos))
      System.Security.Cryptography.Algorithms (>= 4.3) - restriction: || (>= dnxcore50) (&& (< monoandroid) (< net46) (>= netstandard1.3) (< netstandard1.4)) (&& (< monoandroid) (< net46) (>= netstandard1.4) (< netstandard1.6)) (&& (< monotouch) (< net46) (>= netstandard1.6) (< xamarinios) (< xamarinmac) (< xamarintvos) (< xamarinwatchos)) (&& (>= net46) (< netstandard1.4)) (>= net461)
      System.Security.Cryptography.Cng (>= 4.3) - restriction: || (>= dnxcore50) (&& (< monotouch) (< net46) (>= netstandard1.6) (< xamarinios) (< xamarinmac) (< xamarintvos) (< xamarinwatchos))
      System.Security.Cryptography.Csp (>= 4.3) - restriction: && (< monotouch) (< net46) (>= netstandard1.6) (< xamarinios) (< xamarinmac) (< xamarintvos) (< xamarinwatchos)
      System.Security.Cryptography.Encoding (>= 4.3) - restriction: || (>= dnxcore50) (&& (< monoandroid) (< net46) (>= netstandard1.3) (< netstandard1.4)) (&& (< monoandroid) (< net46) (>= netstandard1.4) (< netstandard1.6)) (&& (< monotouch) (< net46) (>= netstandard1.6) (< xamarinios) (< xamarinmac) (< xamarintvos) (< xamarinwatchos)) (&& (>= net46) (< netstandard1.4)) (>= net461)
      System.Security.Cryptography.OpenSsl (>= 4.3) - restriction: && (< monotouch) (< net46) (>= netstandard1.6) (< xamarinios) (< xamarinmac) (< xamarintvos) (< xamarinwatchos)
      System.Security.Cryptography.Primitives (>= 4.3) - restriction: || (>= dnxcore50) (&& (< monotouch) (< net46) (>= netstandard1.6) (< xamarinios) (< xamarinmac) (< xamarintvos) (< xamarinwatchos))
      System.Text.Encoding (>= 4.3) - restriction: || (>= dnxcore50) (&& (< monotouch) (< net46) (>= netstandard1.6) (< xamarinios) (< xamarinmac) (< xamarintvos) (< xamarinwatchos))
      System.Threading (>= 4.3) - restriction: || (>= dnxcore50) (&& (< monotouch) (< net46) (>= netstandard1.6) (< xamarinios) (< xamarinmac) (< xamarintvos) (< xamarinwatchos))
    System.Security.Cryptography.Xml (4.5) - restriction: >= netcoreapp2.1
      System.Security.Cryptography.Pkcs (>= 4.5) - restriction: && (< net461) (>= netstandard2.0)
      System.Security.Permissions (>= 4.5) - restriction: || (>= net461) (>= netstandard2.0)
    System.Security.Permissions (4.5) - restriction: >= netcoreapp2.1
      System.Security.AccessControl (>= 4.5) - restriction: || (>= net461) (>= netstandard2.0)
    System.Security.Principal (4.3) - restriction: >= netcoreapp2.1
      System.Runtime (>= 4.3) - restriction: || (>= dnxcore50) (&& (< monoandroid) (< monotouch) (< net45) (>= netstandard1.0) (< win8) (< wp8) (< wpa81) (< xamarinios) (< xamarinmac) (< xamarintvos) (< xamarinwatchos))
    System.Security.Principal.Windows (4.5.1) - restriction: >= netcoreapp2.1
      Microsoft.NETCore.Platforms (>= 2.0) - restriction: >= netcoreapp2.0
    System.Text.Encoding (4.3) - restriction: || (&& (>= dnxcore50) (>= net461)) (&& (>= dnxcore50) (>= netstandard2.0)) (&& (< monoandroid) (< net45) (< netstandard1.3) (>= netstandard2.0) (< win8) (< wpa81)) (&& (< monoandroid) (< net45) (< netstandard1.5) (>= netstandard2.0) (< win8) (< wpa81)) (&& (< monoandroid) (< net45) (>= netstandard2.0) (< win8) (< wpa81) (< xamarinios)) (&& (< net45) (>= net461) (< netstandard1.3)) (&& (< net45) (>= net461) (>= netstandard1.5)) (&& (< net45) (>= net461) (< netstandard1.5)) (>= netcoreapp1.0)
      Microsoft.NETCore.Platforms (>= 1.1) - restriction: || (>= dnxcore50) (&& (< monoandroid) (< monotouch) (< net45) (>= netstandard1.3) (< win8) (< wpa81) (< xamarinios) (< xamarinmac) (< xamarintvos) (< xamarinwatchos)) (&& (< monoandroid) (< net45) (>= netstandard1.0) (< netstandard1.3) (< win8) (< wp8) (< wpa81))
      Microsoft.NETCore.Targets (>= 1.1) - restriction: || (>= dnxcore50) (&& (< monoandroid) (< monotouch) (< net45) (>= netstandard1.3) (< win8) (< wpa81) (< xamarinios) (< xamarinmac) (< xamarintvos) (< xamarinwatchos)) (&& (< monoandroid) (< net45) (>= netstandard1.0) (< netstandard1.3) (< win8) (< wp8) (< wpa81))
      System.Runtime (>= 4.3) - restriction: || (>= dnxcore50) (&& (< monoandroid) (< monotouch) (< net45) (>= netstandard1.3) (< win8) (< wpa81) (< xamarinios) (< xamarinmac) (< xamarintvos) (< xamarinwatchos)) (&& (< monoandroid) (< net45) (>= netstandard1.0) (< netstandard1.3) (< win8) (< wp8) (< wpa81))
    System.Text.Encoding.CodePages (4.5) - restriction: >= netcoreapp2.1
      Microsoft.NETCore.Platforms (>= 2.0) - restriction: >= netcoreapp2.0
      System.Runtime.CompilerServices.Unsafe (>= 4.5) - restriction: || (&& (< net46) (>= netstandard2.0) (< xamarinios)) (>= net461) (>= netcoreapp2.0)
    System.Text.Encoding.Extensions (4.3) - restriction: || (&& (>= dnxcore50) (>= net461)) (&& (>= dnxcore50) (>= netstandard2.0)) (&& (< monoandroid) (< net45) (< netstandard1.3) (>= netstandard2.0) (< win8) (< wpa81)) (&& (< monoandroid) (< net45) (>= netstandard2.0) (< win8) (< wpa81) (< xamarinios)) (&& (< net45) (>= net461)) (>= netcoreapp1.0)
      Microsoft.NETCore.Platforms (>= 1.1) - restriction: || (>= dnxcore50) (&& (< monoandroid) (< monotouch) (< net45) (>= netstandard1.3) (< win8) (< wpa81) (< xamarinios) (< xamarinmac) (< xamarintvos) (< xamarinwatchos)) (&& (< monoandroid) (< net45) (>= netstandard1.0) (< netstandard1.3) (< win8) (< wp8) (< wpa81))
      Microsoft.NETCore.Targets (>= 1.1) - restriction: || (>= dnxcore50) (&& (< monoandroid) (< monotouch) (< net45) (>= netstandard1.3) (< win8) (< wpa81) (< xamarinios) (< xamarinmac) (< xamarintvos) (< xamarinwatchos)) (&& (< monoandroid) (< net45) (>= netstandard1.0) (< netstandard1.3) (< win8) (< wp8) (< wpa81))
      System.Runtime (>= 4.3) - restriction: || (>= dnxcore50) (&& (< monoandroid) (< monotouch) (< net45) (>= netstandard1.3) (< win8) (< wpa81) (< xamarinios) (< xamarinmac) (< xamarintvos) (< xamarinwatchos)) (&& (< monoandroid) (< net45) (>= netstandard1.0) (< netstandard1.3) (< win8) (< wp8) (< wpa81))
      System.Text.Encoding (>= 4.3) - restriction: || (>= dnxcore50) (&& (< monoandroid) (< monotouch) (< net45) (>= netstandard1.3) (< win8) (< wpa81) (< xamarinios) (< xamarinmac) (< xamarintvos) (< xamarinwatchos)) (&& (< monoandroid) (< net45) (>= netstandard1.0) (< netstandard1.3) (< win8) (< wp8) (< wpa81))
    System.Text.Encodings.Web (4.5) - restriction: >= netcoreapp2.1
    System.Text.RegularExpressions (4.3) - restriction: || (>= net461) (>= netcoreapp1.0) (>= netstandard2.0)
      System.Collections (>= 4.3) - restriction: || (>= dnxcore50) (&& (< monoandroid) (< monotouch) (< net45) (< netcoreapp1.1) (>= netstandard1.6) (< win8) (< wpa81) (< xamarinios) (< xamarinmac) (< xamarintvos) (< xamarinwatchos))
      System.Globalization (>= 4.3) - restriction: || (>= dnxcore50) (&& (< monoandroid) (< monotouch) (< net45) (< netcoreapp1.1) (>= netstandard1.6) (< win8) (< wpa81) (< xamarinios) (< xamarinmac) (< xamarintvos) (< xamarinwatchos))
      System.Resources.ResourceManager (>= 4.3) - restriction: || (>= dnxcore50) (&& (< monoandroid) (< monotouch) (< net45) (< netcoreapp1.1) (>= netstandard1.6) (< win8) (< wpa81) (< xamarinios) (< xamarinmac) (< xamarintvos) (< xamarinwatchos))
      System.Runtime (>= 4.3) - restriction: || (>= dnxcore50) (&& (< monoandroid) (< monotouch) (< net45) (>= netstandard1.6) (< win8) (< wpa81) (< xamarinios) (< xamarinmac) (< xamarintvos) (< xamarinwatchos)) (&& (< monoandroid) (< net45) (>= netstandard1.0) (< netstandard1.3) (< win8) (< wp8) (< wpa81)) (&& (< monoandroid) (< net45) (>= netstandard1.3) (< netstandard1.6) (< win8) (< wpa81)) (>= netcoreapp1.1)
      System.Runtime.Extensions (>= 4.3) - restriction: || (>= dnxcore50) (&& (< monoandroid) (< monotouch) (< net45) (< netcoreapp1.1) (>= netstandard1.6) (< win8) (< wpa81) (< xamarinios) (< xamarinmac) (< xamarintvos) (< xamarinwatchos))
      System.Threading (>= 4.3) - restriction: || (>= dnxcore50) (&& (< monoandroid) (< monotouch) (< net45) (< netcoreapp1.1) (>= netstandard1.6) (< win8) (< wpa81) (< xamarinios) (< xamarinmac) (< xamarintvos) (< xamarinwatchos))
    System.Threading (4.3) - restriction: || (&& (>= dnxcore50) (>= net461)) (&& (>= dnxcore50) (>= netstandard2.0)) (&& (< monoandroid) (< net45) (>= netstandard2.0) (< win8) (< wpa81) (< xamarinios)) (&& (< net45) (>= net461)) (>= netcoreapp1.0)
      System.Runtime (>= 4.3) - restriction: || (>= dnxcore50) (&& (< monoandroid) (< monotouch) (< net45) (>= netstandard1.3) (< win8) (< wpa81) (< xamarinios) (< xamarinmac) (< xamarintvos) (< xamarinwatchos)) (&& (< monoandroid) (< net45) (>= netstandard1.0) (< netstandard1.3) (< win8) (< wp8) (< wpa81))
      System.Threading.Tasks (>= 4.3) - restriction: || (>= dnxcore50) (&& (< monoandroid) (< monotouch) (< net45) (>= netstandard1.3) (< win8) (< wpa81) (< xamarinios) (< xamarinmac) (< xamarintvos) (< xamarinwatchos)) (&& (< monoandroid) (< net45) (>= netstandard1.0) (< netstandard1.3) (< win8) (< wp8) (< wpa81))
    System.Threading.Channels (4.5) - restriction: >= netcoreapp2.1
    System.Threading.Tasks (4.3) - restriction: || (&& (>= dnxcore50) (>= net461)) (&& (>= dnxcore50) (>= netstandard2.0)) (&& (< monoandroid) (< net45) (< netstandard1.3) (>= netstandard2.0) (< win8) (< wpa81)) (&& (< monoandroid) (< net45) (< netstandard1.5) (>= netstandard2.0) (< win8) (< wpa81)) (&& (< monoandroid) (< net45) (>= netstandard2.0) (< win8) (< wpa81) (< xamarinios)) (&& (< net45) (>= net461) (< netstandard1.3)) (&& (< net45) (>= net461) (>= netstandard1.5)) (&& (< net45) (>= net461) (< netstandard1.5)) (&& (< net45) (>= net461) (>= netstandard1.6)) (>= netcoreapp1.0)
      Microsoft.NETCore.Platforms (>= 1.1) - restriction: || (>= dnxcore50) (&& (< monoandroid) (< monotouch) (< net45) (>= netstandard1.3) (< win8) (< wpa81) (< xamarinios) (< xamarinmac) (< xamarintvos) (< xamarinwatchos)) (&& (< monoandroid) (< net45) (>= netstandard1.0) (< netstandard1.3) (< win8) (< wp8) (< wpa81))
      Microsoft.NETCore.Targets (>= 1.1) - restriction: || (>= dnxcore50) (&& (< monoandroid) (< monotouch) (< net45) (>= netstandard1.3) (< win8) (< wpa81) (< xamarinios) (< xamarinmac) (< xamarintvos) (< xamarinwatchos)) (&& (< monoandroid) (< net45) (>= netstandard1.0) (< netstandard1.3) (< win8) (< wp8) (< wpa81))
      System.Runtime (>= 4.3) - restriction: || (>= dnxcore50) (&& (< monoandroid) (< monotouch) (< net45) (>= netstandard1.3) (< win8) (< wpa81) (< xamarinios) (< xamarinmac) (< xamarintvos) (< xamarinwatchos)) (&& (< monoandroid) (< net45) (>= netstandard1.0) (< netstandard1.3) (< win8) (< wp8) (< wpa81))
    System.Threading.Tasks.Extensions (4.5.1) - restriction: || (&& (>= dnxcore50) (>= net461)) (&& (>= dnxcore50) (>= netstandard2.0)) (&& (< net45) (>= net461)) (&& (< net45) (>= netstandard2.0)) (&& (>= net461) (< netstandard2.0)) (>= net47) (>= netcoreapp2.1)
    System.Threading.Tasks.Parallel (4.3) - restriction: >= netcoreapp2.1
      System.Collections.Concurrent (>= 4.3) - restriction: || (>= dnxcore50) (&& (< monoandroid) (< monotouch) (< net45) (>= netstandard1.3) (< win8) (< wpa81) (< xamarinios) (< xamarinmac) (< xamarintvos) (< xamarinwatchos)) (&& (< monoandroid) (< net45) (>= netstandard1.1) (< netstandard1.3) (< win8) (< wpa81))
      System.Diagnostics.Debug (>= 4.3) - restriction: || (>= dnxcore50) (&& (< monoandroid) (< monotouch) (< net45) (>= netstandard1.3) (< win8) (< wpa81) (< xamarinios) (< xamarinmac) (< xamarintvos) (< xamarinwatchos))
      System.Diagnostics.Tracing (>= 4.3) - restriction: || (>= dnxcore50) (&& (< monoandroid) (< monotouch) (< net45) (>= netstandard1.3) (< win8) (< wpa81) (< xamarinios) (< xamarinmac) (< xamarintvos) (< xamarinwatchos))
      System.Resources.ResourceManager (>= 4.3) - restriction: || (>= dnxcore50) (&& (< monoandroid) (< monotouch) (< net45) (>= netstandard1.3) (< win8) (< wpa81) (< xamarinios) (< xamarinmac) (< xamarintvos) (< xamarinwatchos))
      System.Runtime (>= 4.3) - restriction: || (>= dnxcore50) (&& (< monoandroid) (< monotouch) (< net45) (>= netstandard1.3) (< win8) (< wpa81) (< xamarinios) (< xamarinmac) (< xamarintvos) (< xamarinwatchos)) (&& (< monoandroid) (< net45) (>= netstandard1.1) (< netstandard1.3) (< win8) (< wpa81))
      System.Runtime.Extensions (>= 4.3) - restriction: || (>= dnxcore50) (&& (< monoandroid) (< monotouch) (< net45) (>= netstandard1.3) (< win8) (< wpa81) (< xamarinios) (< xamarinmac) (< xamarintvos) (< xamarinwatchos))
      System.Threading (>= 4.3) - restriction: || (>= dnxcore50) (&& (< monoandroid) (< monotouch) (< net45) (>= netstandard1.3) (< win8) (< wpa81) (< xamarinios) (< xamarinmac) (< xamarintvos) (< xamarinwatchos))
      System.Threading.Tasks (>= 4.3) - restriction: || (>= dnxcore50) (&& (< monoandroid) (< monotouch) (< net45) (>= netstandard1.3) (< win8) (< wpa81) (< xamarinios) (< xamarinmac) (< xamarintvos) (< xamarinwatchos)) (&& (< monoandroid) (< net45) (>= netstandard1.1) (< netstandard1.3) (< win8) (< wpa81))
    System.Threading.Thread (4.3) - restriction: >= netcoreapp1.0
      System.Runtime (>= 4.3) - restriction: && (< monoandroid) (< monotouch) (< net46) (>= netstandard1.3) (< xamarinios) (< xamarinmac) (< xamarintvos) (< xamarinwatchos)
    System.Threading.ThreadPool (4.3) - restriction: >= netcoreapp1.0
      System.Runtime (>= 4.3) - restriction: && (< monoandroid) (< monotouch) (< net46) (>= netstandard1.3) (< xamarinios) (< xamarinmac) (< xamarintvos) (< xamarinwatchos)
      System.Runtime.Handles (>= 4.3) - restriction: && (< monoandroid) (< monotouch) (< net46) (>= netstandard1.3) (< xamarinios) (< xamarinmac) (< xamarintvos) (< xamarinwatchos)
    System.ValueTuple (4.5) - restriction: || (&& (>= net45) (< net46) (< netstandard1.6) (>= netstandard2.0)) (&& (< net45) (>= netstandard2.0)) (&& (>= net46) (< netstandard1.6) (>= netstandard2.0)) (>= net461) (>= netcoreapp2.1)
    System.Xml.ReaderWriter (4.3.1) - restriction: || (&& (>= dnxcore50) (>= net461)) (&& (>= dnxcore50) (>= netstandard2.0)) (&& (< monoandroid) (< net45) (< netstandard1.3) (>= netstandard2.0) (< win8) (< wpa81)) (&& (< monoandroid) (< net45) (>= netstandard2.0) (< win8) (< wpa81) (< xamarinios)) (&& (< net45) (>= net461)) (>= netcoreapp1.0)
      System.Collections (>= 4.3) - restriction: || (>= dnxcore50) (&& (< monoandroid) (< monotouch) (< net45) (>= netstandard1.3) (< win8) (< wpa81) (< xamarinios) (< xamarinmac) (< xamarintvos) (< xamarinwatchos))
      System.Diagnostics.Debug (>= 4.3) - restriction: || (>= dnxcore50) (&& (< monoandroid) (< monotouch) (< net45) (>= netstandard1.3) (< win8) (< wpa81) (< xamarinios) (< xamarinmac) (< xamarintvos) (< xamarinwatchos))
      System.Globalization (>= 4.3) - restriction: || (>= dnxcore50) (&& (< monoandroid) (< monotouch) (< net45) (>= netstandard1.3) (< win8) (< wpa81) (< xamarinios) (< xamarinmac) (< xamarintvos) (< xamarinwatchos))
      System.IO (>= 4.3) - restriction: || (>= dnxcore50) (&& (< monoandroid) (< monotouch) (< net45) (>= netstandard1.3) (< win8) (< wpa81) (< xamarinios) (< xamarinmac) (< xamarintvos) (< xamarinwatchos)) (&& (< monoandroid) (< net45) (>= netstandard1.0) (< netstandard1.3) (< win8) (< wp8) (< wpa81))
      System.IO.FileSystem (>= 4.3) - restriction: || (>= dnxcore50) (&& (< monoandroid) (< monotouch) (< net45) (>= netstandard1.3) (< win8) (< wpa81) (< xamarinios) (< xamarinmac) (< xamarintvos) (< xamarinwatchos))
      System.IO.FileSystem.Primitives (>= 4.3) - restriction: || (>= dnxcore50) (&& (< monoandroid) (< monotouch) (< net45) (>= netstandard1.3) (< win8) (< wpa81) (< xamarinios) (< xamarinmac) (< xamarintvos) (< xamarinwatchos))
      System.Resources.ResourceManager (>= 4.3) - restriction: || (>= dnxcore50) (&& (< monoandroid) (< monotouch) (< net45) (>= netstandard1.3) (< win8) (< wpa81) (< xamarinios) (< xamarinmac) (< xamarintvos) (< xamarinwatchos))
      System.Runtime (>= 4.3) - restriction: || (>= dnxcore50) (&& (< monoandroid) (< monotouch) (< net45) (>= netstandard1.3) (< win8) (< wpa81) (< xamarinios) (< xamarinmac) (< xamarintvos) (< xamarinwatchos)) (&& (< monoandroid) (< net45) (>= netstandard1.0) (< netstandard1.3) (< win8) (< wp8) (< wpa81))
      System.Runtime.Extensions (>= 4.3) - restriction: || (>= dnxcore50) (&& (< monoandroid) (< monotouch) (< net45) (>= netstandard1.3) (< win8) (< wpa81) (< xamarinios) (< xamarinmac) (< xamarintvos) (< xamarinwatchos))
      System.Runtime.InteropServices (>= 4.3) - restriction: || (>= dnxcore50) (&& (< monoandroid) (< monotouch) (< net45) (>= netstandard1.3) (< win8) (< wpa81) (< xamarinios) (< xamarinmac) (< xamarintvos) (< xamarinwatchos))
      System.Text.Encoding (>= 4.3) - restriction: || (>= dnxcore50) (&& (< monoandroid) (< monotouch) (< net45) (>= netstandard1.3) (< win8) (< wpa81) (< xamarinios) (< xamarinmac) (< xamarintvos) (< xamarinwatchos)) (&& (< monoandroid) (< net45) (>= netstandard1.0) (< netstandard1.3) (< win8) (< wp8) (< wpa81))
      System.Text.Encoding.Extensions (>= 4.3) - restriction: || (>= dnxcore50) (&& (< monoandroid) (< monotouch) (< net45) (>= netstandard1.3) (< win8) (< wpa81) (< xamarinios) (< xamarinmac) (< xamarintvos) (< xamarinwatchos))
      System.Text.RegularExpressions (>= 4.3) - restriction: || (>= dnxcore50) (&& (< monoandroid) (< monotouch) (< net45) (>= netstandard1.3) (< win8) (< wpa81) (< xamarinios) (< xamarinmac) (< xamarintvos) (< xamarinwatchos))
      System.Threading.Tasks (>= 4.3) - restriction: || (>= dnxcore50) (&& (< monoandroid) (< monotouch) (< net45) (>= netstandard1.3) (< win8) (< wpa81) (< xamarinios) (< xamarinmac) (< xamarintvos) (< xamarinwatchos)) (&& (< monoandroid) (< net45) (>= netstandard1.0) (< netstandard1.3) (< win8) (< wp8) (< wpa81))
      System.Threading.Tasks.Extensions (>= 4.3) - restriction: || (>= dnxcore50) (&& (< monoandroid) (< monotouch) (< net45) (>= netstandard1.3) (< win8) (< wpa81) (< xamarinios) (< xamarinmac) (< xamarintvos) (< xamarinwatchos))
    System.Xml.XDocument (4.3) - restriction: >= netcoreapp1.0
      System.Collections (>= 4.3) - restriction: || (>= dnxcore50) (&& (< monoandroid) (< monotouch) (< net45) (>= netstandard1.3) (< win8) (< wpa81) (< xamarinios) (< xamarinmac) (< xamarintvos) (< xamarinwatchos))
      System.Diagnostics.Debug (>= 4.3) - restriction: || (>= dnxcore50) (&& (< monoandroid) (< monotouch) (< net45) (>= netstandard1.3) (< win8) (< wpa81) (< xamarinios) (< xamarinmac) (< xamarintvos) (< xamarinwatchos))
      System.Diagnostics.Tools (>= 4.3) - restriction: || (>= dnxcore50) (&& (< monoandroid) (< monotouch) (< net45) (>= netstandard1.3) (< win8) (< wpa81) (< xamarinios) (< xamarinmac) (< xamarintvos) (< xamarinwatchos))
      System.Globalization (>= 4.3) - restriction: || (>= dnxcore50) (&& (< monoandroid) (< monotouch) (< net45) (>= netstandard1.3) (< win8) (< wpa81) (< xamarinios) (< xamarinmac) (< xamarintvos) (< xamarinwatchos))
      System.IO (>= 4.3) - restriction: || (>= dnxcore50) (&& (< monoandroid) (< monotouch) (< net45) (>= netstandard1.3) (< win8) (< wpa81) (< xamarinios) (< xamarinmac) (< xamarintvos) (< xamarinwatchos)) (&& (< monoandroid) (< net45) (>= netstandard1.0) (< netstandard1.3) (< win8) (< wp8) (< wpa81))
      System.Reflection (>= 4.3) - restriction: || (>= dnxcore50) (&& (< monoandroid) (< monotouch) (< net45) (>= netstandard1.3) (< win8) (< wpa81) (< xamarinios) (< xamarinmac) (< xamarintvos) (< xamarinwatchos))
      System.Resources.ResourceManager (>= 4.3) - restriction: || (>= dnxcore50) (&& (< monoandroid) (< monotouch) (< net45) (>= netstandard1.3) (< win8) (< wpa81) (< xamarinios) (< xamarinmac) (< xamarintvos) (< xamarinwatchos))
      System.Runtime (>= 4.3) - restriction: || (>= dnxcore50) (&& (< monoandroid) (< monotouch) (< net45) (>= netstandard1.3) (< win8) (< wpa81) (< xamarinios) (< xamarinmac) (< xamarintvos) (< xamarinwatchos)) (&& (< monoandroid) (< net45) (>= netstandard1.0) (< netstandard1.3) (< win8) (< wp8) (< wpa81))
      System.Runtime.Extensions (>= 4.3) - restriction: || (>= dnxcore50) (&& (< monoandroid) (< monotouch) (< net45) (>= netstandard1.3) (< win8) (< wpa81) (< xamarinios) (< xamarinmac) (< xamarintvos) (< xamarinwatchos))
      System.Text.Encoding (>= 4.3) - restriction: || (>= dnxcore50) (&& (< monoandroid) (< monotouch) (< net45) (>= netstandard1.3) (< win8) (< wpa81) (< xamarinios) (< xamarinmac) (< xamarintvos) (< xamarinwatchos))
      System.Threading (>= 4.3) - restriction: || (>= dnxcore50) (&& (< monoandroid) (< monotouch) (< net45) (>= netstandard1.3) (< win8) (< wpa81) (< xamarinios) (< xamarinmac) (< xamarintvos) (< xamarinwatchos))
      System.Xml.ReaderWriter (>= 4.3) - restriction: || (>= dnxcore50) (&& (< monoandroid) (< monotouch) (< net45) (>= netstandard1.3) (< win8) (< wpa81) (< xamarinios) (< xamarinmac) (< xamarintvos) (< xamarinwatchos)) (&& (< monoandroid) (< net45) (>= netstandard1.0) (< netstandard1.3) (< win8) (< wp8) (< wpa81))
    System.Xml.XmlDocument (4.3) - restriction: || (&& (>= dnxcore50) (>= net461)) (&& (>= dnxcore50) (>= netstandard2.0)) (&& (< monoandroid) (< net45) (>= netstandard2.0) (< win8) (< wpa81) (< xamarinios)) (&& (< net45) (>= net461)) (>= netcoreapp1.0)
      System.Collections (>= 4.3) - restriction: && (< monoandroid) (< monotouch) (< net46) (>= netstandard1.3) (< xamarinios) (< xamarinmac) (< xamarintvos) (< xamarinwatchos)
      System.Diagnostics.Debug (>= 4.3) - restriction: && (< monoandroid) (< monotouch) (< net46) (>= netstandard1.3) (< xamarinios) (< xamarinmac) (< xamarintvos) (< xamarinwatchos)
      System.Globalization (>= 4.3) - restriction: && (< monoandroid) (< monotouch) (< net46) (>= netstandard1.3) (< xamarinios) (< xamarinmac) (< xamarintvos) (< xamarinwatchos)
      System.IO (>= 4.3) - restriction: && (< monoandroid) (< monotouch) (< net46) (>= netstandard1.3) (< xamarinios) (< xamarinmac) (< xamarintvos) (< xamarinwatchos)
      System.Resources.ResourceManager (>= 4.3) - restriction: && (< monoandroid) (< monotouch) (< net46) (>= netstandard1.3) (< xamarinios) (< xamarinmac) (< xamarintvos) (< xamarinwatchos)
      System.Runtime (>= 4.3) - restriction: && (< monoandroid) (< monotouch) (< net46) (>= netstandard1.3) (< xamarinios) (< xamarinmac) (< xamarintvos) (< xamarinwatchos)
      System.Runtime.Extensions (>= 4.3) - restriction: && (< monoandroid) (< monotouch) (< net46) (>= netstandard1.3) (< xamarinios) (< xamarinmac) (< xamarintvos) (< xamarinwatchos)
      System.Text.Encoding (>= 4.3) - restriction: && (< monoandroid) (< monotouch) (< net46) (>= netstandard1.3) (< xamarinios) (< xamarinmac) (< xamarintvos) (< xamarinwatchos)
      System.Threading (>= 4.3) - restriction: && (< monoandroid) (< monotouch) (< net46) (>= netstandard1.3) (< xamarinios) (< xamarinmac) (< xamarintvos) (< xamarinwatchos)
      System.Xml.ReaderWriter (>= 4.3) - restriction: && (< monoandroid) (< monotouch) (< net46) (>= netstandard1.3) (< xamarinios) (< xamarinmac) (< xamarintvos) (< xamarinwatchos)
    System.Xml.XmlSerializer (4.3) - restriction: || (>= net461) (>= netcoreapp1.0) (>= netstandard2.0)
      System.Collections (>= 4.3) - restriction: || (>= dnxcore50) (&& (< monoandroid) (< monotouch) (< net45) (>= netstandard1.3) (< win8) (< wpa81) (< xamarinios) (< xamarinmac) (< xamarintvos) (< xamarinwatchos))
      System.Globalization (>= 4.3) - restriction: || (>= dnxcore50) (&& (< monoandroid) (< monotouch) (< net45) (>= netstandard1.3) (< win8) (< wpa81) (< xamarinios) (< xamarinmac) (< xamarintvos) (< xamarinwatchos))
      System.IO (>= 4.3) - restriction: || (>= dnxcore50) (&& (< monoandroid) (< monotouch) (< net45) (>= netstandard1.3) (< win8) (< wpa81) (< xamarinios) (< xamarinmac) (< xamarintvos) (< xamarinwatchos)) (&& (< monoandroid) (< net45) (>= netstandard1.0) (< netstandard1.3) (< win8) (< wp8) (< wpa81))
      System.Linq (>= 4.3) - restriction: || (>= dnxcore50) (&& (< monoandroid) (< monotouch) (< net45) (>= netstandard1.3) (< win8) (< wpa81) (< xamarinios) (< xamarinmac) (< xamarintvos) (< xamarinwatchos))
      System.Reflection (>= 4.3) - restriction: || (>= dnxcore50) (&& (< monoandroid) (< monotouch) (< net45) (>= netstandard1.3) (< win8) (< wpa81) (< xamarinios) (< xamarinmac) (< xamarintvos) (< xamarinwatchos))
      System.Reflection.Emit (>= 4.3) - restriction: || (>= dnxcore50) (&& (< monoandroid) (< monotouch) (< net45) (>= netstandard1.3) (< win8) (< wpa81) (< xamarinios) (< xamarinmac) (< xamarintvos) (< xamarinwatchos))
      System.Reflection.Emit.ILGeneration (>= 4.3) - restriction: || (>= dnxcore50) (&& (< monoandroid) (< monotouch) (< net45) (>= netstandard1.3) (< win8) (< wpa81) (< xamarinios) (< xamarinmac) (< xamarintvos) (< xamarinwatchos))
      System.Reflection.Extensions (>= 4.3) - restriction: || (>= dnxcore50) (&& (< monoandroid) (< monotouch) (< net45) (>= netstandard1.3) (< win8) (< wpa81) (< xamarinios) (< xamarinmac) (< xamarintvos) (< xamarinwatchos))
      System.Reflection.Primitives (>= 4.3) - restriction: || (>= dnxcore50) (&& (< monoandroid) (< monotouch) (< net45) (>= netstandard1.3) (< win8) (< wpa81) (< xamarinios) (< xamarinmac) (< xamarintvos) (< xamarinwatchos))
      System.Reflection.TypeExtensions (>= 4.3) - restriction: || (>= dnxcore50) (&& (< monoandroid) (< monotouch) (< net45) (>= netstandard1.3) (< win8) (< wpa81) (< xamarinios) (< xamarinmac) (< xamarintvos) (< xamarinwatchos))
      System.Resources.ResourceManager (>= 4.3) - restriction: || (>= dnxcore50) (&& (< monoandroid) (< monotouch) (< net45) (>= netstandard1.3) (< win8) (< wpa81) (< xamarinios) (< xamarinmac) (< xamarintvos) (< xamarinwatchos))
      System.Runtime (>= 4.3) - restriction: || (>= dnxcore50) (&& (< monoandroid) (< monotouch) (< net45) (>= netstandard1.3) (< win8) (< wpa81) (< xamarinios) (< xamarinmac) (< xamarintvos) (< xamarinwatchos)) (&& (< monoandroid) (< net45) (>= netstandard1.0) (< netstandard1.3) (< win8) (< wp8) (< wpa81))
      System.Runtime.Extensions (>= 4.3) - restriction: || (>= dnxcore50) (&& (< monoandroid) (< monotouch) (< net45) (>= netstandard1.3) (< win8) (< wpa81) (< xamarinios) (< xamarinmac) (< xamarintvos) (< xamarinwatchos))
      System.Text.RegularExpressions (>= 4.3) - restriction: || (>= dnxcore50) (&& (< monoandroid) (< monotouch) (< net45) (>= netstandard1.3) (< win8) (< wpa81) (< xamarinios) (< xamarinmac) (< xamarintvos) (< xamarinwatchos))
      System.Threading (>= 4.3) - restriction: || (>= dnxcore50) (&& (< monoandroid) (< monotouch) (< net45) (>= netstandard1.3) (< win8) (< wpa81) (< xamarinios) (< xamarinmac) (< xamarintvos) (< xamarinwatchos))
      System.Xml.ReaderWriter (>= 4.3) - restriction: || (>= dnxcore50) (&& (< monoandroid) (< monotouch) (< net45) (>= netstandard1.3) (< win8) (< wpa81) (< xamarinios) (< xamarinmac) (< xamarintvos) (< xamarinwatchos)) (&& (< monoandroid) (< net45) (>= netstandard1.0) (< netstandard1.3) (< win8) (< wp8) (< wpa81))
      System.Xml.XmlDocument (>= 4.3) - restriction: || (>= dnxcore50) (&& (< monoandroid) (< monotouch) (< net45) (>= netstandard1.3) (< win8) (< wpa81) (< xamarinios) (< xamarinmac) (< xamarintvos) (< xamarinwatchos))
    System.Xml.XPath (4.3) - restriction: >= netcoreapp1.0
      System.Collections (>= 4.3) - restriction: && (< monoandroid) (< monotouch) (< net46) (>= netstandard1.3) (< xamarinios) (< xamarinmac) (< xamarintvos) (< xamarinwatchos)
      System.Diagnostics.Debug (>= 4.3) - restriction: && (< monoandroid) (< monotouch) (< net46) (>= netstandard1.3) (< xamarinios) (< xamarinmac) (< xamarintvos) (< xamarinwatchos)
      System.Globalization (>= 4.3) - restriction: && (< monoandroid) (< monotouch) (< net46) (>= netstandard1.3) (< xamarinios) (< xamarinmac) (< xamarintvos) (< xamarinwatchos)
      System.IO (>= 4.3) - restriction: && (< monoandroid) (< monotouch) (< net46) (>= netstandard1.3) (< xamarinios) (< xamarinmac) (< xamarintvos) (< xamarinwatchos)
      System.Resources.ResourceManager (>= 4.3) - restriction: && (< monoandroid) (< monotouch) (< net46) (>= netstandard1.3) (< xamarinios) (< xamarinmac) (< xamarintvos) (< xamarinwatchos)
      System.Runtime (>= 4.3) - restriction: && (< monoandroid) (< monotouch) (< net46) (>= netstandard1.3) (< xamarinios) (< xamarinmac) (< xamarintvos) (< xamarinwatchos)
      System.Runtime.Extensions (>= 4.3) - restriction: && (< monoandroid) (< monotouch) (< net46) (>= netstandard1.3) (< xamarinios) (< xamarinmac) (< xamarintvos) (< xamarinwatchos)
      System.Threading (>= 4.3) - restriction: && (< monoandroid) (< monotouch) (< net46) (>= netstandard1.3) (< xamarinios) (< xamarinmac) (< xamarintvos) (< xamarinwatchos)
      System.Xml.ReaderWriter (>= 4.3) - restriction: && (< monoandroid) (< monotouch) (< net46) (>= netstandard1.3) (< xamarinios) (< xamarinmac) (< xamarintvos) (< xamarinwatchos)
    System.Xml.XPath.XDocument (4.3) - restriction: >= netcoreapp2.1
      System.Diagnostics.Debug (>= 4.3) - restriction: && (< monoandroid) (< monotouch) (< net46) (>= netstandard1.3) (< xamarinios) (< xamarinmac) (< xamarintvos) (< xamarinwatchos)
      System.Linq (>= 4.3) - restriction: && (< monoandroid) (< monotouch) (< net46) (>= netstandard1.3) (< xamarinios) (< xamarinmac) (< xamarintvos) (< xamarinwatchos)
      System.Resources.ResourceManager (>= 4.3) - restriction: && (< monoandroid) (< monotouch) (< net46) (>= netstandard1.3) (< xamarinios) (< xamarinmac) (< xamarintvos) (< xamarinwatchos)
      System.Runtime (>= 4.3) - restriction: && (< monoandroid) (< monotouch) (< net46) (>= netstandard1.3) (< xamarinios) (< xamarinmac) (< xamarintvos) (< xamarinwatchos)
      System.Runtime.Extensions (>= 4.3) - restriction: && (< monoandroid) (< monotouch) (< net46) (>= netstandard1.3) (< xamarinios) (< xamarinmac) (< xamarintvos) (< xamarinwatchos)
      System.Threading (>= 4.3) - restriction: && (< monoandroid) (< monotouch) (< net46) (>= netstandard1.3) (< xamarinios) (< xamarinmac) (< xamarintvos) (< xamarinwatchos)
      System.Xml.ReaderWriter (>= 4.3) - restriction: && (< monoandroid) (< monotouch) (< net46) (>= netstandard1.3) (< xamarinios) (< xamarinmac) (< xamarintvos) (< xamarinwatchos)
      System.Xml.XDocument (>= 4.3) - restriction: && (< monoandroid) (< monotouch) (< net46) (>= netstandard1.3) (< xamarinios) (< xamarinmac) (< xamarintvos) (< xamarinwatchos)
      System.Xml.XPath (>= 4.3) - restriction: || (&& (< monoandroid) (< monotouch) (>= netstandard1.3) (< xamarinios) (< xamarinmac) (< xamarintvos) (< xamarinwatchos)) (>= net46)
    System.Xml.XPath.XmlDocument (4.3) - restriction: >= netcoreapp1.0
      System.Collections (>= 4.3) - restriction: && (< monoandroid) (< monotouch) (< net46) (>= netstandard1.3) (< xamarinios) (< xamarinmac) (< xamarintvos) (< xamarinwatchos)
      System.Globalization (>= 4.3) - restriction: && (< monoandroid) (< monotouch) (< net46) (>= netstandard1.3) (< xamarinios) (< xamarinmac) (< xamarintvos) (< xamarinwatchos)
      System.IO (>= 4.3) - restriction: && (< monoandroid) (< monotouch) (< net46) (>= netstandard1.3) (< xamarinios) (< xamarinmac) (< xamarintvos) (< xamarinwatchos)
      System.Resources.ResourceManager (>= 4.3) - restriction: && (< monoandroid) (< monotouch) (< net46) (>= netstandard1.3) (< xamarinios) (< xamarinmac) (< xamarintvos) (< xamarinwatchos)
      System.Runtime (>= 4.3) - restriction: && (< monoandroid) (< monotouch) (< net46) (>= netstandard1.3) (< xamarinios) (< xamarinmac) (< xamarintvos) (< xamarinwatchos)
      System.Runtime.Extensions (>= 4.3) - restriction: && (< monoandroid) (< monotouch) (< net46) (>= netstandard1.3) (< xamarinios) (< xamarinmac) (< xamarintvos) (< xamarinwatchos)
      System.Threading (>= 4.3) - restriction: && (< monoandroid) (< monotouch) (< net46) (>= netstandard1.3) (< xamarinios) (< xamarinmac) (< xamarintvos) (< xamarinwatchos)
      System.Xml.ReaderWriter (>= 4.3) - restriction: && (< monoandroid) (< monotouch) (< net46) (>= netstandard1.3) (< xamarinios) (< xamarinmac) (< xamarintvos) (< xamarinwatchos)
      System.Xml.XmlDocument (>= 4.3) - restriction: || (&& (< monoandroid) (< monotouch) (>= netstandard1.3) (< xamarinios) (< xamarinmac) (< xamarintvos) (< xamarinwatchos)) (>= net46)
      System.Xml.XPath (>= 4.3) - restriction: || (&& (< monoandroid) (< monotouch) (>= netstandard1.3) (< xamarinios) (< xamarinmac) (< xamarintvos) (< xamarinwatchos)) (>= net46)
    TaskBuilder.fs (2.1) - restriction: || (>= net461) (>= netstandard2.0)
      FSharp.Core (>= 4.1.17) - restriction: || (&& (>= net45) (< net46) (< netstandard1.6)) (&& (< net45) (>= netstandard1.6)) (&& (>= net46) (< netstandard1.6)) (>= net47)
      NETStandard.Library (>= 1.6.1) - restriction: && (< net45) (>= netstandard1.6)
      System.ValueTuple (>= 4.4) - restriction: || (&& (>= net45) (< net46) (< netstandard1.6)) (&& (< net45) (>= netstandard1.6)) (&& (>= net46) (< netstandard1.6)) (>= net47)
    Utf8Json (1.3.7) - restriction: || (>= net461) (>= netstandard2.0)
      System.Reflection.Emit (>= 4.3) - restriction: || (&& (>= net45) (< netstandard2.0)) (&& (< net45) (>= netstandard2.0)) (>= net47)
      System.Reflection.Emit.Lightweight (>= 4.3) - restriction: || (&& (>= net45) (< netstandard2.0)) (&& (< net45) (>= netstandard2.0)) (>= net47)
      System.Threading.Tasks.Extensions (>= 4.4) - restriction: || (&& (>= net45) (< netstandard2.0)) (&& (< net45) (>= netstandard2.0)) (>= net47)
      System.ValueTuple (>= 4.4) - restriction: || (&& (>= net45) (< netstandard2.0)) (&& (< net45) (>= netstandard2.0)) (>= net47)
    xunit (2.4.1)
      xunit.analyzers (>= 0.10)
      xunit.assert (2.4.1)
      xunit.core (2.4.1)
    xunit.abstractions (2.0.3) - restriction: >= netstandard1.1
      NETStandard.Library (>= 1.6) - restriction: && (< net35) (>= netstandard1.0) (< netstandard2.0)
    xunit.analyzers (0.10)
    xunit.assert (2.4.1)
      NETStandard.Library (>= 1.6.1) - restriction: && (< net452) (>= netstandard1.1)
    xunit.core (2.4.1)
      xunit.extensibility.core (2.4.1)
      xunit.extensibility.execution (2.4.1)
    xunit.extensibility.core (2.4.1)
      NETStandard.Library (>= 1.6.1) - restriction: && (< net452) (>= netstandard1.1)
      xunit.abstractions (>= 2.0.3) - restriction: >= netstandard1.1
    xunit.extensibility.execution (2.4.1)
      NETStandard.Library (>= 1.6.1) - restriction: && (< net452) (>= netstandard1.1)
      xunit.extensibility.core (2.4.1) - restriction: >= netstandard1.1
    xunit.runner.visualstudio (2.4.1)
      Microsoft.NET.Test.Sdk (>= 15.0) - restriction: >= netcoreapp1.0
